GEM
  remote: https://rubygems.org/
  specs:
    business (1.18.0)
    openssl (2.1.2)
    statesman (1.3.1)

PLATFORMS
  ruby

DEPENDENCIES
  business (~> 1.4)
  openssl (~> 2.1.2)
  statesman (~> 1.2)

BUNDLED WITH
   2.2.0
