GEM
  remote: https://rubygems.org/
  remote: https://wxuokzLuQTRgMGtEYMPJ@repo.fury.io/greysteil/
  specs:
    business (1.5.0)
    statesman (2.0.1)

PLATFORMS
  ruby

DEPENDENCIES
  business!
  statesman

BUNDLED WITH
   2.2.0
