GIT
  remote: git@github.com:dependabot-fixtures/ruby-dummy-git-dependency
  revision: 20151f9b67c8a04461fa0ee28385b6187b86587b
  ref: v1.0.0
  specs:
    dummy-git-dependency (1.0.0)

GEM
  remote: https://rubygems.org/
  specs:

PLATFORMS
  ruby

DEPENDENCIES
  dummy-git-dependency!

BUNDLED WITH
   2.2.0
