GEM
  remote: https://rubygems.org/
  specs:
    business (1.4.0)
    statesman (1.2.1)

PLATFORMS
  ruby

DEPENDENCIES
  business (~> 1.4.0)
  statesman (~> 1.2.0)
