PATH
  remote: bun
  specs:
    dependabot-bun (0.324.1)
      dependabot-common (= 0.324.1)

PATH
  remote: bundler
  specs:
    dependabot-bundler (0.324.1)
      dependabot-common (= 0.324.1)
      parallel (~> 1.24)

PATH
  remote: cargo
  specs:
    dependabot-cargo (0.324.1)
      dependabot-common (= 0.324.1)

PATH
  remote: common
  specs:
    dependabot-common (0.324.1)
      aws-sdk-codecommit (~> 1.28)
      aws-sdk-ecr (~> 1.5)
      bundler (>= 1.16, < 3.0.0)
      commonmarker (~> 2.3)
      docker_registry2 (~> 1.18)
      excon (~> 1.2)
      faraday (~> 2.7)
      faraday-retry (~> 2.2)
      gitlab (~> 5.0)
      json (< 2.12)
      nokogiri (~> 1.8)
      octokit (~> 7.2)
      opentelemetry-api (~> 1.5)
      opentelemetry-logs-api (~> 0.2)
      opentelemetry-metrics-api (~> 0.3)
      ostruct (~> 0.6)
      parser (~> 3.3)
      psych (~> 5.0)
      sorbet-runtime (~> 0.5)
      stackprof (~> 0.2)
      toml-rb (~> 4.0)

PATH
  remote: composer
  specs:
    dependabot-composer (0.324.1)
      dependabot-common (= 0.324.1)

PATH
  remote: conda
  specs:
    dependabot-conda (0.324.1)
      dependabot-common (= 0.324.1)
      dependabot-python (= 0.324.1)

PATH
  remote: devcontainers
  specs:
    dependabot-devcontainers (0.324.1)
      dependabot-common (= 0.324.1)

PATH
  remote: docker_compose
  specs:
    dependabot-docker_compose (0.324.1)
      dependabot-common (= 0.324.1)
      dependabot-docker (= 0.324.1)

PATH
  remote: docker
  specs:
    dependabot-docker (0.324.1)
      dependabot-common (= 0.324.1)

PATH
  remote: dotnet_sdk
  specs:
    dependabot-dotnet_sdk (0.324.1)
      dependabot-common (= 0.324.1)

PATH
  remote: elm
  specs:
    dependabot-elm (0.324.1)
      dependabot-common (= 0.324.1)

PATH
  remote: git_submodules
  specs:
    dependabot-git_submodules (0.324.1)
      dependabot-common (= 0.324.1)
      parseconfig (~> 1.0, < 1.1.0)

PATH
  remote: github_actions
  specs:
    dependabot-github_actions (0.324.1)
      dependabot-common (= 0.324.1)

PATH
  remote: go_modules
  specs:
    dependabot-go_modules (0.324.1)
      dependabot-common (= 0.324.1)

PATH
  remote: gradle
  specs:
    dependabot-gradle (0.324.1)
      dependabot-common (= 0.324.1)
      dependabot-maven (= 0.324.1)

PATH
  remote: helm
  specs:
    dependabot-helm (0.324.1)
      dependabot-common (= 0.324.1)
      dependabot-docker (= 0.324.1)

PATH
  remote: hex
  specs:
    dependabot-hex (0.324.1)
      dependabot-common (= 0.324.1)

PATH
  remote: maven
  specs:
    dependabot-maven (0.324.1)
      dependabot-common (= 0.324.1)

PATH
  remote: npm_and_yarn
  specs:
    dependabot-npm_and_yarn (0.324.1)
      dependabot-common (= 0.324.1)

PATH
  remote: nuget
  specs:
    dependabot-nuget (0.324.1)
      dependabot-common (= 0.324.1)

PATH
  remote: pub
  specs:
    dependabot-pub (0.324.1)
      dependabot-common (= 0.324.1)

PATH
  remote: python
  specs:
    dependabot-python (0.324.1)
      dependabot-common (= 0.324.1)

PATH
  remote: rust_toolchain
  specs:
    dependabot-rust_toolchain (0.324.1)
      dependabot-common (= 0.324.1)

PATH
  remote: silent
  specs:
    dependabot-silent (0.324.1)
      dependabot-common (= 0.324.1)

PATH
  remote: swift
  specs:
    dependabot-swift (0.324.1)
      dependabot-common (= 0.324.1)

PATH
  remote: terraform
  specs:
    dependabot-terraform (0.324.1)
      dependabot-common (= 0.324.1)

PATH
  remote: uv
  specs:
    dependabot-uv (0.324.1)
      dependabot-common (= 0.324.1)

PATH
  remote: vcpkg
  specs:
    dependabot-vcpkg (0.324.1)
      dependabot-common (= 0.324.1)

GEM
  remote: https://rubygems.org/
  specs:
    addressable (2.8.6)
      public_suffix (>= 2.0.2, < 6.0)
    ast (2.4.2)
    aws-eventstream (1.3.0)
    aws-partitions (1.877.0)
    aws-sdk-codecommit (1.63.0)
      aws-sdk-core (~> 3, >= 3.188.0)
      aws-sigv4 (~> 1.1)
    aws-sdk-core (3.190.1)
      aws-eventstream (~> 1, >= 1.3.0)
      aws-partitions (~> 1, >= 1.651.0)
      aws-sigv4 (~> 1.8)
      jmespath (~> 1, >= 1.6.1)
    aws-sdk-ecr (1.68.0)
      aws-sdk-core (~> 3, >= 3.188.0)
      aws-sigv4 (~> 1.1)
    aws-sigv4 (1.8.0)
      aws-eventstream (~> 1, >= 1.0.2)
    base64 (0.2.0)
    benchmark (0.4.0)
    bigdecimal (3.1.8)
    citrus (3.0.2)
    commonmarker (2.3.1-arm64-darwin)
    crack (1.0.0)
      bigdecimal
      rexml
    csv (3.3.0)
    date (3.4.1)
    debug (1.9.2)
      irb (~> 1.10)
      reline (>= 0.3.8)
    diff-lcs (1.6.2)
    docile (1.4.0)
    docker_registry2 (1.18.2)
      rest-client (>= 1.8.0)
    domain_name (0.6.20231109)
    erubi (1.13.1)
    excon (1.2.5)
      logger
    faraday (2.7.11)
      base64
      faraday-net_http (>= 2.0, < 3.1)
      ruby2_keywords (>= 0.0.4)
    faraday-net_http (3.0.2)
    faraday-retry (2.2.0)
      faraday (~> 2.0)
    gitlab (5.1.0)
      base64 (~> 0.2.0)
      httparty (~> 0.20)
      terminal-table (>= 1.5.1)
    gpgme (2.0.25)
      mini_portile2 (~> 2.7)
    hashdiff (1.1.0)
    http-accept (1.7.0)
    http-cookie (1.0.5)
      domain_name (~> 0.5)
    httparty (0.22.0)
      csv
      mini_mime (>= 1.0.0)
      multi_xml (>= 0.5.2)
    io-console (0.8.0)
    irb (1.12.0)
      rdoc
      reline (>= 0.4.2)
    jmespath (1.6.2)
    json (2.11.3)
    language_server-protocol (3.17.0.3)
    logger (1.7.0)
    mime-types (3.5.2)
      mime-types-data (~> 3.2015)
    mime-types-data (3.2023.1205)
    mini_mime (1.1.5)
    mini_portile2 (2.8.9)
    multi_xml (0.7.1)
      bigdecimal (~> 3.1)
    netrc (0.11.0)
    nokogiri (1.18.1-arm64-darwin)
      racc (~> 1.4)
    octokit (7.2.0)
      faraday (>= 1, < 3)
      sawyer (~> 0.9)
    opentelemetry-api (1.5.0)
    opentelemetry-logs-api (0.2.0)
      opentelemetry-api (~> 1.0)
    opentelemetry-metrics-api (0.3.0)
      opentelemetry-api (~> 1.0)
    ostruct (0.6.1)
    parallel (1.27.0)
    parallel_tests (4.10.1)
      parallel
    parseconfig (1.0.8)
    parser (3.3.7.1)
      ast (~> 2.4.1)
      racc
    prism (1.4.0)
    psych (5.2.2)
      date
      stringio
    public_suffix (5.0.4)
    racc (1.8.1)
    rainbow (3.1.1)
    rake (13.2.1)
    rbi (0.2.2)
      prism (~> 1.0)
      sorbet-runtime (>= 0.5.9204)
    rdoc (6.10.0)
      psych (>= 4.0.0)
    regexp_parser (2.9.2)
    reline (0.6.1)
      io-console (~> 0.5)
    rest-client (2.1.0)
      http-accept (>= 1.7.0, < 2.0)
      http-cookie (>= 1.0.2, < 2.0)
      mime-types (>= 1.16, < 4.0)
      netrc (~> 0.8)
    rexml (3.4.1)
    rspec (3.13.1)
      rspec-core (~> 3.13.0)
      rspec-expectations (~> 3.13.0)
      rspec-mocks (~> 3.13.0)
    rspec-core (3.13.5)
      rspec-support (~> 3.13.0)
    rspec-expectations (3.13.5)
      diff-lcs (>= 1.2.0, < 2.0)
      rspec-support (~> 3.13.0)
    rspec-its (1.3.0)
      rspec-core (>= 3.0.0)
      rspec-expectations (>= 3.0.0)
    rspec-mocks (3.13.5)
      diff-lcs (>= 1.2.0, < 2.0)
      rspec-support (~> 3.13.0)
    rspec-sorbet (1.9.2)
      sorbet-runtime
    rspec-support (3.13.4)
    rubocop (1.67.0)
      json (~> 2.3)
      language_server-protocol (>= 3.17.0)
      parallel (~> 1.10)
      parser (>= 3.3.0.2)
      rainbow (>= 2.2.2, < 4.0)
      regexp_parser (>= 2.4, < 3.0)
      rubocop-ast (>= 1.32.2, < 2.0)
      ruby-progressbar (~> 1.7)
      unicode-display_width (>= 2.4.0, < 3.0)
    rubocop-ast (1.32.3)
      parser (>= 3.3.1.0)
    rubocop-capybara (2.20.0)
      rubocop (~> 1.41)
    rubocop-factory_bot (2.25.1)
      rubocop (~> 1.41)
    rubocop-performance (1.22.1)
      rubocop (>= 1.48.1, < 2.0)
      rubocop-ast (>= 1.31.1, < 2.0)
    rubocop-rspec (2.29.1)
      rubocop (~> 1.40)
      rubocop-capybara (~> 2.17)
      rubocop-factory_bot (~> 2.22)
      rubocop-rspec_rails (~> 2.28)
    rubocop-rspec_rails (2.28.3)
      rubocop (~> 1.40)
    rubocop-sorbet (0.8.7)
      rubocop (>= 1)
    ruby-progressbar (1.13.0)
    ruby2_keywords (0.0.5)
    sawyer (0.9.2)
      addressable (>= 2.3.5)
      faraday (>= 0.17.3, < 3)
    simplecov (0.22.0)
      docile (~> 1.1)
      simplecov-html (~> 0.11)
      simplecov_json_formatter (~> 0.1)
    simplecov-html (0.12.3)
    simplecov_json_formatter (0.1.4)
    sorbet (0.5.11952)
      sorbet-static (= 0.5.11952)
    sorbet-runtime (0.5.11952)
    sorbet-static (0.5.11952-universal-darwin)
    sorbet-static-and-runtime (0.5.11952)
      sorbet (= 0.5.11952)
      sorbet-runtime (= 0.5.11952)
    spoom (1.5.1)
      erubi (>= 1.10.0)
      prism (>= 0.28.0)
      sorbet-static-and-runtime (>= 0.5.10187)
      thor (>= 0.19.2)
    stackprof (0.2.25)
    stringio (3.1.2)
    tapioca (0.16.11)
      benchmark
      bundler (>= 2.2.25)
      netrc (>= 0.11.0)
      parallel (>= 1.21.0)
      rbi (~> 0.2)
      sorbet-static-and-runtime (>= 0.5.11087)
      spoom (>= 1.2.0)
      thor (>= 1.2.0)
      yard-sorbet
    terminal-table (3.0.2)
      unicode-display_width (>= 1.1.1, < 3)
    thor (1.3.2)
    toml-rb (4.0.0)
      citrus (~> 3.0, > 3.0)
      racc (~> 1.7)
    turbo_tests (2.2.5)
      parallel_tests (>= 3.3.0, < 5)
      rspec (>= 3.10)
    unicode-display_width (2.5.0)
    vcr (6.2.0)
    webmock (3.19.1)
      addressable (>= 2.8.0)
      crack (>= 0.3.2)
      hashdiff (>= 0.4.0, < 2.0.0)
    webrick (1.9.1)
    yard (0.9.37)
    yard-sorbet (0.9.0)
      sorbet-runtime
      yard
    zeitwerk (2.7.1)

PLATFORMS
  arm64-darwin
  universal-darwin

DEPENDENCIES
  debug (~> 1.9)
  dependabot-bun!
  dependabot-bundler!
  dependabot-cargo!
  dependabot-common!
  dependabot-composer!
  dependabot-conda!
  dependabot-devcontainers!
  dependabot-docker!
  dependabot-docker_compose!
  dependabot-dotnet_sdk!
  dependabot-elm!
  dependabot-git_submodules!
  dependabot-github_actions!
  dependabot-go_modules!
  dependabot-gradle!
  dependabot-helm!
  dependabot-hex!
  dependabot-maven!
  dependabot-npm_and_yarn!
  dependabot-nuget!
  dependabot-pub!
  dependabot-python!
  dependabot-rust_toolchain!
  dependabot-silent!
  dependabot-swift!
  dependabot-terraform!
  dependabot-uv!
  dependabot-vcpkg!
  gpgme (~> 2.0)
  rake (~> 13.2)
  rspec-its (~> 1.3)
  rspec-sorbet (~> 1.9)
  rubocop (~> 1.67)
  rubocop-performance (~> 1.22)
  rubocop-rspec (~> 2.29)
  rubocop-sorbet (~> 0.8)
  simplecov (~> 0.22)
  sorbet (= 0.5.11952)
  tapioca (= 0.16.11)
  turbo_tests (~> 2.2.5)
  vcr (~> 6.1)
  webmock (~> 3.18)
  webrick (~> 1.9)
  zeitwerk (~> 2.7)

BUNDLED WITH
   2.6.9
