PATH
  remote: bun
  specs:
    dependabot-bun (0.306.0)
      dependabot-common (= 0.306.0)

PATH
  remote: bundler
  specs:
    dependabot-bundler (0.306.0)
      dependabot-common (= 0.306.0)
      parallel (~> 1.24)

PATH
  remote: cargo
  specs:
    dependabot-cargo (0.306.0)
      dependabot-common (= 0.306.0)

PATH
  remote: common
  specs:
    dependabot-common (0.306.0)
      aws-sdk-codecommit (~> 1.28)
      aws-sdk-ecr (~> 1.5)
      bundler (>= 1.16, < 3.0.0)
      commonmarker (>= 0.20.1, < 0.24.0)
      docker_registry2 (~> 1.18.2)
      excon (~> 0.109)
      faraday (= 2.7.11)
      faraday-retry (= 2.2.0)
      gitlab (= 5.0.0)
      json (< 2.7)
      nokogiri (~> 1.8)
      octokit (>= 4.6, < 8.0)
      opentelemetry-api (~> 1.5)
      opentelemetry-logs-api (~> 0.2)
      opentelemetry-metrics-api (~> 0.3)
      parser (>= 2.5, < 4.0)
      psych (~> 5.0)
      sorbet-runtime (~> 0.5.11952)
      stackprof (~> 0.2.16)
      toml-rb (>= 1.1.2)

PATH
  remote: composer
  specs:
    dependabot-composer (0.306.0)
      dependabot-common (= 0.306.0)

PATH
  remote: devcontainers
  specs:
    dependabot-devcontainers (0.306.0)
      dependabot-common (= 0.306.0)

PATH
  remote: docker_compose
  specs:
    dependabot-docker_compose (0.306.0)
      dependabot-common (= 0.306.0)
      dependabot-docker (= 0.306.0)

PATH
  remote: docker
  specs:
    dependabot-docker (0.306.0)
      dependabot-common (= 0.306.0)

PATH
  remote: dotnet_sdk
  specs:
    dependabot-dotnet_sdk (0.306.0)
      dependabot-common (= 0.306.0)

PATH
  remote: elm
  specs:
    dependabot-elm (0.306.0)
      dependabot-common (= 0.306.0)

PATH
  remote: git_submodules
  specs:
    dependabot-git_submodules (0.306.0)
      dependabot-common (= 0.306.0)
      parseconfig (~> 1.0, < 1.1.0)

PATH
  remote: github_actions
  specs:
    dependabot-github_actions (0.306.0)
      dependabot-common (= 0.306.0)

PATH
  remote: go_modules
  specs:
    dependabot-go_modules (0.306.0)
      dependabot-common (= 0.306.0)

PATH
  remote: gradle
  specs:
    dependabot-gradle (0.306.0)
      dependabot-common (= 0.306.0)
      dependabot-maven (= 0.306.0)

PATH
  remote: helm
  specs:
    dependabot-helm (0.306.0)
      dependabot-common (= 0.306.0)
      dependabot-docker (= 0.306.0)

PATH
  remote: hex
  specs:
    dependabot-hex (0.306.0)
      dependabot-common (= 0.306.0)

PATH
  remote: maven
  specs:
    dependabot-maven (0.306.0)
      dependabot-common (= 0.306.0)

PATH
  remote: npm_and_yarn
  specs:
    dependabot-npm_and_yarn (0.306.0)
      dependabot-common (= 0.306.0)

PATH
  remote: nuget
  specs:
    dependabot-nuget (0.306.0)
      dependabot-common (= 0.306.0)
      rubyzip (>= 2.3.2, < 3.0)

PATH
  remote: pub
  specs:
    dependabot-pub (0.306.0)
      dependabot-common (= 0.306.0)

PATH
  remote: python
  specs:
    dependabot-python (0.306.0)
      dependabot-common (= 0.306.0)

PATH
  remote: silent
  specs:
    dependabot-silent (0.306.0)
      dependabot-common (= 0.306.0)

PATH
  remote: swift
  specs:
    dependabot-swift (0.306.0)
      dependabot-common (= 0.306.0)

PATH
  remote: terraform
  specs:
    dependabot-terraform (0.306.0)
      dependabot-common (= 0.306.0)

PATH
  remote: uv
  specs:
    dependabot-uv (0.306.0)
      dependabot-common (= 0.306.0)

GEM
  remote: https://rubygems.org/
  specs:
    addressable (2.8.6)
      public_suffix (>= 2.0.2, < 6.0)
    ast (2.4.2)
    aws-eventstream (1.3.0)
    aws-partitions (1.877.0)
    aws-sdk-codecommit (1.63.0)
      aws-sdk-core (~> 3, >= 3.188.0)
      aws-sigv4 (~> 1.1)
    aws-sdk-core (3.190.1)
      aws-eventstream (~> 1, >= 1.3.0)
      aws-partitions (~> 1, >= 1.651.0)
      aws-sigv4 (~> 1.8)
      jmespath (~> 1, >= 1.6.1)
    aws-sdk-ecr (1.68.0)
      aws-sdk-core (~> 3, >= 3.188.0)
      aws-sigv4 (~> 1.1)
    aws-sigv4 (1.8.0)
      aws-eventstream (~> 1, >= 1.0.2)
    base64 (0.2.0)
    benchmark (0.4.0)
    bigdecimal (3.1.8)
    citrus (3.0.2)
    commonmarker (0.23.10)
    crack (1.0.0)
      bigdecimal
      rexml
    csv (3.3.0)
    debug (1.9.2)
      irb (~> 1.10)
      reline (>= 0.3.8)
    diff-lcs (1.5.0)
    docile (1.4.0)
    docker_registry2 (1.18.2)
      rest-client (>= 1.8.0)
    domain_name (0.6.20231109)
    erubi (1.13.1)
    excon (0.110.0)
    faraday (2.7.11)
      base64
      faraday-net_http (>= 2.0, < 3.1)
      ruby2_keywords (>= 0.0.4)
    faraday-net_http (3.0.2)
    faraday-retry (2.2.0)
      faraday (~> 2.0)
    gitlab (5.0.0)
      httparty (~> 0.20)
      terminal-table (>= 1.5.1)
    gpgme (2.0.23)
      mini_portile2 (~> 2.7)
    hashdiff (1.1.0)
    http-accept (1.7.0)
    http-cookie (1.0.5)
      domain_name (~> 0.5)
    httparty (0.22.0)
      csv
      mini_mime (>= 1.0.0)
      multi_xml (>= 0.5.2)
    io-console (0.7.2)
    irb (1.12.0)
      rdoc
      reline (>= 0.4.2)
    jmespath (1.6.2)
    json (2.6.3)
    language_server-protocol (3.17.0.3)
    mime-types (3.5.2)
      mime-types-data (~> 3.2015)
    mime-types-data (3.2023.1205)
    mini_mime (1.1.5)
    mini_portile2 (2.8.5)
    multi_xml (0.7.1)
      bigdecimal (~> 3.1)
    netrc (0.11.0)
    nokogiri (1.18.1-aarch64-linux-gnu)
      racc (~> 1.4)
    nokogiri (1.18.1-arm64-darwin)
      racc (~> 1.4)
    nokogiri (1.18.1-x86_64-darwin)
      racc (~> 1.4)
    nokogiri (1.18.1-x86_64-linux-gnu)
      racc (~> 1.4)
    octokit (6.1.1)
      faraday (>= 1, < 3)
      sawyer (~> 0.9)
    opentelemetry-api (1.5.0)
    opentelemetry-logs-api (0.2.0)
      opentelemetry-api (~> 1.0)
    opentelemetry-metrics-api (0.3.0)
      opentelemetry-api (~> 1.0)
    parallel (1.24.0)
    parallel_tests (4.4.0)
      parallel
    parseconfig (1.0.8)
    parser (3.3.6.0)
      ast (~> 2.4.1)
      racc
    prism (1.3.0)
    psych (5.1.2)
      stringio
    public_suffix (5.0.4)
    racc (1.8.1)
    rainbow (3.1.1)
    rake (13.1.0)
    rbi (0.2.2)
      prism (~> 1.0)
      sorbet-runtime (>= 0.5.9204)
    rdoc (6.6.3.1)
      psych (>= 4.0.0)
    regexp_parser (2.9.2)
    reline (0.5.2)
      io-console (~> 0.5)
    rest-client (2.1.0)
      http-accept (>= 1.7.0, < 2.0)
      http-cookie (>= 1.0.2, < 2.0)
      mime-types (>= 1.16, < 4.0)
      netrc (~> 0.8)
    rexml (3.2.8)
      strscan (>= 3.0.9)
    rspec (3.12.0)
      rspec-core (~> 3.12.0)
      rspec-expectations (~> 3.12.0)
      rspec-mocks (~> 3.12.0)
    rspec-core (3.12.2)
      rspec-support (~> 3.12.0)
    rspec-expectations (3.12.3)
      diff-lcs (>= 1.2.0, < 2.0)
      rspec-support (~> 3.12.0)
    rspec-its (1.3.0)
      rspec-core (>= 3.0.0)
      rspec-expectations (>= 3.0.0)
    rspec-mocks (3.12.6)
      diff-lcs (>= 1.2.0, < 2.0)
      rspec-support (~> 3.12.0)
    rspec-sorbet (1.9.2)
      sorbet-runtime
    rspec-support (3.12.1)
    rubocop (1.67.0)
      json (~> 2.3)
      language_server-protocol (>= 3.17.0)
      parallel (~> 1.10)
      parser (>= 3.3.0.2)
      rainbow (>= 2.2.2, < 4.0)
      regexp_parser (>= 2.4, < 3.0)
      rubocop-ast (>= 1.32.2, < 2.0)
      ruby-progressbar (~> 1.7)
      unicode-display_width (>= 2.4.0, < 3.0)
    rubocop-ast (1.32.3)
      parser (>= 3.3.1.0)
    rubocop-capybara (2.20.0)
      rubocop (~> 1.41)
    rubocop-factory_bot (2.25.1)
      rubocop (~> 1.41)
    rubocop-performance (1.22.1)
      rubocop (>= 1.48.1, < 2.0)
      rubocop-ast (>= 1.31.1, < 2.0)
    rubocop-rspec (2.29.1)
      rubocop (~> 1.40)
      rubocop-capybara (~> 2.17)
      rubocop-factory_bot (~> 2.22)
      rubocop-rspec_rails (~> 2.28)
    rubocop-rspec_rails (2.28.3)
      rubocop (~> 1.40)
    rubocop-sorbet (0.8.7)
      rubocop (>= 1)
    ruby-progressbar (1.13.0)
    ruby2_keywords (0.0.5)
    rubyzip (2.3.2)
    sawyer (0.9.2)
      addressable (>= 2.3.5)
      faraday (>= 0.17.3, < 3)
    simplecov (0.22.0)
      docile (~> 1.1)
      simplecov-html (~> 0.11)
      simplecov_json_formatter (~> 0.1)
    simplecov-html (0.12.3)
    simplecov_json_formatter (0.1.4)
    sorbet (0.5.11952)
      sorbet-static (= 0.5.11952)
    sorbet-runtime (0.5.11952)
    sorbet-static (0.5.11952-aarch64-linux)
    sorbet-static (0.5.11952-universal-darwin)
    sorbet-static (0.5.11952-x86_64-linux)
    sorbet-static-and-runtime (0.5.11952)
      sorbet (= 0.5.11952)
      sorbet-runtime (= 0.5.11952)
    spoom (1.5.1)
      erubi (>= 1.10.0)
      prism (>= 0.28.0)
      sorbet-static-and-runtime (>= 0.5.10187)
      thor (>= 0.19.2)
    stackprof (0.2.25)
    stringio (3.1.0)
    strscan (3.1.0)
    tapioca (0.16.11)
      benchmark
      bundler (>= 2.2.25)
      netrc (>= 0.11.0)
      parallel (>= 1.21.0)
      rbi (~> 0.2)
      sorbet-static-and-runtime (>= 0.5.11087)
      spoom (>= 1.2.0)
      thor (>= 1.2.0)
      yard-sorbet
    terminal-table (3.0.2)
      unicode-display_width (>= 1.1.1, < 3)
    thor (1.3.2)
    toml-rb (4.0.0)
      citrus (~> 3.0, > 3.0)
      racc (~> 1.7)
    turbo_tests (2.2.0)
      parallel_tests (>= 3.3.0, < 5)
      rspec (>= 3.10)
    unicode-display_width (2.5.0)
    vcr (6.2.0)
    webmock (3.19.1)
      addressable (>= 2.8.0)
      crack (>= 0.3.2)
      hashdiff (>= 0.4.0, < 2.0.0)
    webrick (1.8.1)
    yard (0.9.37)
    yard-sorbet (0.9.0)
      sorbet-runtime
      yard
    zeitwerk (2.7.1)

PLATFORMS
  aarch64-linux
  arm64-darwin
  universal-darwin
  x86_64-darwin
  x86_64-linux

DEPENDENCIES
  debug (~> 1.9.2)
  dependabot-bun!
  dependabot-bundler!
  dependabot-cargo!
  dependabot-common!
  dependabot-composer!
  dependabot-devcontainers!
  dependabot-docker!
  dependabot-docker_compose!
  dependabot-dotnet_sdk!
  dependabot-elm!
  dependabot-git_submodules!
  dependabot-github_actions!
  dependabot-go_modules!
  dependabot-gradle!
  dependabot-helm!
  dependabot-hex!
  dependabot-maven!
  dependabot-npm_and_yarn!
  dependabot-nuget!
  dependabot-pub!
  dependabot-python!
  dependabot-silent!
  dependabot-swift!
  dependabot-terraform!
  dependabot-uv!
  gpgme (~> 2.0)
  rake (~> 13)
  rspec-its (~> 1.3)
  rspec-sorbet (~> 1.9.2)
  rubocop (~> 1.67.0)
  rubocop-performance (~> 1.22.1)
  rubocop-rspec (~> 2.29.1)
  rubocop-sorbet (~> 0.8.7)
  simplecov (~> 0.22.0)
  sorbet (= 0.5.11952)
  tapioca (= 0.16.11)
  turbo_tests (~> 2.2.0)
  vcr (~> 6.1)
  webmock (~> 3.18)
  webrick (>= 1.7)
  zeitwerk (~> 2.7)

CHECKSUMS
  addressable (2.8.6) sha256=798f6af3556641a7619bad1dce04cdb6eb44b0216a991b0396ea7339276f2b47
  ast (2.4.2) sha256=1e280232e6a33754cde542bc5ef85520b74db2aac73ec14acef453784447cc12
  aws-eventstream (1.3.0) sha256=f1434cc03ab2248756eb02cfa45e900e59a061d7fbdc4a9fd82a5dd23d796d3f
  aws-partitions (1.877.0) sha256=9552ed7bbd3700ed1eeb0121c160ceaf64fa5dbaff5a1ff5fe6fd8481ecd9cfd
  aws-sdk-codecommit (1.63.0) sha256=aa00135132d8e19525c0d48d1969861f5b018be4b4801024de88e2020dc33725
  aws-sdk-core (3.190.1) sha256=b02aa7981f955c6021405c89b66e99061b99e2edc4f5b48c0f3dc742dd53daaa
  aws-sdk-ecr (1.68.0) sha256=86763b7291170dc6dbbf827f35d4142683622e68d7dff6719eeb98b13b677e80
  aws-sigv4 (1.8.0) sha256=84dd99768b91b93b63d1d8e53ee837cfd06ab402812772a7899a78f9f9117cbc
  base64 (0.2.0) sha256=0f25e9b21a02a0cc0cea8ef92b2041035d39350946e8789c562b2d1a3da01507
  benchmark (0.4.0) sha256=0f12f8c495545e3710c3e4f0480f63f06b4c842cc94cec7f33a956f5180e874a
  bigdecimal (3.1.8) sha256=a89467ed5a44f8ae01824af49cbc575871fa078332e8f77ea425725c1ffe27be
  citrus (3.0.2) sha256=4ec2412fc389ad186735f4baee1460f7900a8e130ffe3f216b30d4f9c684f650
  commonmarker (0.23.10) sha256=fdd312ae2bb4071b2f3085d4d7533cb9f8d9057a2eaa0760228a65bc3ed565d1
  crack (1.0.0) sha256=c83aefdb428cdc7b66c7f287e488c796f055c0839e6e545fec2c7047743c4a49
  csv (3.3.0) sha256=0bbd1defdc31134abefed027a639b3723c2753862150f4c3ee61cab71b20d67d
  debug (1.9.2) sha256=48e026c0852c7a10c60263e2e527968308958e266231e36d64e3efcabec7e7fc
  dependabot-bun (0.305.0)
  dependabot-bundler (0.305.0)
  dependabot-cargo (0.305.0)
  dependabot-common (0.305.0)
  dependabot-composer (0.305.0)
  dependabot-devcontainers (0.305.0)
  dependabot-docker (0.305.0)
  dependabot-docker_compose (0.305.0)
  dependabot-dotnet_sdk (0.305.0)
  dependabot-elm (0.305.0)
  dependabot-git_submodules (0.305.0)
  dependabot-github_actions (0.305.0)
  dependabot-go_modules (0.305.0)
  dependabot-gradle (0.305.0)
  dependabot-helm (0.305.0)
  dependabot-hex (0.305.0)
  dependabot-maven (0.305.0)
  dependabot-npm_and_yarn (0.305.0)
  dependabot-nuget (0.305.0)
  dependabot-pub (0.305.0)
  dependabot-python (0.305.0)
  dependabot-silent (0.305.0)
  dependabot-swift (0.305.0)
  dependabot-terraform (0.305.0)
  dependabot-uv (0.305.0)
  diff-lcs (1.5.0) sha256=49b934001c8c6aedb37ba19daec5c634da27b318a7a3c654ae979d6ba1929b67
  docile (1.4.0) sha256=5f1734bde23721245c20c3d723e76c104208e1aa01277a69901ce770f0ebb8d3
  docker_registry2 (1.18.2) sha256=2ace909110fbca29d69dd1cdec99f555024aa6f6577798638139c8e8e556910f
  domain_name (0.6.20231109) sha256=5127a1521ecca79d54accefc393f6d19db8600c6224416004414f7eaa28aecbe
  erubi (1.13.1) sha256=a082103b0885dbc5ecf1172fede897f9ebdb745a4b97a5e8dc63953db1ee4ad9
  excon (0.110.0) sha256=5f5372e1ccb6089ef45949100f2fc9fe12df200ee69c45a00771621eeefe6fd4
  faraday (2.7.11) sha256=85dbf6bb776c66d2a03394d8fe535f90cb1c875e3c6ab9bb85d26ca13597c76e
  faraday-net_http (3.0.2) sha256=6882929abed8094e1ee30344a3369e856fe34530044630d1f652bf70ebd87e8d
  faraday-retry (2.2.0) sha256=80824a5454dd0ce7d8074013454d163569b909001a64bdb3499c9968df4f41c5
  gitlab (5.0.0) sha256=ad0836386555bd228cbc4fe6442d12354562141229f72f668027a92fdd33800d
  gpgme (2.0.23) sha256=c87bbafdb8719da7c58ebcac08297aa1fb227022ac6cd2972829ba68adc91c04
  hashdiff (1.1.0) sha256=b5465f0e7375f1ee883f53a766ece4dbc764b7674a7c5ffd76e79b2f5f6fc9c9
  http-accept (1.7.0) sha256=c626860682bfbb3b46462f8c39cd470fd7b0584f61b3cc9df5b2e9eb9972a126
  http-cookie (1.0.5) sha256=73756d46c7dbdc7023deecdb8a171348ea95a1b99810b31cfe8b4fb4e9a6318f
  httparty (0.22.0) sha256=78652a5c9471cf0093d3b2083c2295c9c8f12b44c65112f1846af2b71430fa6c
  io-console (0.7.2) sha256=f0dccff252f877a4f60d04a4dc6b442b185ebffb4b320ab69212a92b48a7a221
  irb (1.12.0) sha256=07634937fbb7d28d07e46da50d0aa43b4d2f7258174d08de4e32dfb57c10539d
  jmespath (1.6.2) sha256=238d774a58723d6c090494c8879b5e9918c19485f7e840f2c1c7532cf84ebcb1
  json (2.6.3) sha256=86aaea16adf346a2b22743d88f8dcceeb1038843989ab93cda44b5176c845459
  language_server-protocol (3.17.0.3) sha256=3d5c58c02f44a20d972957a9febe386d7e7468ab3900ce6bd2b563dd910c6b3f
  mime-types (3.5.2) sha256=c1299f10fa34c75a6f168e99e9dadbd11bc507d9d62dc5cf98c4e65f2af8c4e4
  mime-types-data (3.2023.1205) sha256=8c4c79b29b03afdeb6a58c00ef0c5b856cf2371e2edc6cecf9ff33e9c7244a22
  mini_mime (1.1.5) sha256=8681b7e2e4215f2a159f9400b5816d85e9d8c6c6b491e96a12797e798f8bccef
  mini_portile2 (2.8.5) sha256=7a37db8ae758086c3c3ac3a59c036704d331e965d5e106635e4a42d6e66089ce
  multi_xml (0.7.1) sha256=4fce100c68af588ff91b8ba90a0bb3f0466f06c909f21a32f4962059140ba61b
  netrc (0.11.0) sha256=de1ce33da8c99ab1d97871726cba75151113f117146becbe45aa85cb3dabee3f
  nokogiri (1.18.1-aarch64-linux-gnu) sha256=35837013800e34342fcbaca305f8c49231f6bd4f779bfa23fe7b4686ae82d5b8
  nokogiri (1.18.1-arm64-darwin) sha256=d75193f284c899d225943a8944479faedd995a7573ddd5c8308ffbdf2ec55204
  nokogiri (1.18.1-x86_64-darwin) sha256=d94e3aa6483577495fc8969d6b4b5c075840ce6b1ab09636a6d4177ad171051d
  nokogiri (1.18.1-x86_64-linux-gnu) sha256=e516cf16ccde67ed4cc595a2621ca5ddd42562ecb24928914b0045a20a41620e
  octokit (6.1.1) sha256=920e4a9d820205f70738f58de6a7e6ef0e2f25b27db954b5806a63105207b0bf
  opentelemetry-api (1.5.0) sha256=8dcc33e7aba70b1da630065ce0db3d6f50cb8ebd2017383209739439025ea997
  opentelemetry-logs-api (0.2.0) sha256=0e9241b9b53a315101a6a5f2efbfa80278a0d39f9220915871f8d6057c39b117
  opentelemetry-metrics-api (0.3.0) sha256=29f4b82cd5c5992884f4dc68d279a2cc114560f433c431bf9ef6f42d8d0f10b1
  parallel (1.24.0) sha256=5bf38efb9b37865f8e93d7a762727f8c5fc5deb19949f4040c76481d5eee9397
  parallel_tests (4.4.0) sha256=dc6da7bd9a7baf5c20f09435b2defb04de27dc783f5cb3b839a49982dd765055
  parseconfig (1.0.8) sha256=b86e117fcb635eb850b6dbae2454fc7a5a7b3767482951a07a9eb06f667a222f
  parser (3.3.6.0) sha256=25d4e67cc4f0f7cab9a2ae1f38e2005b6904d2ea13c34734511d0faad038bc3b
  prism (1.3.0) sha256=b11620829831b1cb7e6c9b46c81ff8a6e36ccb3f888f164485eb7351f386273a
  psych (5.1.2) sha256=337322f58fc2bf24827d2b9bd5ab595f6a72971867d151bb39980060ea40a368
  public_suffix (5.0.4) sha256=35cd648e0d21d06b8dce9331d19619538d1d898ba6d56a6f2258409d2526d1ae
  racc (1.8.1) sha256=4a7f6929691dbec8b5209a0b373bc2614882b55fc5d2e447a21aaa691303d62f
  rainbow (3.1.1) sha256=039491aa3a89f42efa1d6dec2fc4e62ede96eb6acd95e52f1ad581182b79bc6a
  rake (13.1.0) sha256=be6a3e1aa7f66e6c65fa57555234eb75ce4cf4ada077658449207205474199c6
  rbi (0.2.2) sha256=738956d5fed03c35f75178a9621630f89c9cc1cb44cbc7a22cf64e9a7b2d121d
  rdoc (6.6.3.1) sha256=39f7b749229ab5ad9d21c81586151c1dd7a549fa8be4070ee09b524f9c656345
  regexp_parser (2.9.2) sha256=5a27e767ad634f8a4b544520d5cd28a0db7aa1198a5d7c9d7e11d7b3d9066446
  reline (0.5.2) sha256=03d49a8074ebcde3df6f9abc0875299242775bdacc4e8cdb5d5dbd3d453c8e77
  rest-client (2.1.0) sha256=35a6400bdb14fae28596618e312776c158f7ebbb0ccad752ff4fa142bf2747e3
  rexml (3.2.8) sha256=0908a86381d9f973824680df4e0a75422766272f03b1c0e49db7e79c23db1135
  rspec (3.12.0) sha256=ccc41799a43509dc0be84070e3f0410ac95cbd480ae7b6c245543eb64162399c
  rspec-core (3.12.2) sha256=155b54480f28e2b2813185077fe435c2d663031616360ed3b179a9d6a55d2551
  rspec-expectations (3.12.3) sha256=093d18e2e7e0a2c619ef8f7343d442fc6c0793fb7897d56f16f26c8a9d244416
  rspec-its (1.3.0) sha256=4da51040e7820daafd40f2f6216d13c90aa949f0d302a0412c9ef6074e73ea97
  rspec-mocks (3.12.6) sha256=de51a4148ba2ce6f1c1646a2a03e9df2f52da9a42b164f2e7467b2cbe37e07bf
  rspec-sorbet (1.9.2) sha256=28bf3969fa136ed22edd05b00d23aab52c276f2fcc89fccbb16b8fd0c48931c8
  rspec-support (3.12.1) sha256=f969b85d0068ff97bc47c9d6fc2bca9706d73406f2b4e5d3b346443d8734c8cf
  rubocop (1.67.0) sha256=8ccca7226e76d0a9974af960ea446d1fb38adf0c491214294e2fed75a85c378c
  rubocop-ast (1.32.3) sha256=40201e861c73a3c2d59428c7627828ef81fb2f8a306bc4a1c1801452afe3fe0f
  rubocop-capybara (2.20.0) sha256=2a6844b942921f230ee3ab8c94fe77f41a9406096a140245270c0e11624bb938
  rubocop-factory_bot (2.25.1) sha256=62751bde7af789878b8a31cbd2a82e69515ce7b23a2ad1820cb0fcc3e0150134
  rubocop-performance (1.22.1) sha256=9ed9737af1ee90655654b483e0eac4e64702139e85d33335bf744b57a309a679
  rubocop-rspec (2.29.1) sha256=534ee81a3006e7379ec6203687ef7c06ca1d137b7d6d67c2777b680b1ce82e13
  rubocop-rspec_rails (2.28.3) sha256=9769f2077cca8af2269193ba0450e0317ae1827a132c19149fdbeecaaca32818
  rubocop-sorbet (0.8.7) sha256=670b7478425543e808558c5aa9acafeb5c9137af9ac8d3541b69d3d18ea4726b
  ruby-progressbar (1.13.0) sha256=80fc9c47a9b640d6834e0dc7b3c94c9df37f08cb072b7761e4a71e22cff29b33
  ruby2_keywords (0.0.5) sha256=ffd13740c573b7301cf7a2e61fc857b2a8e3d3aff32545d6f8300d8bae10e3ef
  rubyzip (2.3.2) sha256=3f57e3935dc2255c414484fbf8d673b4909d8a6a57007ed754dde39342d2373f
  sawyer (0.9.2) sha256=fa3a72d62a4525517b18857ddb78926aab3424de0129be6772a8e2ba240e7aca
  simplecov (0.22.0) sha256=fe2622c7834ff23b98066bb0a854284b2729a569ac659f82621fc22ef36213a5
  simplecov-html (0.12.3) sha256=4b1aad33259ffba8b29c6876c12db70e5750cb9df829486e4c6e5da4fa0aa07b
  simplecov_json_formatter (0.1.4) sha256=529418fbe8de1713ac2b2d612aa3daa56d316975d307244399fa4838c601b428
  sorbet (0.5.11952) sha256=0e5ed931243e140cd2fa42baca4a4f571fa779cbcccda40b4e44c12483120425
  sorbet-runtime (0.5.11952) sha256=03261787bff1d400bce3cc0d81a2aa9bc9899cdd0dfbdc2c019e427697d87edf
  sorbet-static (0.5.11952-aarch64-linux) sha256=a7fb0d3debfa28edc8fd425be51859a8f29caebd1bb6d430b266cd42adfee47c
  sorbet-static (0.5.11952-universal-darwin) sha256=e24575b632d9ce90950cc64066a2cad6a2c583bb5cf1a6872a031b8d0dcd6e2f
  sorbet-static (0.5.11952-x86_64-linux) sha256=d6cff58d2b215a6b5c66af0df016ce45b3deb0641cfa0fe88a3072d74ad74605
  sorbet-static-and-runtime (0.5.11952) sha256=cb94d25267ac0d65055b4651e08c6cc81c00bbdc79735cb5099a7103a739ece8
  spoom (1.5.1) sha256=61dbab2059a094506210886455a513615c6915654048e3d2447223790e423095
  stackprof (0.2.25) sha256=28db0e2d22b817ae35def7163822505a04a026b02ef119b6aa89d70b967b0d2e
  stringio (3.1.0) sha256=c1f6263ae03a15025e51194ab19b06b15e06adcaaedb7f5f6c06ab60f5d67718
  strscan (3.1.0) sha256=01b8a81d214fbf7b5308c6fb51b5972bbfc4a6aa1f166fd3618ba97e0fcd5555
  tapioca (0.16.11) sha256=beeb388a5e2022ef8880cd24f57bc2acb59b65a4d5a6aa59bc1f10bc7b1eb1f7
  terminal-table (3.0.2) sha256=f951b6af5f3e00203fb290a669e0a85c5dd5b051b3b023392ccfd67ba5abae91
  thor (1.3.2) sha256=eef0293b9e24158ccad7ab383ae83534b7ad4ed99c09f96f1a6b036550abbeda
  toml-rb (4.0.0) sha256=bc997a4114c94a65dd5287aa4784ef36cff2c80ec2ecb5980fe7d674f8ed37ea
  turbo_tests (2.2.0) sha256=1fc08defd07aef5329c35f69b08827eb66daddf642dcf40adc426543fabbfdcc
  unicode-display_width (2.5.0) sha256=7e7681dcade1add70cb9fda20dd77f300b8587c81ebbd165d14fd93144ff0ab4
  vcr (6.2.0) sha256=f960a9a08f904f3577ba212de771171b7e934a319478aa397636daabfcf9490a
  webmock (3.19.1) sha256=eae7eee33989478188451f1fda4224d7fbe097c5c14e96b40b57347ef2d5d16d
  webrick (1.8.1) sha256=19411ec6912911fd3df13559110127ea2badd0c035f7762873f58afc803e158f
  yard (0.9.37) sha256=a6e910399e78e613f80ba9add9ba7c394b1a935f083cccbef82903a3d2a26992
  yard-sorbet (0.9.0) sha256=03d1aa461b9e9c82b886919a13aa3e09fcf4d1852239d2967ed97e92723ffe21
  zeitwerk (2.7.1) sha256=0945986050e4907140895378e74df1fe882a2271ed087cc6c6d6b00d415a2756

BUNDLED WITH
   2.6.3
