PATH
  remote: bun
  specs:
    dependabot-bun (0.342.2)
      dependabot-common (= 0.342.2)

PATH
  remote: bundler
  specs:
    dependabot-bundler (0.342.2)
      dependabot-common (= 0.342.2)
      parallel (~> 1.24)

PATH
  remote: cargo
  specs:
    dependabot-cargo (0.342.2)
      dependabot-common (= 0.342.2)

PATH
  remote: common
  specs:
    dependabot-common (0.342.2)
      aws-sdk-codecommit (~> 1.28)
      aws-sdk-ecr (~> 1.5)
      bundler (>= 1.16, < 3.0.0)
      commonmarker (~> 2.3)
      docker_registry2 (~> 1.18)
      excon (~> 1.2)
      faraday (~> 2.7)
      faraday-retry (~> 2.2)
      gitlab (~> 5.0)
      json (< 2.12)
      nokogiri (~> 1.8)
      octokit (~> 7.2)
      opentelemetry-api (~> 1.5)
      opentelemetry-logs-api (~> 0.2)
      opentelemetry-metrics-api (~> 0.3)
      ostruct (~> 0.6)
      parser (~> 3.3)
      psych (~> 5.0)
      sorbet-runtime (~> 0.6)
      stackprof (~> 0.2)
      toml-rb (~> 4.0)

PATH
  remote: composer
  specs:
    dependabot-composer (0.342.2)
      dependabot-common (= 0.342.2)

PATH
  remote: conda
  specs:
    dependabot-conda (0.342.2)
      dependabot-common (= 0.342.2)
      dependabot-python (= 0.342.2)

PATH
  remote: devcontainers
  specs:
    dependabot-devcontainers (0.342.2)
      dependabot-common (= 0.342.2)

PATH
  remote: docker_compose
  specs:
    dependabot-docker_compose (0.342.2)
      dependabot-common (= 0.342.2)
      dependabot-docker (= 0.342.2)

PATH
  remote: docker
  specs:
    dependabot-docker (0.342.2)
      dependabot-common (= 0.342.2)

PATH
  remote: dotnet_sdk
  specs:
    dependabot-dotnet_sdk (0.342.2)
      dependabot-common (= 0.342.2)

PATH
  remote: elm
  specs:
    dependabot-elm (0.342.2)
      dependabot-common (= 0.342.2)

PATH
  remote: git_submodules
  specs:
    dependabot-git_submodules (0.342.2)
      dependabot-common (= 0.342.2)
      parseconfig (~> 1.0, < 1.1.0)

PATH
  remote: github_actions
  specs:
    dependabot-github_actions (0.342.2)
      dependabot-common (= 0.342.2)

PATH
  remote: go_modules
  specs:
    dependabot-go_modules (0.342.2)
      dependabot-common (= 0.342.2)

PATH
  remote: gradle
  specs:
    dependabot-gradle (0.342.2)
      dependabot-common (= 0.342.2)
      dependabot-maven (= 0.342.2)

PATH
  remote: helm
  specs:
    dependabot-helm (0.342.2)
      dependabot-common (= 0.342.2)
      dependabot-docker (= 0.342.2)

PATH
  remote: hex
  specs:
    dependabot-hex (0.342.2)
      dependabot-common (= 0.342.2)

PATH
  remote: julia
  specs:
    dependabot-julia (0.342.2)
      dependabot-common (= 0.342.2)

PATH
  remote: maven
  specs:
    dependabot-maven (0.342.2)
      dependabot-common (= 0.342.2)
      rexml (~> 3.4.1)

PATH
  remote: npm_and_yarn
  specs:
    dependabot-npm_and_yarn (0.342.2)
      dependabot-common (= 0.342.2)

PATH
  remote: nuget
  specs:
    dependabot-nuget (0.342.2)
      dependabot-common (= 0.342.2)

PATH
  remote: pub
  specs:
    dependabot-pub (0.342.2)
      dependabot-common (= 0.342.2)

PATH
  remote: python
  specs:
    dependabot-python (0.342.2)
      dependabot-common (= 0.342.2)

PATH
  remote: rust_toolchain
  specs:
    dependabot-rust_toolchain (0.342.2)
      dependabot-common (= 0.342.2)

PATH
  remote: silent
  specs:
    dependabot-silent (0.342.2)
      dependabot-common (= 0.342.2)

PATH
  remote: swift
  specs:
    dependabot-swift (0.342.2)
      dependabot-common (= 0.342.2)

PATH
  remote: terraform
  specs:
    dependabot-terraform (0.342.2)
      dependabot-common (= 0.342.2)

PATH
  remote: uv
  specs:
    dependabot-uv (0.342.2)
      dependabot-common (= 0.342.2)

PATH
  remote: vcpkg
  specs:
    dependabot-vcpkg (0.342.2)
      dependabot-common (= 0.342.2)

GEM
  remote: https://rubygems.org/
  specs:
    addressable (2.8.6)
      public_suffix (>= 2.0.2, < 6.0)
    ast (2.4.2)
    aws-eventstream (1.3.0)
    aws-partitions (1.877.0)
    aws-sdk-codecommit (1.63.0)
      aws-sdk-core (~> 3, >= 3.188.0)
      aws-sigv4 (~> 1.1)
    aws-sdk-core (3.190.1)
      aws-eventstream (~> 1, >= 1.3.0)
      aws-partitions (~> 1, >= 1.651.0)
      aws-sigv4 (~> 1.8)
      jmespath (~> 1, >= 1.6.1)
    aws-sdk-ecr (1.68.0)
      aws-sdk-core (~> 3, >= 3.188.0)
      aws-sigv4 (~> 1.1)
    aws-sigv4 (1.8.0)
      aws-eventstream (~> 1, >= 1.0.2)
    base64 (0.2.0)
    benchmark (0.4.1)
    bigdecimal (3.1.8)
    citrus (3.0.2)
    commonmarker (2.3.1-arm64-darwin)
    commonmarker (2.3.1-x86_64-linux)
    crack (1.0.0)
      bigdecimal
      rexml
    csv (3.3.0)
    date (3.4.1)
    debug (1.9.2)
      irb (~> 1.10)
      reline (>= 0.3.8)
    diff-lcs (1.6.2)
    docile (1.4.0)
    docker_registry2 (1.18.2)
      rest-client (>= 1.8.0)
    domain_name (0.6.20231109)
    erubi (1.13.1)
    excon (1.2.5)
      logger
    faraday (2.7.11)
      base64
      faraday-net_http (>= 2.0, < 3.1)
      ruby2_keywords (>= 0.0.4)
    faraday-net_http (3.0.2)
    faraday-retry (2.2.0)
      faraday (~> 2.0)
    ffi (1.17.2-arm64-darwin)
    ffi (1.17.2-x86_64-darwin)
    ffi (1.17.2-x86_64-linux-gnu)
    ffi-compiler (1.3.2)
      ffi (>= 1.15.5)
      rake
    gitlab (5.1.0)
      base64 (~> 0.2.0)
      httparty (~> 0.20)
      terminal-table (>= 1.5.1)
    gpgme (2.0.25)
      mini_portile2 (~> 2.7)
    hashdiff (1.1.0)
    http (5.3.1)
      addressable (~> 2.8)
      http-cookie (~> 1.0)
      http-form_data (~> 2.2)
      llhttp-ffi (~> 0.5.0)
    http-accept (1.7.0)
    http-cookie (1.0.5)
      domain_name (~> 0.5)
    http-form_data (2.3.0)
    httparty (0.22.0)
      csv
      mini_mime (>= 1.0.0)
      multi_xml (>= 0.5.2)
    io-console (0.8.0)
    irb (1.12.0)
      rdoc
      reline (>= 0.4.2)
    jmespath (1.6.2)
    json (2.11.3)
    language_server-protocol (3.17.0.3)
    lint_roller (1.1.0)
    llhttp-ffi (0.5.1)
      ffi-compiler (~> 1.0)
      rake (~> 13.0)
    logger (1.7.0)
    mime-types (3.5.2)
      mime-types-data (~> 3.2015)
    mime-types-data (3.2023.1205)
    mini_mime (1.1.5)
    mini_portile2 (2.8.9)
    multi_xml (0.7.1)
      bigdecimal (~> 3.1)
    netrc (0.11.0)
    nokogiri (1.18.1-arm64-darwin)
      racc (~> 1.4)
    nokogiri (1.18.1-x86_64-linux-gnu)
      racc (~> 1.4)
    octokit (7.2.0)
      faraday (>= 1, < 3)
      sawyer (~> 0.9)
    opentelemetry-api (1.5.0)
    opentelemetry-logs-api (0.2.0)
      opentelemetry-api (~> 1.0)
    opentelemetry-metrics-api (0.3.0)
      opentelemetry-api (~> 1.0)
    ostruct (0.6.1)
    parallel (1.27.0)
    parallel_tests (4.10.1)
      parallel
    parseconfig (1.0.8)
    parser (3.3.9.0)
      ast (~> 2.4.1)
      racc
    prism (1.5.1)
    psych (5.2.2)
      date
      stringio
    public_suffix (5.0.4)
    racc (1.8.1)
    rainbow (3.1.1)
    rake (13.2.1)
    rbi (0.3.6)
      prism (~> 1.0)
      rbs (>= 3.4.4)
    rbs (4.0.0.dev.4)
      logger
      prism (>= 1.3.0)
    rdoc (6.10.0)
      psych (>= 4.0.0)
    regexp_parser (2.11.3)
    reline (0.6.1)
      io-console (~> 0.5)
    require-hooks (0.2.2)
    rest-client (2.1.0)
      http-accept (>= 1.7.0, < 2.0)
      http-cookie (>= 1.0.2, < 2.0)
      mime-types (>= 1.16, < 4.0)
      netrc (~> 0.8)
    rexml (3.4.4)
    rspec (3.13.1)
      rspec-core (~> 3.13.0)
      rspec-expectations (~> 3.13.0)
      rspec-mocks (~> 3.13.0)
    rspec-core (3.13.5)
      rspec-support (~> 3.13.0)
    rspec-expectations (3.13.5)
      diff-lcs (>= 1.2.0, < 2.0)
      rspec-support (~> 3.13.0)
    rspec-its (1.3.0)
      rspec-core (>= 3.0.0)
      rspec-expectations (>= 3.0.0)
    rspec-mocks (3.13.5)
      diff-lcs (>= 1.2.0, < 2.0)
      rspec-support (~> 3.13.0)
    rspec-sorbet (1.9.2)
      sorbet-runtime
    rspec-support (3.13.4)
    rubocop (1.80.2)
      json (~> 2.3)
      language_server-protocol (~> 3.17.0.2)
      lint_roller (~> 1.1.0)
      parallel (~> 1.10)
      parser (>= 3.3.0.2)
      rainbow (>= 2.2.2, < 4.0)
      regexp_parser (>= 2.9.3, < 3.0)
      rubocop-ast (>= 1.46.0, < 2.0)
      ruby-progressbar (~> 1.7)
      unicode-display_width (>= 2.4.0, < 4.0)
    rubocop-ast (1.46.0)
      parser (>= 3.3.7.2)
      prism (~> 1.4)
    rubocop-performance (1.26.0)
      lint_roller (~> 1.1)
      rubocop (>= 1.75.0, < 2.0)
      rubocop-ast (>= 1.44.0, < 2.0)
    rubocop-rspec (3.7.0)
      lint_roller (~> 1.1)
      rubocop (~> 1.72, >= 1.72.1)
    rubocop-sorbet (0.10.5)
      lint_roller
      rubocop (>= 1.75.2)
    ruby-progressbar (1.13.0)
    ruby2_keywords (0.0.5)
    sawyer (0.9.2)
      addressable (>= 2.3.5)
      faraday (>= 0.17.3, < 3)
    simplecov (0.22.0)
      docile (~> 1.1)
      simplecov-html (~> 0.11)
      simplecov_json_formatter (~> 0.1)
    simplecov-html (0.12.3)
    simplecov_json_formatter (0.1.4)
    sorbet (0.6.12544)
      sorbet-static (= 0.6.12544)
    sorbet-runtime (0.6.12544)
    sorbet-static (0.6.12544-universal-darwin)
    sorbet-static (0.6.12544-x86_64-linux)
    sorbet-static-and-runtime (0.6.12544)
      sorbet (= 0.6.12544)
      sorbet-runtime (= 0.6.12544)
    spoom (1.7.6)
      erubi (>= 1.10.0)
      prism (>= 0.28.0)
      rbi (>= 0.3.3)
      rbs (>= 4.0.0.dev.4)
      rexml (>= 3.2.6)
      sorbet-static-and-runtime (>= 0.5.10187)
      thor (>= 0.19.2)
    stackprof (0.2.25)
    stringio (3.1.2)
    tapioca (0.17.7)
      benchmark
      bundler (>= 2.2.25)
      netrc (>= 0.11.0)
      parallel (>= 1.21.0)
      rbi (>= 0.3.1)
      require-hooks (>= 0.2.2)
      sorbet-static-and-runtime (>= 0.5.11087)
      spoom (>= 1.7.0)
      thor (>= 1.2.0)
      yard-sorbet
    terminal-table (3.0.2)
      unicode-display_width (>= 1.1.1, < 3)
    thor (1.4.0)
    toml-rb (4.0.0)
      citrus (~> 3.0, > 3.0)
      racc (~> 1.7)
    turbo_tests (2.2.5)
      parallel_tests (>= 3.3.0, < 5)
      rspec (>= 3.10)
    unicode-display_width (2.5.0)
    vcr (6.2.0)
    webmock (3.25.1)
      addressable (>= 2.8.0)
      crack (>= 0.3.2)
      hashdiff (>= 0.4.0, < 2.0.0)
    webrick (1.9.1)
    yard (0.9.37)
    yard-sorbet (0.9.0)
      sorbet-runtime
      yard
    zeitwerk (2.7.1)

PLATFORMS
  arm64-darwin
  universal-darwin
  x86_64-linux

DEPENDENCIES
  debug (~> 1.9)
  dependabot-bun!
  dependabot-bundler!
  dependabot-cargo!
  dependabot-common!
  dependabot-composer!
  dependabot-conda!
  dependabot-devcontainers!
  dependabot-docker!
  dependabot-docker_compose!
  dependabot-dotnet_sdk!
  dependabot-elm!
  dependabot-git_submodules!
  dependabot-github_actions!
  dependabot-go_modules!
  dependabot-gradle!
  dependabot-helm!
  dependabot-hex!
  dependabot-julia!
  dependabot-maven!
  dependabot-npm_and_yarn!
  dependabot-nuget!
  dependabot-pub!
  dependabot-python!
  dependabot-rust_toolchain!
  dependabot-silent!
  dependabot-swift!
  dependabot-terraform!
  dependabot-uv!
  dependabot-vcpkg!
  gpgme (~> 2.0)
  http (~> 5.1)
  rake (~> 13.2)
  rspec-its (~> 1.3)
  rspec-sorbet (~> 1.9)
  rubocop (~> 1.80)
  rubocop-performance (~> 1.26)
  rubocop-rspec (~> 3.7)
  rubocop-sorbet (~> 0.10)
  simplecov (~> 0.22)
  sorbet (~> 0.6)
  tapioca (~> 0.17)
  turbo_tests (~> 2.2.5)
  vcr (~> 6.1)
  webmock (~> 3.25)
  webrick (~> 1.9)
  zeitwerk (~> 2.7)

CHECKSUMS
  addressable (2.8.6) sha256=798f6af3556641a7619bad1dce04cdb6eb44b0216a991b0396ea7339276f2b47
  ast (2.4.2) sha256=1e280232e6a33754cde542bc5ef85520b74db2aac73ec14acef453784447cc12
  aws-eventstream (1.3.0) sha256=f1434cc03ab2248756eb02cfa45e900e59a061d7fbdc4a9fd82a5dd23d796d3f
  aws-partitions (1.877.0) sha256=9552ed7bbd3700ed1eeb0121c160ceaf64fa5dbaff5a1ff5fe6fd8481ecd9cfd
  aws-sdk-codecommit (1.63.0) sha256=aa00135132d8e19525c0d48d1969861f5b018be4b4801024de88e2020dc33725
  aws-sdk-core (3.190.1) sha256=b02aa7981f955c6021405c89b66e99061b99e2edc4f5b48c0f3dc742dd53daaa
  aws-sdk-ecr (1.68.0) sha256=86763b7291170dc6dbbf827f35d4142683622e68d7dff6719eeb98b13b677e80
  aws-sigv4 (1.8.0) sha256=84dd99768b91b93b63d1d8e53ee837cfd06ab402812772a7899a78f9f9117cbc
  base64 (0.2.0) sha256=0f25e9b21a02a0cc0cea8ef92b2041035d39350946e8789c562b2d1a3da01507
  benchmark (0.4.1) sha256=d4ef40037bba27f03b28013e219b950b82bace296549ec15a78016552f8d2cce
  bigdecimal (3.1.8) sha256=a89467ed5a44f8ae01824af49cbc575871fa078332e8f77ea425725c1ffe27be
  citrus (3.0.2) sha256=4ec2412fc389ad186735f4baee1460f7900a8e130ffe3f216b30d4f9c684f650
  commonmarker (2.3.1-arm64-darwin) sha256=e1c8991b92ea971b8933621124f6461ef06ea64c031429d8b8ebd297dab790dc
  commonmarker (2.3.1-x86_64-linux) sha256=afa0df3f64076f0fe996120783db6af28b6d634019ff3a954155884d409caf2a
  crack (1.0.0) sha256=c83aefdb428cdc7b66c7f287e488c796f055c0839e6e545fec2c7047743c4a49
  csv (3.3.0) sha256=0bbd1defdc31134abefed027a639b3723c2753862150f4c3ee61cab71b20d67d
  date (3.4.1) sha256=bf268e14ef7158009bfeaec40b5fa3c7271906e88b196d958a89d4b408abe64f
  debug (1.9.2) sha256=48e026c0852c7a10c60263e2e527968308958e266231e36d64e3efcabec7e7fc
  dependabot-bun (0.342.2)
  dependabot-bundler (0.342.2)
  dependabot-cargo (0.342.2)
  dependabot-common (0.342.2)
  dependabot-composer (0.342.2)
  dependabot-conda (0.342.2)
  dependabot-devcontainers (0.342.2)
  dependabot-docker (0.342.2)
  dependabot-docker_compose (0.342.2)
  dependabot-dotnet_sdk (0.342.2)
  dependabot-elm (0.342.2)
  dependabot-git_submodules (0.342.2)
  dependabot-github_actions (0.342.2)
  dependabot-go_modules (0.342.2)
  dependabot-gradle (0.342.2)
  dependabot-helm (0.342.2)
  dependabot-hex (0.342.2)
  dependabot-julia (0.342.2)
  dependabot-maven (0.342.2)
  dependabot-npm_and_yarn (0.342.2)
  dependabot-nuget (0.342.2)
  dependabot-pub (0.342.2)
  dependabot-python (0.342.2)
  dependabot-rust_toolchain (0.342.2)
  dependabot-silent (0.342.2)
  dependabot-swift (0.342.2)
  dependabot-terraform (0.342.2)
  dependabot-uv (0.342.2)
  dependabot-vcpkg (0.342.2)
  diff-lcs (1.6.2) sha256=9ae0d2cba7d4df3075fe8cd8602a8604993efc0dfa934cff568969efb1909962
  docile (1.4.0) sha256=5f1734bde23721245c20c3d723e76c104208e1aa01277a69901ce770f0ebb8d3
  docker_registry2 (1.18.2) sha256=2ace909110fbca29d69dd1cdec99f555024aa6f6577798638139c8e8e556910f
  domain_name (0.6.20231109) sha256=5127a1521ecca79d54accefc393f6d19db8600c6224416004414f7eaa28aecbe
  erubi (1.13.1) sha256=a082103b0885dbc5ecf1172fede897f9ebdb745a4b97a5e8dc63953db1ee4ad9
  excon (1.2.5) sha256=ca040bb61bc0059968f34a17115a00d2db8562e3c0c5c5c7432072b551c85a9d
  faraday (2.7.11) sha256=85dbf6bb776c66d2a03394d8fe535f90cb1c875e3c6ab9bb85d26ca13597c76e
  faraday-net_http (3.0.2) sha256=6882929abed8094e1ee30344a3369e856fe34530044630d1f652bf70ebd87e8d
  faraday-retry (2.2.0) sha256=80824a5454dd0ce7d8074013454d163569b909001a64bdb3499c9968df4f41c5
  ffi (1.17.2-arm64-darwin) sha256=54dd9789be1d30157782b8de42d8f887a3c3c345293b57ffb6b45b4d1165f813
  ffi (1.17.2-x86_64-darwin) sha256=981f2d4e32ea03712beb26e55e972797c2c5a7b0257955d8667ba58f2da6440e
  ffi (1.17.2-x86_64-linux-gnu) sha256=05d2026fc9dbb7cfd21a5934559f16293815b7ce0314846fee2ac8efbdb823ea
  ffi-compiler (1.3.2) sha256=a94f3d81d12caf5c5d4ecf13980a70d0aeaa72268f3b9cc13358bcc6509184a0
  gitlab (5.1.0) sha256=021c27807a98f379c0cfeda459327c026d3756dbd6531dc1479f0e3df03572c7
  gpgme (2.0.25) sha256=9242408b28720513145deb6150f25f5fe5149f3728ebaea635050cc3fc84dc34
  hashdiff (1.1.0) sha256=b5465f0e7375f1ee883f53a766ece4dbc764b7674a7c5ffd76e79b2f5f6fc9c9
  http (5.3.1) sha256=c50802d8e9be3926cb84ac3b36d1a31fbbac383bc4cbecdce9053cb604231d7d
  http-accept (1.7.0) sha256=c626860682bfbb3b46462f8c39cd470fd7b0584f61b3cc9df5b2e9eb9972a126
  http-cookie (1.0.5) sha256=73756d46c7dbdc7023deecdb8a171348ea95a1b99810b31cfe8b4fb4e9a6318f
  http-form_data (2.3.0) sha256=cc4eeb1361d9876821e31d7b1cf0b68f1cf874b201d27903480479d86448a5f3
  httparty (0.22.0) sha256=78652a5c9471cf0093d3b2083c2295c9c8f12b44c65112f1846af2b71430fa6c
  io-console (0.8.0) sha256=cd6a9facbc69871d69b2cb8b926fc6ea7ef06f06e505e81a64f14a470fddefa2
  irb (1.12.0) sha256=07634937fbb7d28d07e46da50d0aa43b4d2f7258174d08de4e32dfb57c10539d
  jmespath (1.6.2) sha256=238d774a58723d6c090494c8879b5e9918c19485f7e840f2c1c7532cf84ebcb1
  json (2.11.3) sha256=9a10f658a2de67c0eb837eb795dd48132ce797c403e52b5ebef87dcdc7f9ccc1
  language_server-protocol (3.17.0.3) sha256=3d5c58c02f44a20d972957a9febe386d7e7468ab3900ce6bd2b563dd910c6b3f
  lint_roller (1.1.0) sha256=2c0c845b632a7d172cb849cc90c1bce937a28c5c8ccccb50dfd46a485003cc87
  llhttp-ffi (0.5.1) sha256=9a25a7fc19311f691a78c9c0ac0fbf4675adbd0cca74310228fdf841018fa7bc
  logger (1.7.0) sha256=196edec7cc44b66cfb40f9755ce11b392f21f7967696af15d274dde7edff0203
  mime-types (3.5.2) sha256=c1299f10fa34c75a6f168e99e9dadbd11bc507d9d62dc5cf98c4e65f2af8c4e4
  mime-types-data (3.2023.1205) sha256=8c4c79b29b03afdeb6a58c00ef0c5b856cf2371e2edc6cecf9ff33e9c7244a22
  mini_mime (1.1.5) sha256=8681b7e2e4215f2a159f9400b5816d85e9d8c6c6b491e96a12797e798f8bccef
  mini_portile2 (2.8.9) sha256=0cd7c7f824e010c072e33f68bc02d85a00aeb6fce05bb4819c03dfd3c140c289
  multi_xml (0.7.1) sha256=4fce100c68af588ff91b8ba90a0bb3f0466f06c909f21a32f4962059140ba61b
  netrc (0.11.0) sha256=de1ce33da8c99ab1d97871726cba75151113f117146becbe45aa85cb3dabee3f
  nokogiri (1.18.1-arm64-darwin) sha256=d75193f284c899d225943a8944479faedd995a7573ddd5c8308ffbdf2ec55204
  nokogiri (1.18.1-x86_64-linux-gnu) sha256=e516cf16ccde67ed4cc595a2621ca5ddd42562ecb24928914b0045a20a41620e
  octokit (7.2.0) sha256=7032d968d03177ee7a29e3bd4782fc078215cca4743db0dfc66a49feb9411907
  opentelemetry-api (1.5.0) sha256=8dcc33e7aba70b1da630065ce0db3d6f50cb8ebd2017383209739439025ea997
  opentelemetry-logs-api (0.2.0) sha256=0e9241b9b53a315101a6a5f2efbfa80278a0d39f9220915871f8d6057c39b117
  opentelemetry-metrics-api (0.3.0) sha256=29f4b82cd5c5992884f4dc68d279a2cc114560f433c431bf9ef6f42d8d0f10b1
  ostruct (0.6.1) sha256=09a3fb7ecc1fa4039f25418cc05ae9c82bd520472c5c6a6f515f03e4988cb817
  parallel (1.27.0) sha256=4ac151e1806b755fb4e2dc2332cbf0e54f2e24ba821ff2d3dcf86bf6dc4ae130
  parallel_tests (4.10.1) sha256=df05458c691462b210f7a41fc2651d4e4e8a881e8190e6d1e122c92c07735d70
  parseconfig (1.0.8) sha256=b86e117fcb635eb850b6dbae2454fc7a5a7b3767482951a07a9eb06f667a222f
  parser (3.3.9.0) sha256=94d6929354b1a6e3e1f89d79d4d302cc8f5aa814431a6c9c7e0623335d7687f2
  prism (1.5.1) sha256=b40c1b76ccb9fcccc3d1553967cda6e79fa7274d8bfea0d98b15d27a6d187134
  psych (5.2.2) sha256=a4a9477c85d3e858086c38cf64e7096abe40d1b1eed248b01020dec0ff9906ab
  public_suffix (5.0.4) sha256=35cd648e0d21d06b8dce9331d19619538d1d898ba6d56a6f2258409d2526d1ae
  racc (1.8.1) sha256=4a7f6929691dbec8b5209a0b373bc2614882b55fc5d2e447a21aaa691303d62f
  rainbow (3.1.1) sha256=039491aa3a89f42efa1d6dec2fc4e62ede96eb6acd95e52f1ad581182b79bc6a
  rake (13.2.1) sha256=46cb38dae65d7d74b6020a4ac9d48afed8eb8149c040eccf0523bec91907059d
  rbi (0.3.6) sha256=577e94ddd123d7c83794dd62c06c5f9bf32a22e9a3a0d2f9baf32f7c81b2b5fa
  rbs (4.0.0.dev.4) sha256=a4a22ba03d2450e2a18c312b0b05cdc7b8b5d5c9fe255fc32cfea12ff1dd058b
  rdoc (6.10.0) sha256=db665021883ac9df3ba29cdf71aece960749888db1bf9615b4a584cfa3fa3eda
  regexp_parser (2.11.3) sha256=ca13f381a173b7a93450e53459075c9b76a10433caadcb2f1180f2c741fc55a4
  reline (0.6.1) sha256=1afcc9d7cb1029cdbe780d72f2f09251ce46d3780050f3ec39c3ccc6b60675fb
  require-hooks (0.2.2) sha256=effa81b61a669ca00cb1e8910411e0d6a8bb16b49a53d9e69b5e6372d6c90f31
  rest-client (2.1.0) sha256=35a6400bdb14fae28596618e312776c158f7ebbb0ccad752ff4fa142bf2747e3
  rexml (3.4.4) sha256=19e0a2c3425dfbf2d4fc1189747bdb2f849b6c5e74180401b15734bc97b5d142
  rspec (3.13.1) sha256=b9f9a58fa915b8d94a1d6b3195fe6dd28c4c34836a6097015142c4a9ace72140
  rspec-core (3.13.5) sha256=ab3f682897c6131c67f9a17cfee5022a597f283aebe654d329a565f9937a4fa3
  rspec-expectations (3.13.5) sha256=33a4d3a1d95060aea4c94e9f237030a8f9eae5615e9bd85718fe3a09e4b58836
  rspec-its (1.3.0) sha256=4da51040e7820daafd40f2f6216d13c90aa949f0d302a0412c9ef6074e73ea97
  rspec-mocks (3.13.5) sha256=e4338a6f285ada9fe56f5893f5457783af8194f5d08884d17a87321d5195ea81
  rspec-sorbet (1.9.2) sha256=28bf3969fa136ed22edd05b00d23aab52c276f2fcc89fccbb16b8fd0c48931c8
  rspec-support (3.13.4) sha256=184b1814f6a968102b57df631892c7f1990a91c9a3b9e80ef892a0fc2a71a3f7
  rubocop (1.80.2) sha256=6485f30fefcf5c199db3b91e5e253b1ef43f7e564784e2315255809a3dd9abf4
  rubocop-ast (1.46.0) sha256=0da7f6ad5b98614f89b74f11873c191059c823eae07d6ffd40a42a3338f2232b
  rubocop-performance (1.26.0) sha256=7bb0d9d9fb2ea122bf6f9a596dd7cf9dc93ab4950923d26c4ae4f328cef71ca9
  rubocop-rspec (3.7.0) sha256=b7b214da112034db9c6d00f2d811a354847e870f7b6ed2482b29649c3d42058f
  rubocop-sorbet (0.10.5) sha256=221672c096616d908a06aadd5111bfaab6d3c990d2a1caf2714cdec6514f4795
  ruby-progressbar (1.13.0) sha256=80fc9c47a9b640d6834e0dc7b3c94c9df37f08cb072b7761e4a71e22cff29b33
  ruby2_keywords (0.0.5) sha256=ffd13740c573b7301cf7a2e61fc857b2a8e3d3aff32545d6f8300d8bae10e3ef
  sawyer (0.9.2) sha256=fa3a72d62a4525517b18857ddb78926aab3424de0129be6772a8e2ba240e7aca
  simplecov (0.22.0) sha256=fe2622c7834ff23b98066bb0a854284b2729a569ac659f82621fc22ef36213a5
  simplecov-html (0.12.3) sha256=4b1aad33259ffba8b29c6876c12db70e5750cb9df829486e4c6e5da4fa0aa07b
  simplecov_json_formatter (0.1.4) sha256=529418fbe8de1713ac2b2d612aa3daa56d316975d307244399fa4838c601b428
  sorbet (0.6.12544) sha256=361b71af6813ef8bdcfaf92633993c84ea03100f63530dde005db5e2be4f7003
  sorbet-runtime (0.6.12544) sha256=7758a353f132d97e671d6a311baa4cf3fd887273b96f0cbd1445b8fcc3b174c1
  sorbet-static (0.6.12544-universal-darwin) sha256=c6822aeb883b5caa7d44406c0d9de999acebf21b40d38ee7715c0096fc8f9149
  sorbet-static (0.6.12544-x86_64-linux) sha256=032c9cf963ee73a97083750ac40f9497ec6fa0afba742b9f38c2a5db2fe1ccff
  sorbet-static-and-runtime (0.6.12544) sha256=47ac40cf3dbfa3ee8da67719387c90468930c1d60be6ab01fcf1693d014d0d3d
  spoom (1.7.6) sha256=32d1a38977c7c2e21b5e148c644ccacb90d8d779dc5401c8e641cd3e15afa0b0
  stackprof (0.2.25) sha256=28db0e2d22b817ae35def7163822505a04a026b02ef119b6aa89d70b967b0d2e
  stringio (3.1.2) sha256=204f1828f85cdb39d57cac4abc6dc44b04505a223f131587f2e20ae3729ba131
  tapioca (0.17.7) sha256=1efb7be004f269a9cf23c97ed419338598bddfd653e3a5ac0760694e0ebfba9b
  terminal-table (3.0.2) sha256=f951b6af5f3e00203fb290a669e0a85c5dd5b051b3b023392ccfd67ba5abae91
  thor (1.4.0) sha256=8763e822ccb0f1d7bee88cde131b19a65606657b847cc7b7b4b82e772bcd8a3d
  toml-rb (4.0.0) sha256=bc997a4114c94a65dd5287aa4784ef36cff2c80ec2ecb5980fe7d674f8ed37ea
  turbo_tests (2.2.5) sha256=3fa31497d12976d11ccc298add29107b92bda94a90d8a0a5783f06f05102509f
  unicode-display_width (2.5.0) sha256=7e7681dcade1add70cb9fda20dd77f300b8587c81ebbd165d14fd93144ff0ab4
  vcr (6.2.0) sha256=f960a9a08f904f3577ba212de771171b7e934a319478aa397636daabfcf9490a
  webmock (3.25.1) sha256=ab9d5d9353bcbe6322c83e1c60a7103988efc7b67cd72ffb9012629c3d396323
  webrick (1.9.1) sha256=b42d3c94f166f3fb73d87e9b359def9b5836c426fc8beacf38f2184a21b2a989
  yard (0.9.37) sha256=a6e910399e78e613f80ba9add9ba7c394b1a935f083cccbef82903a3d2a26992
  yard-sorbet (0.9.0) sha256=03d1aa461b9e9c82b886919a13aa3e09fcf4d1852239d2967ed97e92723ffe21
  zeitwerk (2.7.1) sha256=0945986050e4907140895378e74df1fe882a2271ed087cc6c6d6b00d415a2756

BUNDLED WITH
   2.6.9
