GIT
  remote: https://github.com/dependabot-fixtures/onfido
  revision: 7b36eac82a7e42049052a58af0a7943fe0363714
  ref: v0.4.0
  specs:
    onfido (0.4.0)
      rest-client (~> 1.8.0)

GEM
  remote: https://rubygems.org/
  specs:
    domain_name (0.5.20170404)
      unf (>= 0.0.5, < 1.0.0)
    http-cookie (1.0.3)
      domain_name (~> 0.5)
    mime-types (2.99.3)
    netrc (0.11.0)
    rest-client (1.8.0)
      http-cookie (>= 1.0.2, < 2.0)
      mime-types (>= 1.16, < 3.0)
      netrc (~> 0.7)
    unf (0.1.4)
      unf_ext
    unf_ext (0.0.7.4)

PLATFORMS
  ruby

DEPENDENCIES
  onfido!
  rest-client (~> 1.8)

BUNDLED WITH
   2.2.0.pre.3
