PATH
  remote: ../bun
  specs:
    dependabot-bun (0.313.0)
      dependabot-common (= 0.313.0)

PATH
  remote: ../bundler
  specs:
    dependabot-bundler (0.313.0)
      dependabot-common (= 0.313.0)
      parallel (~> 1.24)

PATH
  remote: ../cargo
  specs:
    dependabot-cargo (0.313.0)
      dependabot-common (= 0.313.0)

PATH
  remote: ../common
  specs:
    dependabot-common (0.313.0)
      aws-sdk-codecommit (~> 1.28)
      aws-sdk-ecr (~> 1.5)
      bundler (>= 1.16, < 3.0.0)
      commonmarker (~> 0.23)
      docker_registry2 (~> 1.18)
      excon (>= 0.109, < 2.0)
      faraday (~> 2.7)
      faraday-retry (~> 2.2)
      gitlab (~> 5.0)
      json (< 2.13)
      nokogiri (~> 1.8)
      octokit (~> 7.2)
      opentelemetry-api (~> 1.5)
      opentelemetry-logs-api (~> 0.2)
      opentelemetry-metrics-api (~> 0.3)
      parser (~> 3.3)
      psych (~> 5.0)
      sorbet-runtime (~> 0.5)
      stackprof (~> 0.2)
      toml-rb (~> 4.0)

PATH
  remote: ../composer
  specs:
    dependabot-composer (0.313.0)
      dependabot-common (= 0.313.0)

PATH
  remote: ../devcontainers
  specs:
    dependabot-devcontainers (0.313.0)
      dependabot-common (= 0.313.0)

PATH
  remote: ../docker_compose
  specs:
    dependabot-docker_compose (0.313.0)
      dependabot-common (= 0.313.0)
      dependabot-docker (= 0.313.0)

PATH
  remote: ../docker
  specs:
    dependabot-docker (0.313.0)
      dependabot-common (= 0.313.0)

PATH
  remote: ../dotnet_sdk
  specs:
    dependabot-dotnet_sdk (0.313.0)
      dependabot-common (= 0.313.0)

PATH
  remote: ../elm
  specs:
    dependabot-elm (0.313.0)
      dependabot-common (= 0.313.0)

PATH
  remote: ../git_submodules
  specs:
    dependabot-git_submodules (0.313.0)
      dependabot-common (= 0.313.0)
      parseconfig (~> 1.0, < 1.2.0)

PATH
  remote: ../github_actions
  specs:
    dependabot-github_actions (0.313.0)
      dependabot-common (= 0.313.0)

PATH
  remote: ../go_modules
  specs:
    dependabot-go_modules (0.313.0)
      dependabot-common (= 0.313.0)

PATH
  remote: ../gradle
  specs:
    dependabot-gradle (0.313.0)
      dependabot-common (= 0.313.0)
      dependabot-maven (= 0.313.0)

PATH
  remote: ../helm
  specs:
    dependabot-helm (0.313.0)
      dependabot-common (= 0.313.0)
      dependabot-docker (= 0.313.0)

PATH
  remote: ../hex
  specs:
    dependabot-hex (0.313.0)
      dependabot-common (= 0.313.0)

PATH
  remote: ../maven
  specs:
    dependabot-maven (0.313.0)
      dependabot-common (= 0.313.0)

PATH
  remote: ../npm_and_yarn
  specs:
    dependabot-npm_and_yarn (0.313.0)
      dependabot-common (= 0.313.0)

PATH
  remote: ../nuget
  specs:
    dependabot-nuget (0.313.0)
      dependabot-common (= 0.313.0)
      rubyzip (>= 2.3.2, < 3.0)

PATH
  remote: ../pub
  specs:
    dependabot-pub (0.313.0)
      dependabot-common (= 0.313.0)

PATH
  remote: ../python
  specs:
    dependabot-python (0.313.0)
      dependabot-common (= 0.313.0)

PATH
  remote: ../silent
  specs:
    dependabot-silent (0.313.0)
      dependabot-common (= 0.313.0)

PATH
  remote: ../swift
  specs:
    dependabot-swift (0.313.0)
      dependabot-common (= 0.313.0)

PATH
  remote: ../terraform
  specs:
    dependabot-terraform (0.313.0)
      dependabot-common (= 0.313.0)

PATH
  remote: ../uv
  specs:
    dependabot-uv (0.313.0)
      dependabot-common (= 0.313.0)

GEM
  remote: https://rubygems.org/
  specs:
    addressable (2.8.7)
      public_suffix (>= 2.0.2, < 7.0)
    ast (2.4.3)
    aws-eventstream (1.4.0)
    aws-partitions (1.1119.0)
    aws-sdk-codecommit (1.86.0)
      aws-sdk-core (~> 3, >= 3.225.0)
      aws-sigv4 (~> 1.5)
    aws-sdk-core (3.226.0)
      aws-eventstream (~> 1, >= 1.3.0)
      aws-partitions (~> 1, >= 1.992.0)
      aws-sigv4 (~> 1.9)
      base64
      jmespath (~> 1, >= 1.6.1)
      logger
    aws-sdk-ecr (1.104.0)
      aws-sdk-core (~> 3, >= 3.225.0)
      aws-sigv4 (~> 1.5)
    aws-sigv4 (1.12.1)
      aws-eventstream (~> 1, >= 1.0.2)
    base64 (0.2.0)
    bigdecimal (3.2.2)
    citrus (3.0.2)
    commonmarker (0.23.10)
    concurrent-ruby (1.3.5)
    crack (1.0.0)
      bigdecimal
      rexml
    csv (3.3.0)
    date (3.4.1)
    debug (1.11.0)
      irb (~> 1.10)
      reline (>= 0.3.8)
    diff-lcs (1.6.2)
    docile (1.4.0)
    docker_registry2 (1.18.2)
      rest-client (>= 1.8.0)
    domain_name (0.6.20240107)
    erb (5.0.1)
    excon (1.2.7)
      logger
    faraday (2.13.1)
      faraday-net_http (>= 2.0, < 3.5)
      json
      logger
    faraday-net_http (3.4.1)
      net-http (>= 0.5.0)
    faraday-retry (2.3.2)
      faraday (~> 2.0)
    ffi (1.17.2)
    ffi-compiler (1.3.2)
      ffi (>= 1.15.5)
      rake
    flamegraph (0.9.5)
    gitlab (5.1.0)
      base64 (~> 0.2.0)
      httparty (~> 0.20)
      terminal-table (>= 1.5.1)
    google-protobuf (4.31.0)
      bigdecimal
      rake (>= 13)
    googleapis-common-protos-types (1.20.0)
      google-protobuf (>= 3.18, < 5.a)
    gpgme (2.0.24)
      mini_portile2 (~> 2.7)
    hashdiff (1.2.0)
    http (5.3.1)
      addressable (~> 2.8)
      http-cookie (~> 1.0)
      http-form_data (~> 2.2)
      llhttp-ffi (~> 0.5.0)
    http-accept (1.7.0)
    http-cookie (1.0.8)
      domain_name (~> 0.5)
    http-form_data (2.3.0)
    httparty (0.22.0)
      csv
      mini_mime (>= 1.0.0)
      multi_xml (>= 0.5.2)
    io-console (0.8.0)
    irb (1.15.2)
      pp (>= 0.6.0)
      rdoc (>= 4.0.0)
      reline (>= 0.4.2)
    jmespath (1.6.2)
    json (2.12.2)
    language_server-protocol (3.17.0.5)
    lint_roller (1.1.0)
    llhttp-ffi (0.5.1)
      ffi-compiler (~> 1.0)
      rake (~> 13.0)
    logger (1.7.0)
    mime-types (3.4.1)
      mime-types-data (~> 3.2015)
    mime-types-data (3.2022.0105)
    mini_mime (1.1.5)
    mini_portile2 (2.8.9)
    multi_xml (0.7.1)
      bigdecimal (~> 3.1)
    net-http (0.6.0)
      uri
    netrc (0.11.0)
    nokogiri (1.18.8)
      mini_portile2 (~> 2.8.2)
      racc (~> 1.4)
    octokit (7.2.0)
      faraday (>= 1, < 3)
      sawyer (~> 0.9)
    opentelemetry-api (1.5.0)
    opentelemetry-common (0.22.0)
      opentelemetry-api (~> 1.0)
    opentelemetry-exporter-otlp (0.30.0)
      google-protobuf (>= 3.18)
      googleapis-common-protos-types (~> 1.3)
      opentelemetry-api (~> 1.1)
      opentelemetry-common (~> 0.20)
      opentelemetry-sdk (~> 1.2)
      opentelemetry-semantic_conventions
    opentelemetry-exporter-otlp-logs (0.2.0)
      google-protobuf (>= 3.18)
      googleapis-common-protos-types (~> 1.3)
      opentelemetry-api (~> 1.1)
      opentelemetry-common (~> 0.20)
      opentelemetry-logs-api (~> 0.1)
      opentelemetry-logs-sdk (~> 0.1)
      opentelemetry-sdk
      opentelemetry-semantic_conventions
    opentelemetry-exporter-otlp-metrics (0.4.1)
      google-protobuf (>= 3.18, < 5.0)
      googleapis-common-protos-types (~> 1.3)
      opentelemetry-api (~> 1.1)
      opentelemetry-common (~> 0.20)
      opentelemetry-metrics-api (~> 0.2)
      opentelemetry-metrics-sdk (~> 0.5)
      opentelemetry-sdk (~> 1.2)
      opentelemetry-semantic_conventions
    opentelemetry-instrumentation-base (0.23.0)
      opentelemetry-api (~> 1.0)
      opentelemetry-common (~> 0.21)
      opentelemetry-registry (~> 0.1)
    opentelemetry-instrumentation-excon (0.23.0)
      opentelemetry-api (~> 1.0)
      opentelemetry-instrumentation-base (~> 0.23.0)
    opentelemetry-instrumentation-faraday (0.27.0)
      opentelemetry-api (~> 1.0)
      opentelemetry-instrumentation-base (~> 0.23.0)
    opentelemetry-instrumentation-http (0.25.0)
      opentelemetry-api (~> 1.0)
      opentelemetry-instrumentation-base (~> 0.23.0)
    opentelemetry-instrumentation-net_http (0.23.0)
      opentelemetry-api (~> 1.0)
      opentelemetry-instrumentation-base (~> 0.23.0)
    opentelemetry-logs-api (0.2.0)
      opentelemetry-api (~> 1.0)
    opentelemetry-logs-sdk (0.2.0)
      opentelemetry-api (~> 1.2)
      opentelemetry-logs-api (~> 0.1)
      opentelemetry-sdk (~> 1.3)
    opentelemetry-metrics-api (0.3.0)
      opentelemetry-api (~> 1.0)
    opentelemetry-metrics-sdk (0.7.1)
      opentelemetry-api (~> 1.1)
      opentelemetry-metrics-api (~> 0.2)
      opentelemetry-sdk (~> 1.2)
    opentelemetry-registry (0.4.0)
      opentelemetry-api (~> 1.1)
    opentelemetry-sdk (1.8.0)
      opentelemetry-api (~> 1.1)
      opentelemetry-common (~> 0.20)
      opentelemetry-registry (~> 0.2)
      opentelemetry-semantic_conventions
    opentelemetry-semantic_conventions (1.11.0)
      opentelemetry-api (~> 1.0)
    parallel (1.27.0)
    parallel_tests (4.10.1)
      parallel
    parseconfig (1.1.2)
    parser (3.3.8.0)
      ast (~> 2.4.1)
      racc
    pp (0.6.2)
      prettyprint
    prettyprint (0.2.0)
    prism (1.4.0)
    psych (5.2.6)
      date
      stringio
    public_suffix (6.0.2)
    racc (1.8.1)
    rainbow (3.1.1)
    rake (13.3.0)
    rdoc (6.14.1)
      erb
      psych (>= 4.0.0)
    regexp_parser (2.10.0)
    reline (0.6.1)
      io-console (~> 0.5)
    rest-client (2.1.0)
      http-accept (>= 1.7.0, < 2.0)
      http-cookie (>= 1.0.2, < 2.0)
      mime-types (>= 1.16, < 4.0)
      netrc (~> 0.8)
    rexml (3.4.1)
    rspec (3.13.1)
      rspec-core (~> 3.13.0)
      rspec-expectations (~> 3.13.0)
      rspec-mocks (~> 3.13.0)
    rspec-core (3.13.4)
      rspec-support (~> 3.13.0)
    rspec-expectations (3.13.5)
      diff-lcs (>= 1.2.0, < 2.0)
      rspec-support (~> 3.13.0)
    rspec-its (2.0.0)
      rspec-core (>= 3.13.0)
      rspec-expectations (>= 3.13.0)
    rspec-mocks (3.13.5)
      diff-lcs (>= 1.2.0, < 2.0)
      rspec-support (~> 3.13.0)
    rspec-sorbet (1.9.2)
      sorbet-runtime
    rspec-support (3.13.4)
    rubocop (1.77.0)
      json (~> 2.3)
      language_server-protocol (~> 3.17.0.2)
      lint_roller (~> 1.1.0)
      parallel (~> 1.10)
      parser (>= 3.3.0.2)
      rainbow (>= 2.2.2, < 4.0)
      regexp_parser (>= 2.9.3, < 3.0)
      rubocop-ast (>= 1.45.1, < 2.0)
      ruby-progressbar (~> 1.7)
      unicode-display_width (>= 2.4.0, < 4.0)
    rubocop-ast (1.45.1)
      parser (>= 3.3.7.2)
      prism (~> 1.4)
    rubocop-capybara (2.20.0)
      rubocop (~> 1.41)
    rubocop-factory_bot (2.25.1)
      rubocop (~> 1.41)
    rubocop-performance (1.25.0)
      lint_roller (~> 1.1)
      rubocop (>= 1.75.0, < 2.0)
      rubocop-ast (>= 1.38.0, < 2.0)
    rubocop-rspec (2.29.1)
      rubocop (~> 1.40)
      rubocop-capybara (~> 2.17)
      rubocop-factory_bot (~> 2.22)
      rubocop-rspec_rails (~> 2.28)
    rubocop-rspec_rails (2.28.3)
      rubocop (~> 1.40)
    rubocop-sorbet (0.10.5)
      lint_roller
      rubocop (>= 1.75.2)
    ruby-progressbar (1.13.0)
    rubyzip (2.4.1)
    sawyer (0.9.2)
      addressable (>= 2.3.5)
      faraday (>= 0.17.3, < 3)
    sentry-opentelemetry (5.25.0)
      opentelemetry-sdk (~> 1.0)
      sentry-ruby (~> 5.25.0)
    sentry-ruby (5.25.0)
      bigdecimal
      concurrent-ruby (~> 1.0, >= 1.0.2)
    simplecov (0.22.0)
      docile (~> 1.1)
      simplecov-html (~> 0.11)
      simplecov_json_formatter (~> 0.1)
    simplecov-html (0.12.3)
    simplecov_json_formatter (0.1.4)
    sorbet-runtime (0.5.12196)
    stackprof (0.2.27)
    stringio (3.1.7)
    terminal-table (4.0.0)
      unicode-display_width (>= 1.1.1, < 4)
    toml-rb (4.0.0)
      citrus (~> 3.0, > 3.0)
      racc (~> 1.7)
    turbo_tests (2.2.5)
      parallel_tests (>= 3.3.0, < 5)
      rspec (>= 3.10)
    unicode-display_width (3.1.4)
      unicode-emoji (~> 4.0, >= 4.0.4)
    unicode-emoji (4.0.4)
    uri (1.0.3)
    vcr (6.3.1)
      base64
    webmock (3.25.1)
      addressable (>= 2.8.0)
      crack (>= 0.3.2)
      hashdiff (>= 0.4.0, < 2.0.0)
    webrick (1.9.1)
    zeitwerk (2.7.3)

PLATFORMS
  ruby

DEPENDENCIES
  debug (~> 1.9)
  dependabot-bun!
  dependabot-bundler!
  dependabot-cargo!
  dependabot-common!
  dependabot-composer!
  dependabot-devcontainers!
  dependabot-docker!
  dependabot-docker_compose!
  dependabot-dotnet_sdk!
  dependabot-elm!
  dependabot-git_submodules!
  dependabot-github_actions!
  dependabot-go_modules!
  dependabot-gradle!
  dependabot-helm!
  dependabot-hex!
  dependabot-maven!
  dependabot-npm_and_yarn!
  dependabot-nuget!
  dependabot-pub!
  dependabot-python!
  dependabot-silent!
  dependabot-swift!
  dependabot-terraform!
  dependabot-uv!
  flamegraph (~> 0.9)
  gpgme (~> 2.0)
  http (~> 5.3)
  octokit (~> 7.2)
  opentelemetry-exporter-otlp (~> 0.30)
  opentelemetry-exporter-otlp-logs (~> 0.2)
  opentelemetry-exporter-otlp-metrics (~> 0.4)
  opentelemetry-instrumentation-excon (~> 0.23)
  opentelemetry-instrumentation-faraday (~> 0.27)
  opentelemetry-instrumentation-http (~> 0.25)
  opentelemetry-instrumentation-net_http (~> 0.23)
  opentelemetry-logs-sdk (~> 0.2)
  opentelemetry-metrics-sdk (~> 0.7)
  opentelemetry-sdk (~> 1.8)
  rake (~> 13.2)
  rspec (~> 3.12)
  rspec-its (~> 2.0)
  rspec-sorbet (~> 1.9)
  rubocop (~> 1.67)
  rubocop-performance (~> 1.22)
  rubocop-rspec (~> 2.29)
  rubocop-sorbet (~> 0.8)
  sentry-opentelemetry (~> 5.25)
  sentry-ruby (~> 5.23)
  simplecov (~> 0.22)
  terminal-table (~> 4.0)
  turbo_tests (~> 2.2)
  vcr (~> 6.1)
  webmock (~> 3.18)
  webrick (~> 1.9)
  zeitwerk (~> 2.7)

CHECKSUMS
  addressable (2.8.7) sha256=462986537cf3735ab5f3c0f557f14155d778f4b43ea4f485a9deb9c8f7c58232
  ast (2.4.3) sha256=954615157c1d6a382bc27d690d973195e79db7f55e9765ac7c481c60bdb4d383
  aws-eventstream (1.4.0) sha256=116bf85c436200d1060811e6f5d2d40c88f65448f2125bc77ffce5121e6e183b
  aws-partitions (1.1119.0) sha256=23071b9ed13dd2f21ed10e87189c3c3cd50d4f9baf251413c53b6de4293ce331
  aws-sdk-codecommit (1.86.0) sha256=fb1c77ad4d654e4930815883bd2a29aeb66d77609ddb6e95127adbff087bf411
  aws-sdk-core (3.226.0) sha256=6b2dca6576d965b8c7ddf393fe49dac6aea2b6f4a07ead0c35306bba2b0c90f5
  aws-sdk-ecr (1.104.0) sha256=52eed429f905927182d1676730531a464675ef95bb7f81e3c0280991f361bd7a
  aws-sigv4 (1.12.1) sha256=6973ff95cb0fd0dc58ba26e90e9510a2219525d07620c8babeb70ef831826c00
  base64 (0.2.0) sha256=0f25e9b21a02a0cc0cea8ef92b2041035d39350946e8789c562b2d1a3da01507
  bigdecimal (3.2.2) sha256=39085f76b495eb39a79ce07af716f3a6829bc35eb44f2195e2753749f2fa5adc
  citrus (3.0.2) sha256=4ec2412fc389ad186735f4baee1460f7900a8e130ffe3f216b30d4f9c684f650
  commonmarker (0.23.10) sha256=fdd312ae2bb4071b2f3085d4d7533cb9f8d9057a2eaa0760228a65bc3ed565d1
  concurrent-ruby (1.3.5) sha256=813b3e37aca6df2a21a3b9f1d497f8cbab24a2b94cab325bffe65ee0f6cbebc6
  crack (1.0.0) sha256=c83aefdb428cdc7b66c7f287e488c796f055c0839e6e545fec2c7047743c4a49
  csv (3.3.0) sha256=0bbd1defdc31134abefed027a639b3723c2753862150f4c3ee61cab71b20d67d
  date (3.4.1) sha256=bf268e14ef7158009bfeaec40b5fa3c7271906e88b196d958a89d4b408abe64f
  debug (1.11.0) sha256=1425db64cfa0130c952684e3dc974985be201dd62899bf4bbe3f8b5d6cf1aef2
  dependabot-bun (0.313.0)
  dependabot-bundler (0.313.0)
  dependabot-cargo (0.313.0)
  dependabot-common (0.313.0)
  dependabot-composer (0.313.0)
  dependabot-devcontainers (0.313.0)
  dependabot-docker (0.313.0)
  dependabot-docker_compose (0.313.0)
  dependabot-dotnet_sdk (0.313.0)
  dependabot-elm (0.313.0)
  dependabot-git_submodules (0.313.0)
  dependabot-github_actions (0.313.0)
  dependabot-go_modules (0.313.0)
  dependabot-gradle (0.313.0)
  dependabot-helm (0.313.0)
  dependabot-hex (0.313.0)
  dependabot-maven (0.313.0)
  dependabot-npm_and_yarn (0.313.0)
  dependabot-nuget (0.313.0)
  dependabot-pub (0.313.0)
  dependabot-python (0.313.0)
  dependabot-silent (0.313.0)
  dependabot-swift (0.313.0)
  dependabot-terraform (0.313.0)
  dependabot-uv (0.313.0)
  diff-lcs (1.6.2) sha256=9ae0d2cba7d4df3075fe8cd8602a8604993efc0dfa934cff568969efb1909962
  docile (1.4.0) sha256=5f1734bde23721245c20c3d723e76c104208e1aa01277a69901ce770f0ebb8d3
  docker_registry2 (1.18.2) sha256=2ace909110fbca29d69dd1cdec99f555024aa6f6577798638139c8e8e556910f
  domain_name (0.6.20240107) sha256=5f693b2215708476517479bf2b3802e49068ad82167bcd2286f899536a17d933
  erb (5.0.1) sha256=760439803b36cc93eca8a266aab614614e588024a89bc30a62e78d98ff452c23
  excon (1.2.7) sha256=3b3917dbdf0c65b8d872039fe2b37bf423da2f245ef05b0af07423027c4cfde5
  faraday (2.13.1) sha256=cc531eb5467e7d74d4517630fa96f1a7003647cbf20a9a3e067d098941217b75
  faraday-net_http (3.4.1) sha256=095757fae7872b94eac839c08a1a4b8d84fd91d6886cfbe75caa2143de64ab3b
  faraday-retry (2.3.2) sha256=2402d2029032ebd238a2046221e67f6ef0da78c5a8ce8cd4f8b9c62e4d6451d1
  ffi (1.17.2) sha256=297235842e5947cc3036ebe64077584bff583cd7a4e94e9a02fdec399ef46da6
  ffi-compiler (1.3.2) sha256=a94f3d81d12caf5c5d4ecf13980a70d0aeaa72268f3b9cc13358bcc6509184a0
  flamegraph (0.9.5) sha256=a683020637ffa0e14a72640fa41babf14d926bfeaed87e31907cfd06ab2de8dc
  gitlab (5.1.0) sha256=021c27807a98f379c0cfeda459327c026d3756dbd6531dc1479f0e3df03572c7
  google-protobuf (4.31.0) sha256=4db6fe6c92dd683aa9671432c38976685aaf9ba2f92450eebd63d76bcdbe4891
  googleapis-common-protos-types (1.20.0) sha256=5e374b06bcfc7e13556e7c0d87b99f1fa3d42de6396a1de3d8fc13aefb4dd07f
  gpgme (2.0.24) sha256=53eccd7042abb4fd5c78f30bc9ed075b1325e6450eab207f2f6a1e7e28ae3b64
  hashdiff (1.2.0) sha256=c984f13e115bfc9953332e8e83bd9d769cfde9944e2d54e07eb9df7b76e140b5
  http (5.3.1) sha256=c50802d8e9be3926cb84ac3b36d1a31fbbac383bc4cbecdce9053cb604231d7d
  http-accept (1.7.0) sha256=c626860682bfbb3b46462f8c39cd470fd7b0584f61b3cc9df5b2e9eb9972a126
  http-cookie (1.0.8) sha256=b14fe0445cf24bf9ae098633e9b8d42e4c07c3c1f700672b09fbfe32ffd41aa6
  http-form_data (2.3.0) sha256=cc4eeb1361d9876821e31d7b1cf0b68f1cf874b201d27903480479d86448a5f3
  httparty (0.22.0) sha256=78652a5c9471cf0093d3b2083c2295c9c8f12b44c65112f1846af2b71430fa6c
  io-console (0.8.0) sha256=cd6a9facbc69871d69b2cb8b926fc6ea7ef06f06e505e81a64f14a470fddefa2
  irb (1.15.2) sha256=222f32952e278da34b58ffe45e8634bf4afc2dc7aa9da23fed67e581aa50fdba
  jmespath (1.6.2) sha256=238d774a58723d6c090494c8879b5e9918c19485f7e840f2c1c7532cf84ebcb1
  json (2.12.2) sha256=ba94a48ad265605c8fa9a50a5892f3ba6a02661aa010f638211f3cb36f44abf4
  language_server-protocol (3.17.0.5) sha256=fd1e39a51a28bf3eec959379985a72e296e9f9acfce46f6a79d31ca8760803cc
  lint_roller (1.1.0) sha256=2c0c845b632a7d172cb849cc90c1bce937a28c5c8ccccb50dfd46a485003cc87
  llhttp-ffi (0.5.1) sha256=9a25a7fc19311f691a78c9c0ac0fbf4675adbd0cca74310228fdf841018fa7bc
  logger (1.7.0) sha256=196edec7cc44b66cfb40f9755ce11b392f21f7967696af15d274dde7edff0203
  mime-types (3.4.1) sha256=6bcf8b0e656b6ae9977bdc1351ef211d0383252d2f759a59ef4bcf254542fc46
  mime-types-data (3.2022.0105) sha256=d8c401ba9ea8b648b7145b90081789ec714e91fd625d82c5040079c5ea696f00
  mini_mime (1.1.5) sha256=8681b7e2e4215f2a159f9400b5816d85e9d8c6c6b491e96a12797e798f8bccef
  mini_portile2 (2.8.9) sha256=0cd7c7f824e010c072e33f68bc02d85a00aeb6fce05bb4819c03dfd3c140c289
  multi_xml (0.7.1) sha256=4fce100c68af588ff91b8ba90a0bb3f0466f06c909f21a32f4962059140ba61b
  net-http (0.6.0) sha256=9621b20c137898af9d890556848c93603716cab516dc2c89b01a38b894e259fb
  netrc (0.11.0) sha256=de1ce33da8c99ab1d97871726cba75151113f117146becbe45aa85cb3dabee3f
  nokogiri (1.18.8) sha256=8c7464875d9ca7f71080c24c0db7bcaa3940e8be3c6fc4bcebccf8b9a0016365
  octokit (7.2.0) sha256=7032d968d03177ee7a29e3bd4782fc078215cca4743db0dfc66a49feb9411907
  opentelemetry-api (1.5.0) sha256=8dcc33e7aba70b1da630065ce0db3d6f50cb8ebd2017383209739439025ea997
  opentelemetry-common (0.22.0) sha256=ce5e96a0f838d67eb70a1d32e02bdbe7b8f41767bc71994d73b299a8b0c5878d
  opentelemetry-exporter-otlp (0.30.0) sha256=07cb0446bb782dfcf7cc27d2d6ebcf9aef1a4585b3f4952be6276a1e77d5ba97
  opentelemetry-exporter-otlp-logs (0.2.0) sha256=d665bd0320dbcaf4717faa728fd201d6490804bedeff76bde39e88e24dd44570
  opentelemetry-exporter-otlp-metrics (0.4.1) sha256=76fca1ea47374f948efcb124e5db43070d451589eafdb575a166ff1e6018b867
  opentelemetry-instrumentation-base (0.23.0) sha256=b3e103ceea2ccf3e6269a394938a5bc239c80d113869fe2b2ac49ba27c3c1c50
  opentelemetry-instrumentation-excon (0.23.0) sha256=3ae5c57a05457f3bfea796ef815d261df94ffc4a83e4b691128044185a8a3f07
  opentelemetry-instrumentation-faraday (0.27.0) sha256=2376b11c04a69d5f6619066916f9373942c9d5b5a218ab4efdcf72d5e7de4564
  opentelemetry-instrumentation-http (0.25.0) sha256=81b2584c56112b67a01cd7595c4fdd413553423f2312640fb4311c97b94d3f5d
  opentelemetry-instrumentation-net_http (0.23.0) sha256=91123b721848f807e72157725771f680f70ecdbbdd58c05577713234ff1c0a80
  opentelemetry-logs-api (0.2.0) sha256=0e9241b9b53a315101a6a5f2efbfa80278a0d39f9220915871f8d6057c39b117
  opentelemetry-logs-sdk (0.2.0) sha256=5911963a80e8852d07bf0e4acf630dac4177af178a0fc0287a1878114c81c640
  opentelemetry-metrics-api (0.3.0) sha256=29f4b82cd5c5992884f4dc68d279a2cc114560f433c431bf9ef6f42d8d0f10b1
  opentelemetry-metrics-sdk (0.7.1) sha256=a922fcb8bc3c3b4a52990438a34d74b6004a3c489c1039d3988610fac7c52432
  opentelemetry-registry (0.4.0) sha256=903fa6bfaa29eac1c1d73a4fdd29b850977b5353b84b8cdff11222c00ad2968f
  opentelemetry-sdk (1.8.0) sha256=fad979b4a6c7ad5b2f9f2bfde77ab5c0c6a9b81d5a6458becf5957e3fa371df7
  opentelemetry-semantic_conventions (1.11.0) sha256=89f209f588d48a8e38ca2205c24c6b4a35f3d2622c2f1854bd476c56290afdcb
  parallel (1.27.0) sha256=4ac151e1806b755fb4e2dc2332cbf0e54f2e24ba821ff2d3dcf86bf6dc4ae130
  parallel_tests (4.10.1) sha256=df05458c691462b210f7a41fc2651d4e4e8a881e8190e6d1e122c92c07735d70
  parseconfig (1.1.2) sha256=e52247d15070fb47f9e58f44f7888d1e7f65775274cd60f9ab4b7acd7943b291
  parser (3.3.8.0) sha256=2476364142b307fa5a1b1ece44f260728be23858a9c71078e956131a75453c45
  pp (0.6.2) sha256=947ec3120c6f92195f8ee8aa25a7b2c5297bb106d83b41baa02983686577b6ff
  prettyprint (0.2.0) sha256=2bc9e15581a94742064a3cc8b0fb9d45aae3d03a1baa6ef80922627a0766f193
  prism (1.4.0) sha256=dc0e3e00e93160213dc2a65519d9002a4a1e7b962db57d444cf1a71565bb703e
  psych (5.2.6) sha256=814328aa5dcb6d604d32126a20bc1cbcf05521a5b49dbb1a8b30a07e580f316e
  public_suffix (6.0.2) sha256=bfa7cd5108066f8c9602e0d6d4114999a5df5839a63149d3e8b0f9c1d3558394
  racc (1.8.1) sha256=4a7f6929691dbec8b5209a0b373bc2614882b55fc5d2e447a21aaa691303d62f
  rainbow (3.1.1) sha256=039491aa3a89f42efa1d6dec2fc4e62ede96eb6acd95e52f1ad581182b79bc6a
  rake (13.3.0) sha256=96f5092d786ff412c62fde76f793cc0541bd84d2eb579caa529aa8a059934493
  rdoc (6.14.1) sha256=905efa796cd296ef252af4fb31fe41c073dee894de6aad715821f335c632516b
  regexp_parser (2.10.0) sha256=cb6f0ddde88772cd64bff1dbbf68df66d376043fe2e66a9ef77fcb1b0c548c61
  reline (0.6.1) sha256=1afcc9d7cb1029cdbe780d72f2f09251ce46d3780050f3ec39c3ccc6b60675fb
  rest-client (2.1.0) sha256=35a6400bdb14fae28596618e312776c158f7ebbb0ccad752ff4fa142bf2747e3
  rexml (3.4.1) sha256=c74527a9a0a04b4ec31dbe0dc4ed6004b960af943d8db42e539edde3a871abca
  rspec (3.13.1) sha256=b9f9a58fa915b8d94a1d6b3195fe6dd28c4c34836a6097015142c4a9ace72140
  rspec-core (3.13.4) sha256=f9da156b7b775c82610a7b580624df51a55102f8c8e4a103b98f5d7a9fa23958
  rspec-expectations (3.13.5) sha256=33a4d3a1d95060aea4c94e9f237030a8f9eae5615e9bd85718fe3a09e4b58836
  rspec-its (2.0.0) sha256=a88e8bc38149f2835e93533591ec4f5c829aacbfd41269a2e6f9f5b82f5260df
  rspec-mocks (3.13.5) sha256=e4338a6f285ada9fe56f5893f5457783af8194f5d08884d17a87321d5195ea81
  rspec-sorbet (1.9.2) sha256=28bf3969fa136ed22edd05b00d23aab52c276f2fcc89fccbb16b8fd0c48931c8
  rspec-support (3.13.4) sha256=184b1814f6a968102b57df631892c7f1990a91c9a3b9e80ef892a0fc2a71a3f7
  rubocop (1.77.0) sha256=1f360b4575ef7a124be27b0dfffa227a2b2d9420d22d4fd8bf179d702bcc88c0
  rubocop-ast (1.45.1) sha256=94042e49adc17f187ba037b33f941ba7398fede77cdf4bffafba95190a473a3e
  rubocop-capybara (2.20.0) sha256=2a6844b942921f230ee3ab8c94fe77f41a9406096a140245270c0e11624bb938
  rubocop-factory_bot (2.25.1) sha256=62751bde7af789878b8a31cbd2a82e69515ce7b23a2ad1820cb0fcc3e0150134
  rubocop-performance (1.25.0) sha256=6f7d03568a770054117a78d0a8e191cefeffb703b382871ca7743831b1a52ec1
  rubocop-rspec (2.29.1) sha256=534ee81a3006e7379ec6203687ef7c06ca1d137b7d6d67c2777b680b1ce82e13
  rubocop-rspec_rails (2.28.3) sha256=9769f2077cca8af2269193ba0450e0317ae1827a132c19149fdbeecaaca32818
  rubocop-sorbet (0.10.5) sha256=221672c096616d908a06aadd5111bfaab6d3c990d2a1caf2714cdec6514f4795
  ruby-progressbar (1.13.0) sha256=80fc9c47a9b640d6834e0dc7b3c94c9df37f08cb072b7761e4a71e22cff29b33
  rubyzip (2.4.1) sha256=8577c88edc1fde8935eb91064c5cb1aef9ad5494b940cf19c775ee833e075615
  sawyer (0.9.2) sha256=fa3a72d62a4525517b18857ddb78926aab3424de0129be6772a8e2ba240e7aca
  sentry-opentelemetry (5.25.0) sha256=2c64274f7189083474056971a15e8b448302edaa28768f7a8ff3dd9507d71cc4
  sentry-ruby (5.25.0) sha256=b58da7f2cc5742076a356ae251b19426de01aed8d57ddcd309a8ee2b78e52fe8
  simplecov (0.22.0) sha256=fe2622c7834ff23b98066bb0a854284b2729a569ac659f82621fc22ef36213a5
  simplecov-html (0.12.3) sha256=4b1aad33259ffba8b29c6876c12db70e5750cb9df829486e4c6e5da4fa0aa07b
  simplecov_json_formatter (0.1.4) sha256=529418fbe8de1713ac2b2d612aa3daa56d316975d307244399fa4838c601b428
  sorbet-runtime (0.5.12196) sha256=bb03f27fe80c0e0c21d4c0b478d323854cee57101bc61298031a666a568509bd
  stackprof (0.2.27) sha256=aff6d28656c852e74cf632cc2046f849033dc1dedffe7cb8c030d61b5745e80c
  stringio (3.1.7) sha256=5b78b7cb242a315fb4fca61a8255d62ec438f58da2b90be66048546ade4507fa
  terminal-table (4.0.0) sha256=f504793203f8251b2ea7c7068333053f0beeea26093ec9962e62ea79f94301d2
  toml-rb (4.0.0) sha256=bc997a4114c94a65dd5287aa4784ef36cff2c80ec2ecb5980fe7d674f8ed37ea
  turbo_tests (2.2.5) sha256=3fa31497d12976d11ccc298add29107b92bda94a90d8a0a5783f06f05102509f
  unicode-display_width (3.1.4) sha256=8caf2af1c0f2f07ec89ef9e18c7d88c2790e217c482bfc78aaa65eadd5415ac1
  unicode-emoji (4.0.4) sha256=2c2c4ef7f353e5809497126285a50b23056cc6e61b64433764a35eff6c36532a
  uri (1.0.3) sha256=e9f2244608eea2f7bc357d954c65c910ce0399ca5e18a7a29207ac22d8767011
  vcr (6.3.1) sha256=37b56e157e720446a3f4d2d39919cabef8cb7b6c45936acffd2ef8229fec03ed
  webmock (3.25.1) sha256=ab9d5d9353bcbe6322c83e1c60a7103988efc7b67cd72ffb9012629c3d396323
  webrick (1.9.1) sha256=b42d3c94f166f3fb73d87e9b359def9b5836c426fc8beacf38f2184a21b2a989
  zeitwerk (2.7.3) sha256=b2e86b4a9b57d26ba68a15230dcc7fe6f040f06831ce64417b0621ad96ba3e85

BUNDLED WITH
   2.6.3
