PATH
  remote: ../bun
  specs:
    dependabot-bun (0.313.0)
      dependabot-common (= 0.313.0)

PATH
  remote: ../bundler
  specs:
    dependabot-bundler (0.313.0)
      dependabot-common (= 0.313.0)
      parallel (~> 1.24)

PATH
  remote: ../cargo
  specs:
    dependabot-cargo (0.313.0)
      dependabot-common (= 0.313.0)

PATH
  remote: ../common
  specs:
    dependabot-common (0.313.0)
      aws-sdk-codecommit (~> 1.28)
      aws-sdk-ecr (~> 1.5)
      bundler (>= 1.16, < 3.0.0)
      commonmarker (~> 0.23)
      docker_registry2 (~> 1.18)
      excon (~> 0.109)
      faraday (~> 2.7)
      faraday-retry (~> 2.2)
      gitlab (~> 5.0)
      json (< 2.13)
      nokogiri (~> 1.8)
      octokit (~> 7.2)
      opentelemetry-api (~> 1.5)
      opentelemetry-logs-api (~> 0.2)
      opentelemetry-metrics-api (~> 0.3)
      parser (~> 3.3)
      psych (~> 5.0)
      sorbet-runtime (~> 0.5)
      stackprof (~> 0.2)
      toml-rb (~> 4.0)

PATH
  remote: ../composer
  specs:
    dependabot-composer (0.313.0)
      dependabot-common (= 0.313.0)

PATH
  remote: ../devcontainers
  specs:
    dependabot-devcontainers (0.313.0)
      dependabot-common (= 0.313.0)

PATH
  remote: ../docker_compose
  specs:
    dependabot-docker_compose (0.313.0)
      dependabot-common (= 0.313.0)
      dependabot-docker (= 0.313.0)

PATH
  remote: ../docker
  specs:
    dependabot-docker (0.313.0)
      dependabot-common (= 0.313.0)

PATH
  remote: ../dotnet_sdk
  specs:
    dependabot-dotnet_sdk (0.313.0)
      dependabot-common (= 0.313.0)

PATH
  remote: ../elm
  specs:
    dependabot-elm (0.313.0)
      dependabot-common (= 0.313.0)

PATH
  remote: ../git_submodules
  specs:
    dependabot-git_submodules (0.313.0)
      dependabot-common (= 0.313.0)
      parseconfig (~> 1.0, < 1.2.0)

PATH
  remote: ../github_actions
  specs:
    dependabot-github_actions (0.313.0)
      dependabot-common (= 0.313.0)

PATH
  remote: ../go_modules
  specs:
    dependabot-go_modules (0.313.0)
      dependabot-common (= 0.313.0)

PATH
  remote: ../gradle
  specs:
    dependabot-gradle (0.313.0)
      dependabot-common (= 0.313.0)
      dependabot-maven (= 0.313.0)

PATH
  remote: ../helm
  specs:
    dependabot-helm (0.313.0)
      dependabot-common (= 0.313.0)
      dependabot-docker (= 0.313.0)

PATH
  remote: ../hex
  specs:
    dependabot-hex (0.313.0)
      dependabot-common (= 0.313.0)

PATH
  remote: ../maven
  specs:
    dependabot-maven (0.313.0)
      dependabot-common (= 0.313.0)

PATH
  remote: ../npm_and_yarn
  specs:
    dependabot-npm_and_yarn (0.313.0)
      dependabot-common (= 0.313.0)

PATH
  remote: ../nuget
  specs:
    dependabot-nuget (0.313.0)
      dependabot-common (= 0.313.0)
      rubyzip (>= 2.3.2, < 3.0)

PATH
  remote: ../pub
  specs:
    dependabot-pub (0.313.0)
      dependabot-common (= 0.313.0)

PATH
  remote: ../python
  specs:
    dependabot-python (0.313.0)
      dependabot-common (= 0.313.0)

PATH
  remote: ../silent
  specs:
    dependabot-silent (0.313.0)
      dependabot-common (= 0.313.0)

PATH
  remote: ../swift
  specs:
    dependabot-swift (0.313.0)
      dependabot-common (= 0.313.0)

PATH
  remote: ../terraform
  specs:
    dependabot-terraform (0.313.0)
      dependabot-common (= 0.313.0)

PATH
  remote: ../uv
  specs:
    dependabot-uv (0.313.0)
      dependabot-common (= 0.313.0)

GEM
  remote: https://rubygems.org/
  specs:
    addressable (2.8.7)
      public_suffix (>= 2.0.2, < 7.0)
    ast (2.4.3)
    aws-eventstream (1.3.2)
    aws-partitions (1.1103.0)
    aws-sdk-codecommit (1.85.0)
      aws-sdk-core (~> 3, >= 3.216.0)
      aws-sigv4 (~> 1.5)
    aws-sdk-core (3.224.0)
      aws-eventstream (~> 1, >= 1.3.0)
      aws-partitions (~> 1, >= 1.992.0)
      aws-sigv4 (~> 1.9)
      base64
      jmespath (~> 1, >= 1.6.1)
      logger
    aws-sdk-ecr (1.102.0)
      aws-sdk-core (~> 3, >= 3.216.0)
      aws-sigv4 (~> 1.5)
    aws-sigv4 (1.11.0)
      aws-eventstream (~> 1, >= 1.0.2)
    base64 (0.2.0)
    bigdecimal (3.1.9)
    citrus (3.0.2)
    commonmarker (0.23.10)
    concurrent-ruby (1.3.5)
    crack (1.0.0)
      bigdecimal
      rexml
    csv (3.3.0)
    date (3.4.1)
    debug (1.9.2)
      irb (~> 1.10)
      reline (>= 0.3.8)
    diff-lcs (1.6.2)
    docile (1.4.0)
    docker_registry2 (1.18.2)
      rest-client (>= 1.8.0)
    domain_name (0.6.20240107)
    excon (0.109.0)
    faraday (2.13.1)
      faraday-net_http (>= 2.0, < 3.5)
      json
      logger
    faraday-net_http (3.4.0)
      net-http (>= 0.5.0)
    faraday-retry (2.3.1)
      faraday (~> 2.0)
    ffi (1.17.2)
    ffi-compiler (1.3.2)
      ffi (>= 1.15.5)
      rake
    flamegraph (0.9.5)
    gitlab (5.1.0)
      base64 (~> 0.2.0)
      httparty (~> 0.20)
      terminal-table (>= 1.5.1)
    google-protobuf (4.31.0)
      bigdecimal
      rake (>= 13)
    googleapis-common-protos-types (1.20.0)
      google-protobuf (>= 3.18, < 5.a)
    gpgme (2.0.24)
      mini_portile2 (~> 2.7)
    hashdiff (1.1.1)
    http (5.2.0)
      addressable (~> 2.8)
      base64 (~> 0.1)
      http-cookie (~> 1.0)
      http-form_data (~> 2.2)
      llhttp-ffi (~> 0.5.0)
    http-accept (1.7.0)
    http-cookie (1.0.8)
      domain_name (~> 0.5)
    http-form_data (2.3.0)
    httparty (0.22.0)
      csv
      mini_mime (>= 1.0.0)
      multi_xml (>= 0.5.2)
    io-console (0.7.2)
    irb (1.12.0)
      rdoc
      reline (>= 0.4.2)
    jmespath (1.6.2)
    json (2.12.0)
    language_server-protocol (3.17.0.5)
    llhttp-ffi (0.5.1)
      ffi-compiler (~> 1.0)
      rake (~> 13.0)
    logger (1.7.0)
    mime-types (3.4.1)
      mime-types-data (~> 3.2015)
    mime-types-data (3.2022.0105)
    mini_mime (1.1.5)
    mini_portile2 (2.8.9)
    multi_xml (0.7.1)
      bigdecimal (~> 3.1)
    net-http (0.6.0)
      uri
    netrc (0.11.0)
    nokogiri (1.18.8)
      mini_portile2 (~> 2.8.2)
      racc (~> 1.4)
    octokit (7.2.0)
      faraday (>= 1, < 3)
      sawyer (~> 0.9)
    opentelemetry-api (1.5.0)
    opentelemetry-common (0.22.0)
      opentelemetry-api (~> 1.0)
    opentelemetry-exporter-otlp (0.30.0)
      google-protobuf (>= 3.18)
      googleapis-common-protos-types (~> 1.3)
      opentelemetry-api (~> 1.1)
      opentelemetry-common (~> 0.20)
      opentelemetry-sdk (~> 1.2)
      opentelemetry-semantic_conventions
    opentelemetry-exporter-otlp-logs (0.2.0)
      google-protobuf (>= 3.18)
      googleapis-common-protos-types (~> 1.3)
      opentelemetry-api (~> 1.1)
      opentelemetry-common (~> 0.20)
      opentelemetry-logs-api (~> 0.1)
      opentelemetry-logs-sdk (~> 0.1)
      opentelemetry-sdk
      opentelemetry-semantic_conventions
    opentelemetry-exporter-otlp-metrics (0.4.1)
      google-protobuf (>= 3.18, < 5.0)
      googleapis-common-protos-types (~> 1.3)
      opentelemetry-api (~> 1.1)
      opentelemetry-common (~> 0.20)
      opentelemetry-metrics-api (~> 0.2)
      opentelemetry-metrics-sdk (~> 0.5)
      opentelemetry-sdk (~> 1.2)
      opentelemetry-semantic_conventions
    opentelemetry-instrumentation-base (0.23.0)
      opentelemetry-api (~> 1.0)
      opentelemetry-common (~> 0.21)
      opentelemetry-registry (~> 0.1)
    opentelemetry-instrumentation-excon (0.23.0)
      opentelemetry-api (~> 1.0)
      opentelemetry-instrumentation-base (~> 0.23.0)
    opentelemetry-instrumentation-faraday (0.26.0)
      opentelemetry-api (~> 1.0)
      opentelemetry-instrumentation-base (~> 0.23.0)
    opentelemetry-instrumentation-http (0.24.0)
      opentelemetry-api (~> 1.0)
      opentelemetry-instrumentation-base (~> 0.23.0)
    opentelemetry-instrumentation-net_http (0.23.0)
      opentelemetry-api (~> 1.0)
      opentelemetry-instrumentation-base (~> 0.23.0)
    opentelemetry-logs-api (0.2.0)
      opentelemetry-api (~> 1.0)
    opentelemetry-logs-sdk (0.2.0)
      opentelemetry-api (~> 1.2)
      opentelemetry-logs-api (~> 0.1)
      opentelemetry-sdk (~> 1.3)
    opentelemetry-metrics-api (0.3.0)
      opentelemetry-api (~> 1.0)
    opentelemetry-metrics-sdk (0.7.0)
      opentelemetry-api (~> 1.1)
      opentelemetry-metrics-api (~> 0.2)
      opentelemetry-sdk (~> 1.2)
    opentelemetry-registry (0.4.0)
      opentelemetry-api (~> 1.1)
    opentelemetry-sdk (1.8.0)
      opentelemetry-api (~> 1.1)
      opentelemetry-common (~> 0.20)
      opentelemetry-registry (~> 0.2)
      opentelemetry-semantic_conventions
    opentelemetry-semantic_conventions (1.11.0)
      opentelemetry-api (~> 1.0)
    parallel (1.27.0)
    parallel_tests (4.7.1)
      parallel
    parseconfig (1.1.2)
    parser (3.3.8.0)
      ast (~> 2.4.1)
      racc
    prism (1.4.0)
    psych (5.2.6)
      date
      stringio
    public_suffix (6.0.2)
    racc (1.8.1)
    rainbow (3.1.1)
    rake (13.2.1)
    rdoc (6.6.3.1)
      psych (>= 4.0.0)
    regexp_parser (2.10.0)
    reline (0.5.2)
      io-console (~> 0.5)
    rest-client (2.1.0)
      http-accept (>= 1.7.0, < 2.0)
      http-cookie (>= 1.0.2, < 2.0)
      mime-types (>= 1.16, < 4.0)
      netrc (~> 0.8)
    rexml (3.3.9)
    rspec (3.13.0)
      rspec-core (~> 3.13.0)
      rspec-expectations (~> 3.13.0)
      rspec-mocks (~> 3.13.0)
    rspec-core (3.13.3)
      rspec-support (~> 3.13.0)
    rspec-expectations (3.13.4)
      diff-lcs (>= 1.2.0, < 2.0)
      rspec-support (~> 3.13.0)
    rspec-its (2.0.0)
      rspec-core (>= 3.13.0)
      rspec-expectations (>= 3.13.0)
    rspec-mocks (3.13.1)
      diff-lcs (>= 1.2.0, < 2.0)
      rspec-support (~> 3.13.0)
    rspec-sorbet (1.9.2)
      sorbet-runtime
    rspec-support (3.13.3)
    rubocop (1.67.0)
      json (~> 2.3)
      language_server-protocol (>= 3.17.0)
      parallel (~> 1.10)
      parser (>= 3.3.0.2)
      rainbow (>= 2.2.2, < 4.0)
      regexp_parser (>= 2.4, < 3.0)
      rubocop-ast (>= 1.32.2, < 2.0)
      ruby-progressbar (~> 1.7)
      unicode-display_width (>= 2.4.0, < 3.0)
    rubocop-ast (1.44.1)
      parser (>= 3.3.7.2)
      prism (~> 1.4)
    rubocop-capybara (2.20.0)
      rubocop (~> 1.41)
    rubocop-factory_bot (2.25.1)
      rubocop (~> 1.41)
    rubocop-performance (1.22.1)
      rubocop (>= 1.48.1, < 2.0)
      rubocop-ast (>= 1.31.1, < 2.0)
    rubocop-rspec (2.29.1)
      rubocop (~> 1.40)
      rubocop-capybara (~> 2.17)
      rubocop-factory_bot (~> 2.22)
      rubocop-rspec_rails (~> 2.28)
    rubocop-rspec_rails (2.28.3)
      rubocop (~> 1.40)
    rubocop-sorbet (0.10.0)
      rubocop (>= 1)
    ruby-progressbar (1.13.0)
    rubyzip (2.4.1)
    sawyer (0.9.2)
      addressable (>= 2.3.5)
      faraday (>= 0.17.3, < 3)
    sentry-opentelemetry (5.24.0)
      opentelemetry-sdk (~> 1.0)
      sentry-ruby (~> 5.24.0)
    sentry-ruby (5.24.0)
      bigdecimal
      concurrent-ruby (~> 1.0, >= 1.0.2)
    simplecov (0.22.0)
      docile (~> 1.1)
      simplecov-html (~> 0.11)
      simplecov_json_formatter (~> 0.1)
    simplecov-html (0.12.3)
    simplecov_json_formatter (0.1.4)
    sorbet-runtime (0.5.12104)
    stackprof (0.2.27)
    stringio (3.1.7)
    terminal-table (3.0.2)
      unicode-display_width (>= 1.1.1, < 3)
    toml-rb (4.0.0)
      citrus (~> 3.0, > 3.0)
      racc (~> 1.7)
    turbo_tests (2.2.4)
      parallel_tests (>= 3.3.0, < 5)
      rspec (>= 3.10)
    unicode-display_width (2.6.0)
    uri (1.0.3)
    vcr (6.3.1)
      base64
    webmock (3.24.0)
      addressable (>= 2.8.0)
      crack (>= 0.3.2)
      hashdiff (>= 0.4.0, < 2.0.0)
    webrick (1.9.1)
    zeitwerk (2.7.2)

PLATFORMS
  ruby

DEPENDENCIES
  debug (~> 1.9)
  dependabot-bun!
  dependabot-bundler!
  dependabot-cargo!
  dependabot-common!
  dependabot-composer!
  dependabot-devcontainers!
  dependabot-docker!
  dependabot-docker_compose!
  dependabot-dotnet_sdk!
  dependabot-elm!
  dependabot-git_submodules!
  dependabot-github_actions!
  dependabot-go_modules!
  dependabot-gradle!
  dependabot-helm!
  dependabot-hex!
  dependabot-maven!
  dependabot-npm_and_yarn!
  dependabot-nuget!
  dependabot-pub!
  dependabot-python!
  dependabot-silent!
  dependabot-swift!
  dependabot-terraform!
  dependabot-uv!
  flamegraph (~> 0.9)
  gpgme (~> 2.0)
  http (~> 5.2)
  octokit (~> 7.2)
  opentelemetry-exporter-otlp (~> 0.30)
  opentelemetry-exporter-otlp-logs (~> 0.2)
  opentelemetry-exporter-otlp-metrics (~> 0.4)
  opentelemetry-instrumentation-excon (~> 0.23)
  opentelemetry-instrumentation-faraday (~> 0.26)
  opentelemetry-instrumentation-http (~> 0.24)
  opentelemetry-instrumentation-net_http (~> 0.23)
  opentelemetry-logs-sdk (~> 0.2)
  opentelemetry-metrics-sdk (~> 0.7)
  opentelemetry-sdk (~> 1.8)
  rake (~> 13.2)
  rspec (~> 3.12)
  rspec-its (~> 2.0)
  rspec-sorbet (~> 1.9)
  rubocop (~> 1.67)
  rubocop-performance (~> 1.22)
  rubocop-rspec (~> 2.29)
  rubocop-sorbet (~> 0.8)
  sentry-opentelemetry (~> 5.24)
  sentry-ruby (~> 5.23)
  simplecov (~> 0.22)
  terminal-table (~> 3.0)
  turbo_tests (~> 2.2)
  vcr (~> 6.1)
  webmock (~> 3.18)
  webrick (~> 1.9)
  zeitwerk (~> 2.7)

CHECKSUMS
  addressable (2.8.7) sha256=462986537cf3735ab5f3c0f557f14155d778f4b43ea4f485a9deb9c8f7c58232
  ast (2.4.3) sha256=954615157c1d6a382bc27d690d973195e79db7f55e9765ac7c481c60bdb4d383
  aws-eventstream (1.3.2) sha256=7e2c3a55ca70d7861d5d3c98e47daa463ed539c349caba22b48305b8919572d7
  aws-partitions (1.1103.0) sha256=3138c7adf7f159ee93df76e5162cb75f3867784f2d2f162629cd9145ddec64f8
  aws-sdk-codecommit (1.85.0) sha256=d28ffd21c778ef41c077182c675380ea9a6e7d41ff7339fba1ffe51c70c2e036
  aws-sdk-core (3.224.0) sha256=c617aae3f43ba2bfe9f819c1a31c7c9dbda3e1d1a33c746c23c4dc15638817ac
  aws-sdk-ecr (1.102.0) sha256=bc8194617752d47bda3c4576ee443e5745efa20ab24305483121b098cae85843
  aws-sigv4 (1.11.0) sha256=50a8796991a862324442036ad7a395920572b84bb6cd29b945e5e1800e8da1db
  base64 (0.2.0) sha256=0f25e9b21a02a0cc0cea8ef92b2041035d39350946e8789c562b2d1a3da01507
  bigdecimal (3.1.9) sha256=2ffc742031521ad69c2dfc815a98e426a230a3d22aeac1995826a75dabfad8cc
  citrus (3.0.2) sha256=4ec2412fc389ad186735f4baee1460f7900a8e130ffe3f216b30d4f9c684f650
  commonmarker (0.23.10) sha256=fdd312ae2bb4071b2f3085d4d7533cb9f8d9057a2eaa0760228a65bc3ed565d1
  concurrent-ruby (1.3.5) sha256=813b3e37aca6df2a21a3b9f1d497f8cbab24a2b94cab325bffe65ee0f6cbebc6
  crack (1.0.0) sha256=c83aefdb428cdc7b66c7f287e488c796f055c0839e6e545fec2c7047743c4a49
  csv (3.3.0) sha256=0bbd1defdc31134abefed027a639b3723c2753862150f4c3ee61cab71b20d67d
  date (3.4.1) sha256=bf268e14ef7158009bfeaec40b5fa3c7271906e88b196d958a89d4b408abe64f
  debug (1.9.2) sha256=48e026c0852c7a10c60263e2e527968308958e266231e36d64e3efcabec7e7fc
  dependabot-bun (0.313.0)
  dependabot-bundler (0.313.0)
  dependabot-cargo (0.313.0)
  dependabot-common (0.313.0)
  dependabot-composer (0.313.0)
  dependabot-devcontainers (0.313.0)
  dependabot-docker (0.313.0)
  dependabot-docker_compose (0.313.0)
  dependabot-dotnet_sdk (0.313.0)
  dependabot-elm (0.313.0)
  dependabot-git_submodules (0.313.0)
  dependabot-github_actions (0.313.0)
  dependabot-go_modules (0.313.0)
  dependabot-gradle (0.313.0)
  dependabot-helm (0.313.0)
  dependabot-hex (0.313.0)
  dependabot-maven (0.313.0)
  dependabot-npm_and_yarn (0.313.0)
  dependabot-nuget (0.313.0)
  dependabot-pub (0.313.0)
  dependabot-python (0.313.0)
  dependabot-silent (0.313.0)
  dependabot-swift (0.313.0)
  dependabot-terraform (0.313.0)
  dependabot-uv (0.313.0)
  diff-lcs (1.6.2) sha256=9ae0d2cba7d4df3075fe8cd8602a8604993efc0dfa934cff568969efb1909962
  docile (1.4.0) sha256=5f1734bde23721245c20c3d723e76c104208e1aa01277a69901ce770f0ebb8d3
  docker_registry2 (1.18.2) sha256=2ace909110fbca29d69dd1cdec99f555024aa6f6577798638139c8e8e556910f
  domain_name (0.6.20240107) sha256=5f693b2215708476517479bf2b3802e49068ad82167bcd2286f899536a17d933
  excon (0.109.0) sha256=bda092e866d77089a41f4791b221e0cb96c48ef981db96ad1dcc66fae5e3b5ce
  faraday (2.13.1) sha256=cc531eb5467e7d74d4517630fa96f1a7003647cbf20a9a3e067d098941217b75
  faraday-net_http (3.4.0) sha256=a1f1e4cd6a2cf21599c8221595e27582d9936819977bbd4089a601f24c64e54a
  faraday-retry (2.3.1) sha256=4004faa21f41fc5360d359bc79889fc58fb7fae0ce93bfb737a784ac76805c03
  ffi (1.17.2) sha256=297235842e5947cc3036ebe64077584bff583cd7a4e94e9a02fdec399ef46da6
  ffi-compiler (1.3.2) sha256=a94f3d81d12caf5c5d4ecf13980a70d0aeaa72268f3b9cc13358bcc6509184a0
  flamegraph (0.9.5) sha256=a683020637ffa0e14a72640fa41babf14d926bfeaed87e31907cfd06ab2de8dc
  gitlab (5.1.0) sha256=021c27807a98f379c0cfeda459327c026d3756dbd6531dc1479f0e3df03572c7
  google-protobuf (4.31.0) sha256=4db6fe6c92dd683aa9671432c38976685aaf9ba2f92450eebd63d76bcdbe4891
  googleapis-common-protos-types (1.20.0) sha256=5e374b06bcfc7e13556e7c0d87b99f1fa3d42de6396a1de3d8fc13aefb4dd07f
  gpgme (2.0.24) sha256=53eccd7042abb4fd5c78f30bc9ed075b1325e6450eab207f2f6a1e7e28ae3b64
  hashdiff (1.1.1) sha256=c7966316726e0ceefe9f5c6aef107ebc3ccfef8b6db55fe3934f046b2cf0936a
  http (5.2.0) sha256=b99ed3c65376e0fd8107647fbaf5a8ab4f66c347d1271fb74cea757e209c6115
  http-accept (1.7.0) sha256=c626860682bfbb3b46462f8c39cd470fd7b0584f61b3cc9df5b2e9eb9972a126
  http-cookie (1.0.8) sha256=b14fe0445cf24bf9ae098633e9b8d42e4c07c3c1f700672b09fbfe32ffd41aa6
  http-form_data (2.3.0) sha256=cc4eeb1361d9876821e31d7b1cf0b68f1cf874b201d27903480479d86448a5f3
  httparty (0.22.0) sha256=78652a5c9471cf0093d3b2083c2295c9c8f12b44c65112f1846af2b71430fa6c
  io-console (0.7.2) sha256=f0dccff252f877a4f60d04a4dc6b442b185ebffb4b320ab69212a92b48a7a221
  irb (1.12.0) sha256=07634937fbb7d28d07e46da50d0aa43b4d2f7258174d08de4e32dfb57c10539d
  jmespath (1.6.2) sha256=238d774a58723d6c090494c8879b5e9918c19485f7e840f2c1c7532cf84ebcb1
  json (2.12.0) sha256=b30fce000756de94c756679c7e57ed41f03f8cc8dde2d2dc00a7c44005da0a50
  language_server-protocol (3.17.0.5) sha256=fd1e39a51a28bf3eec959379985a72e296e9f9acfce46f6a79d31ca8760803cc
  llhttp-ffi (0.5.1) sha256=9a25a7fc19311f691a78c9c0ac0fbf4675adbd0cca74310228fdf841018fa7bc
  logger (1.7.0) sha256=196edec7cc44b66cfb40f9755ce11b392f21f7967696af15d274dde7edff0203
  mime-types (3.4.1) sha256=6bcf8b0e656b6ae9977bdc1351ef211d0383252d2f759a59ef4bcf254542fc46
  mime-types-data (3.2022.0105) sha256=d8c401ba9ea8b648b7145b90081789ec714e91fd625d82c5040079c5ea696f00
  mini_mime (1.1.5) sha256=8681b7e2e4215f2a159f9400b5816d85e9d8c6c6b491e96a12797e798f8bccef
  mini_portile2 (2.8.9) sha256=0cd7c7f824e010c072e33f68bc02d85a00aeb6fce05bb4819c03dfd3c140c289
  multi_xml (0.7.1) sha256=4fce100c68af588ff91b8ba90a0bb3f0466f06c909f21a32f4962059140ba61b
  net-http (0.6.0) sha256=9621b20c137898af9d890556848c93603716cab516dc2c89b01a38b894e259fb
  netrc (0.11.0) sha256=de1ce33da8c99ab1d97871726cba75151113f117146becbe45aa85cb3dabee3f
  nokogiri (1.18.8) sha256=8c7464875d9ca7f71080c24c0db7bcaa3940e8be3c6fc4bcebccf8b9a0016365
  octokit (7.2.0) sha256=7032d968d03177ee7a29e3bd4782fc078215cca4743db0dfc66a49feb9411907
  opentelemetry-api (1.5.0) sha256=8dcc33e7aba70b1da630065ce0db3d6f50cb8ebd2017383209739439025ea997
  opentelemetry-common (0.22.0) sha256=ce5e96a0f838d67eb70a1d32e02bdbe7b8f41767bc71994d73b299a8b0c5878d
  opentelemetry-exporter-otlp (0.30.0) sha256=07cb0446bb782dfcf7cc27d2d6ebcf9aef1a4585b3f4952be6276a1e77d5ba97
  opentelemetry-exporter-otlp-logs (0.2.0) sha256=d665bd0320dbcaf4717faa728fd201d6490804bedeff76bde39e88e24dd44570
  opentelemetry-exporter-otlp-metrics (0.4.1) sha256=76fca1ea47374f948efcb124e5db43070d451589eafdb575a166ff1e6018b867
  opentelemetry-instrumentation-base (0.23.0) sha256=b3e103ceea2ccf3e6269a394938a5bc239c80d113869fe2b2ac49ba27c3c1c50
  opentelemetry-instrumentation-excon (0.23.0) sha256=3ae5c57a05457f3bfea796ef815d261df94ffc4a83e4b691128044185a8a3f07
  opentelemetry-instrumentation-faraday (0.26.0) sha256=8d17c3c14d5efc7e802c112b2c65326ba1dfe73336461f5c14c9c34e5d0d9281
  opentelemetry-instrumentation-http (0.24.0) sha256=94419a35e3ae4be4ba9a6b3a1992872def476b8fb764062feeeefff7fafca0ba
  opentelemetry-instrumentation-net_http (0.23.0) sha256=91123b721848f807e72157725771f680f70ecdbbdd58c05577713234ff1c0a80
  opentelemetry-logs-api (0.2.0) sha256=0e9241b9b53a315101a6a5f2efbfa80278a0d39f9220915871f8d6057c39b117
  opentelemetry-logs-sdk (0.2.0) sha256=5911963a80e8852d07bf0e4acf630dac4177af178a0fc0287a1878114c81c640
  opentelemetry-metrics-api (0.3.0) sha256=29f4b82cd5c5992884f4dc68d279a2cc114560f433c431bf9ef6f42d8d0f10b1
  opentelemetry-metrics-sdk (0.7.0) sha256=acc0d0358c1f66a394a3b822483fa2498b6c815ab0b8a8bd19e0b958817da134
  opentelemetry-registry (0.4.0) sha256=903fa6bfaa29eac1c1d73a4fdd29b850977b5353b84b8cdff11222c00ad2968f
  opentelemetry-sdk (1.8.0) sha256=fad979b4a6c7ad5b2f9f2bfde77ab5c0c6a9b81d5a6458becf5957e3fa371df7
  opentelemetry-semantic_conventions (1.11.0) sha256=89f209f588d48a8e38ca2205c24c6b4a35f3d2622c2f1854bd476c56290afdcb
  parallel (1.27.0) sha256=4ac151e1806b755fb4e2dc2332cbf0e54f2e24ba821ff2d3dcf86bf6dc4ae130
  parallel_tests (4.7.1) sha256=98ad977f5e5a28df77c0364504bdea21f0a2a9ea86eae238668fdfec341ab860
  parseconfig (1.1.2) sha256=e52247d15070fb47f9e58f44f7888d1e7f65775274cd60f9ab4b7acd7943b291
  parser (3.3.8.0) sha256=2476364142b307fa5a1b1ece44f260728be23858a9c71078e956131a75453c45
  prism (1.4.0) sha256=dc0e3e00e93160213dc2a65519d9002a4a1e7b962db57d444cf1a71565bb703e
  psych (5.2.6) sha256=814328aa5dcb6d604d32126a20bc1cbcf05521a5b49dbb1a8b30a07e580f316e
  public_suffix (6.0.2) sha256=bfa7cd5108066f8c9602e0d6d4114999a5df5839a63149d3e8b0f9c1d3558394
  racc (1.8.1) sha256=4a7f6929691dbec8b5209a0b373bc2614882b55fc5d2e447a21aaa691303d62f
  rainbow (3.1.1) sha256=039491aa3a89f42efa1d6dec2fc4e62ede96eb6acd95e52f1ad581182b79bc6a
  rake (13.2.1) sha256=46cb38dae65d7d74b6020a4ac9d48afed8eb8149c040eccf0523bec91907059d
  rdoc (6.6.3.1) sha256=39f7b749229ab5ad9d21c81586151c1dd7a549fa8be4070ee09b524f9c656345
  regexp_parser (2.10.0) sha256=cb6f0ddde88772cd64bff1dbbf68df66d376043fe2e66a9ef77fcb1b0c548c61
  reline (0.5.2) sha256=03d49a8074ebcde3df6f9abc0875299242775bdacc4e8cdb5d5dbd3d453c8e77
  rest-client (2.1.0) sha256=35a6400bdb14fae28596618e312776c158f7ebbb0ccad752ff4fa142bf2747e3
  rexml (3.3.9) sha256=d71875b85299f341edf47d44df0212e7658cbdf35aeb69cefdb63f57af3137c9
  rspec (3.13.0) sha256=d490914ac1d5a5a64a0e1400c1d54ddd2a501324d703b8cfe83f458337bab993
  rspec-core (3.13.3) sha256=25136507f4f9cf2e8977a2851e64e438b4331646054e345998714108745cdfe4
  rspec-expectations (3.13.4) sha256=4e43459765dfee900b25aa1361e106ab0799895ede65fc57872069feb559ecd8
  rspec-its (2.0.0) sha256=a88e8bc38149f2835e93533591ec4f5c829aacbfd41269a2e6f9f5b82f5260df
  rspec-mocks (3.13.1) sha256=087189899c337937bcf1d66a50dc3fc999ac88335bbeba4d385c2a38c87d7b38
  rspec-sorbet (1.9.2) sha256=28bf3969fa136ed22edd05b00d23aab52c276f2fcc89fccbb16b8fd0c48931c8
  rspec-support (3.13.3) sha256=2a61e393f6e18b7228726e0c6869c5d5a1419d37206116c4d917d145276b3f43
  rubocop (1.67.0) sha256=8ccca7226e76d0a9974af960ea446d1fb38adf0c491214294e2fed75a85c378c
  rubocop-ast (1.44.1) sha256=e3cc04203b2ef04f6d6cf5f85fe6d643f442b18cc3b23e3ada0ce5b6521b8e92
  rubocop-capybara (2.20.0) sha256=2a6844b942921f230ee3ab8c94fe77f41a9406096a140245270c0e11624bb938
  rubocop-factory_bot (2.25.1) sha256=62751bde7af789878b8a31cbd2a82e69515ce7b23a2ad1820cb0fcc3e0150134
  rubocop-performance (1.22.1) sha256=9ed9737af1ee90655654b483e0eac4e64702139e85d33335bf744b57a309a679
  rubocop-rspec (2.29.1) sha256=534ee81a3006e7379ec6203687ef7c06ca1d137b7d6d67c2777b680b1ce82e13
  rubocop-rspec_rails (2.28.3) sha256=9769f2077cca8af2269193ba0450e0317ae1827a132c19149fdbeecaaca32818
  rubocop-sorbet (0.10.0) sha256=d20e556d459cc6bc8dab0a6b6f351756c79e226c13f91cd64acd66d3e56aab8c
  ruby-progressbar (1.13.0) sha256=80fc9c47a9b640d6834e0dc7b3c94c9df37f08cb072b7761e4a71e22cff29b33
  rubyzip (2.4.1) sha256=8577c88edc1fde8935eb91064c5cb1aef9ad5494b940cf19c775ee833e075615
  sawyer (0.9.2) sha256=fa3a72d62a4525517b18857ddb78926aab3424de0129be6772a8e2ba240e7aca
  sentry-opentelemetry (5.24.0) sha256=2c3e6705380cba71f76a2ac9503c348a798d9d19eab98a86abdcd66141b38d29
  sentry-ruby (5.24.0) sha256=420b15f4d81cf1cfddc4cb73d2282bcbaf111fe3554a6aa142f4cee2b870c437
  simplecov (0.22.0) sha256=fe2622c7834ff23b98066bb0a854284b2729a569ac659f82621fc22ef36213a5
  simplecov-html (0.12.3) sha256=4b1aad33259ffba8b29c6876c12db70e5750cb9df829486e4c6e5da4fa0aa07b
  simplecov_json_formatter (0.1.4) sha256=529418fbe8de1713ac2b2d612aa3daa56d316975d307244399fa4838c601b428
  sorbet-runtime (0.5.12104) sha256=eb50e58484773e0ae0a60496718406751ae6d7eb8eb7ab8db78a1479b4f27012
  stackprof (0.2.27) sha256=aff6d28656c852e74cf632cc2046f849033dc1dedffe7cb8c030d61b5745e80c
  stringio (3.1.7) sha256=5b78b7cb242a315fb4fca61a8255d62ec438f58da2b90be66048546ade4507fa
  terminal-table (3.0.2) sha256=f951b6af5f3e00203fb290a669e0a85c5dd5b051b3b023392ccfd67ba5abae91
  toml-rb (4.0.0) sha256=bc997a4114c94a65dd5287aa4784ef36cff2c80ec2ecb5980fe7d674f8ed37ea
  turbo_tests (2.2.4) sha256=d2ae747391ad59253d45b8dfae045cef9ae4126c78d1174caf82c898a3bb9c0c
  unicode-display_width (2.6.0) sha256=12279874bba6d5e4d2728cef814b19197dbb10d7a7837a869bab65da943b7f5a
  uri (1.0.3) sha256=e9f2244608eea2f7bc357d954c65c910ce0399ca5e18a7a29207ac22d8767011
  vcr (6.3.1) sha256=37b56e157e720446a3f4d2d39919cabef8cb7b6c45936acffd2ef8229fec03ed
  webmock (3.24.0) sha256=be01357f6fc773606337ca79f3ba332b7d52cbe5c27587671abc0572dbec7122
  webrick (1.9.1) sha256=b42d3c94f166f3fb73d87e9b359def9b5836c426fc8beacf38f2184a21b2a989
  zeitwerk (2.7.2) sha256=842e067cb11eb923d747249badfb5fcdc9652d6f20a1f06453317920fdcd4673

BUNDLED WITH
   2.6.3
