PATH
  remote: ../bun
  specs:
    dependabot-bun (0.323.0)
      dependabot-common (= 0.323.0)

PATH
  remote: ../bundler
  specs:
    dependabot-bundler (0.323.0)
      dependabot-common (= 0.323.0)
      parallel (~> 1.24)

PATH
  remote: ../cargo
  specs:
    dependabot-cargo (0.323.0)
      dependabot-common (= 0.323.0)

PATH
  remote: ../common
  specs:
    dependabot-common (0.323.0)
      aws-sdk-codecommit (~> 1.28)
      aws-sdk-ecr (~> 1.5)
      bundler (>= 1.16, < 3.0.0)
      commonmarker (~> 2.3)
      docker_registry2 (~> 1.18)
      excon (~> 1.2)
      faraday (~> 2.7)
      faraday-retry (~> 2.2)
      gitlab (~> 5.0)
      json (< 2.12)
      nokogiri (~> 1.8)
      octokit (~> 7.2)
      opentelemetry-api (~> 1.5)
      opentelemetry-logs-api (~> 0.2)
      opentelemetry-metrics-api (~> 0.3)
      ostruct (~> 0.6)
      parser (~> 3.3)
      psych (~> 5.0)
      sorbet-runtime (~> 0.5)
      stackprof (~> 0.2)
      toml-rb (~> 4.0)

PATH
  remote: ../composer
  specs:
    dependabot-composer (0.323.0)
      dependabot-common (= 0.323.0)

PATH
  remote: ../devcontainers
  specs:
    dependabot-devcontainers (0.323.0)
      dependabot-common (= 0.323.0)

PATH
  remote: ../docker_compose
  specs:
    dependabot-docker_compose (0.323.0)
      dependabot-common (= 0.323.0)
      dependabot-docker (= 0.323.0)

PATH
  remote: ../docker
  specs:
    dependabot-docker (0.323.0)
      dependabot-common (= 0.323.0)

PATH
  remote: ../dotnet_sdk
  specs:
    dependabot-dotnet_sdk (0.323.0)
      dependabot-common (= 0.323.0)

PATH
  remote: ../elm
  specs:
    dependabot-elm (0.323.0)
      dependabot-common (= 0.323.0)

PATH
  remote: ../git_submodules
  specs:
    dependabot-git_submodules (0.323.0)
      dependabot-common (= 0.323.0)
      parseconfig (~> 1.0, < 1.2.0)

PATH
  remote: ../github_actions
  specs:
    dependabot-github_actions (0.323.0)
      dependabot-common (= 0.323.0)

PATH
  remote: ../go_modules
  specs:
    dependabot-go_modules (0.323.0)
      dependabot-common (= 0.323.0)

PATH
  remote: ../gradle
  specs:
    dependabot-gradle (0.323.0)
      dependabot-common (= 0.323.0)
      dependabot-maven (= 0.323.0)

PATH
  remote: ../helm
  specs:
    dependabot-helm (0.323.0)
      dependabot-common (= 0.323.0)
      dependabot-docker (= 0.323.0)

PATH
  remote: ../hex
  specs:
    dependabot-hex (0.323.0)
      dependabot-common (= 0.323.0)

PATH
  remote: ../maven
  specs:
    dependabot-maven (0.323.0)
      dependabot-common (= 0.323.0)

PATH
  remote: ../npm_and_yarn
  specs:
    dependabot-npm_and_yarn (0.323.0)
      dependabot-common (= 0.323.0)

PATH
  remote: ../nuget
  specs:
    dependabot-nuget (0.323.0)
      dependabot-common (= 0.323.0)
      rubyzip (>= 2.3.2, < 3.0)

PATH
  remote: ../pub
  specs:
    dependabot-pub (0.323.0)
      dependabot-common (= 0.323.0)

PATH
  remote: ../python
  specs:
    dependabot-python (0.323.0)
      dependabot-common (= 0.323.0)

PATH
  remote: ../rust_toolchain
  specs:
    dependabot-rust_toolchain (0.323.0)
      dependabot-common (= 0.323.0)

PATH
  remote: ../silent
  specs:
    dependabot-silent (0.323.0)
      dependabot-common (= 0.323.0)

PATH
  remote: ../swift
  specs:
    dependabot-swift (0.323.0)
      dependabot-common (= 0.323.0)

PATH
  remote: ../terraform
  specs:
    dependabot-terraform (0.323.0)
      dependabot-common (= 0.323.0)

PATH
  remote: ../uv
  specs:
    dependabot-uv (0.323.0)
      dependabot-common (= 0.323.0)

PATH
  remote: ../vcpkg
  specs:
    dependabot-vcpkg (0.323.0)
      dependabot-common (= 0.323.0)

GEM
  remote: https://rubygems.org/
  specs:
    addressable (2.8.7)
      public_suffix (>= 2.0.2, < 7.0)
    ast (2.4.3)
    aws-eventstream (1.3.0)
    aws-partitions (1.881.0)
    aws-sdk-codecommit (1.63.0)
      aws-sdk-core (~> 3, >= 3.188.0)
      aws-sigv4 (~> 1.1)
    aws-sdk-core (3.190.3)
      aws-eventstream (~> 1, >= 1.3.0)
      aws-partitions (~> 1, >= 1.651.0)
      aws-sigv4 (~> 1.8)
      jmespath (~> 1, >= 1.6.1)
    aws-sdk-ecr (1.68.0)
      aws-sdk-core (~> 3, >= 3.188.0)
      aws-sigv4 (~> 1.1)
    aws-sigv4 (1.8.0)
      aws-eventstream (~> 1, >= 1.0.2)
    base64 (0.2.0)
    bigdecimal (3.2.2)
    citrus (3.0.2)
    commonmarker (2.3.1)
      rb_sys (~> 0.9)
    commonmarker (2.3.1-aarch64-linux)
    commonmarker (2.3.1-aarch64-linux-musl)
    commonmarker (2.3.1-arm64-darwin)
    commonmarker (2.3.1-x86_64-darwin)
    commonmarker (2.3.1-x86_64-linux)
    commonmarker (2.3.1-x86_64-linux-musl)
    concurrent-ruby (1.3.5)
    crack (1.0.0)
      bigdecimal
      rexml
    csv (3.3.0)
    date (3.4.1)
    debug (1.9.2)
      irb (~> 1.10)
      reline (>= 0.3.8)
    diff-lcs (1.5.1)
    docile (1.4.0)
    docker_registry2 (1.18.2)
      rest-client (>= 1.8.0)
    domain_name (0.6.20240107)
    excon (1.2.8)
      logger
    faraday (2.13.4)
      faraday-net_http (>= 2.0, < 3.5)
      json
      logger
    faraday-net_http (3.4.1)
      net-http (>= 0.5.0)
    faraday-retry (2.3.2)
      faraday (~> 2.0)
    ffi (1.17.2)
    ffi (1.17.2-aarch64-linux-gnu)
    ffi (1.17.2-aarch64-linux-musl)
    ffi (1.17.2-arm-linux-gnu)
    ffi (1.17.2-arm-linux-musl)
    ffi (1.17.2-arm64-darwin)
    ffi (1.17.2-x86-linux-gnu)
    ffi (1.17.2-x86-linux-musl)
    ffi (1.17.2-x86_64-darwin)
    ffi (1.17.2-x86_64-linux-gnu)
    ffi (1.17.2-x86_64-linux-musl)
    ffi-compiler (1.3.2)
      ffi (>= 1.15.5)
      rake
    flamegraph (0.9.5)
    gitlab (5.1.0)
      base64 (~> 0.2.0)
      httparty (~> 0.20)
      terminal-table (>= 1.5.1)
    google-protobuf (4.31.1)
      bigdecimal
      rake (>= 13)
    google-protobuf (4.31.1-aarch64-linux-gnu)
      bigdecimal
      rake (>= 13)
    google-protobuf (4.31.1-aarch64-linux-musl)
      bigdecimal
      rake (>= 13)
    google-protobuf (4.31.1-arm64-darwin)
      bigdecimal
      rake (>= 13)
    google-protobuf (4.31.1-x86-linux-gnu)
      bigdecimal
      rake (>= 13)
    google-protobuf (4.31.1-x86-linux-musl)
      bigdecimal
      rake (>= 13)
    google-protobuf (4.31.1-x86_64-darwin)
      bigdecimal
      rake (>= 13)
    google-protobuf (4.31.1-x86_64-linux-gnu)
      bigdecimal
      rake (>= 13)
    google-protobuf (4.31.1-x86_64-linux-musl)
      bigdecimal
      rake (>= 13)
    googleapis-common-protos-types (1.20.0)
      google-protobuf (>= 3.18, < 5.a)
    gpgme (2.0.24)
      mini_portile2 (~> 2.7)
    hashdiff (1.1.1)
    http (5.3.1)
      addressable (~> 2.8)
      http-cookie (~> 1.0)
      http-form_data (~> 2.2)
      llhttp-ffi (~> 0.5.0)
    http-accept (1.7.0)
    http-cookie (1.0.8)
      domain_name (~> 0.5)
    http-form_data (2.3.0)
    httparty (0.22.0)
      csv
      mini_mime (>= 1.0.0)
      multi_xml (>= 0.5.2)
    io-console (0.8.0)
    irb (1.12.0)
      rdoc
      reline (>= 0.4.2)
    jmespath (1.6.2)
    json (2.11.3)
    language_server-protocol (3.17.0.3)
    llhttp-ffi (0.5.1)
      ffi-compiler (~> 1.0)
      rake (~> 13.0)
    logger (1.7.0)
    mime-types (3.4.1)
      mime-types-data (~> 3.2015)
    mime-types-data (3.2022.0105)
    mini_mime (1.1.5)
    mini_portile2 (2.8.9)
    multi_xml (0.7.1)
      bigdecimal (~> 3.1)
    net-http (0.6.0)
      uri
    netrc (0.11.0)
    nokogiri (1.18.9)
      mini_portile2 (~> 2.8.2)
      racc (~> 1.4)
    nokogiri (1.18.9-aarch64-linux-gnu)
      racc (~> 1.4)
    nokogiri (1.18.9-aarch64-linux-musl)
      racc (~> 1.4)
    nokogiri (1.18.9-arm-linux-gnu)
      racc (~> 1.4)
    nokogiri (1.18.9-arm-linux-musl)
      racc (~> 1.4)
    nokogiri (1.18.9-arm64-darwin)
      racc (~> 1.4)
    nokogiri (1.18.9-x86_64-darwin)
      racc (~> 1.4)
    nokogiri (1.18.9-x86_64-linux-gnu)
      racc (~> 1.4)
    nokogiri (1.18.9-x86_64-linux-musl)
      racc (~> 1.4)
    octokit (7.2.0)
      faraday (>= 1, < 3)
      sawyer (~> 0.9)
    opentelemetry-api (1.5.0)
    opentelemetry-common (0.22.0)
      opentelemetry-api (~> 1.0)
    opentelemetry-exporter-otlp (0.30.0)
      google-protobuf (>= 3.18)
      googleapis-common-protos-types (~> 1.3)
      opentelemetry-api (~> 1.1)
      opentelemetry-common (~> 0.20)
      opentelemetry-sdk (~> 1.2)
      opentelemetry-semantic_conventions
    opentelemetry-exporter-otlp-logs (0.2.0)
      google-protobuf (>= 3.18)
      googleapis-common-protos-types (~> 1.3)
      opentelemetry-api (~> 1.1)
      opentelemetry-common (~> 0.20)
      opentelemetry-logs-api (~> 0.1)
      opentelemetry-logs-sdk (~> 0.1)
      opentelemetry-sdk
      opentelemetry-semantic_conventions
    opentelemetry-exporter-otlp-metrics (0.5.0)
      google-protobuf (>= 3.18, < 5.0)
      googleapis-common-protos-types (~> 1.3)
      opentelemetry-api (~> 1.1)
      opentelemetry-common (~> 0.20)
      opentelemetry-metrics-api (~> 0.2)
      opentelemetry-metrics-sdk (~> 0.5)
      opentelemetry-sdk (~> 1.2)
      opentelemetry-semantic_conventions
    opentelemetry-instrumentation-base (0.23.0)
      opentelemetry-api (~> 1.0)
      opentelemetry-common (~> 0.21)
      opentelemetry-registry (~> 0.1)
    opentelemetry-instrumentation-excon (0.23.0)
      opentelemetry-api (~> 1.0)
      opentelemetry-instrumentation-base (~> 0.23.0)
    opentelemetry-instrumentation-faraday (0.27.0)
      opentelemetry-api (~> 1.0)
      opentelemetry-instrumentation-base (~> 0.23.0)
    opentelemetry-instrumentation-http (0.25.1)
      opentelemetry-api (~> 1.0)
      opentelemetry-instrumentation-base (~> 0.23.0)
    opentelemetry-instrumentation-net_http (0.23.0)
      opentelemetry-api (~> 1.0)
      opentelemetry-instrumentation-base (~> 0.23.0)
    opentelemetry-logs-api (0.2.0)
      opentelemetry-api (~> 1.0)
    opentelemetry-logs-sdk (0.2.0)
      opentelemetry-api (~> 1.2)
      opentelemetry-logs-api (~> 0.1)
      opentelemetry-sdk (~> 1.3)
    opentelemetry-metrics-api (0.3.0)
      opentelemetry-api (~> 1.0)
    opentelemetry-metrics-sdk (0.7.3)
      opentelemetry-api (~> 1.1)
      opentelemetry-metrics-api (~> 0.2)
      opentelemetry-sdk (~> 1.2)
    opentelemetry-registry (0.4.0)
      opentelemetry-api (~> 1.1)
    opentelemetry-sdk (1.8.0)
      opentelemetry-api (~> 1.1)
      opentelemetry-common (~> 0.20)
      opentelemetry-registry (~> 0.2)
      opentelemetry-semantic_conventions
    opentelemetry-semantic_conventions (1.11.0)
      opentelemetry-api (~> 1.0)
    ostruct (0.6.3)
    parallel (1.27.0)
    parallel_tests (4.7.1)
      parallel
    parseconfig (1.1.2)
    parser (3.3.9.0)
      ast (~> 2.4.1)
      racc
    psych (5.2.6)
      date
      stringio
    public_suffix (6.0.2)
    racc (1.8.1)
    rainbow (3.1.1)
    rake (13.3.0)
    rake-compiler-dock (1.9.1)
    rb_sys (0.9.116)
      rake-compiler-dock (= 1.9.1)
    rdoc (6.6.3.1)
      psych (>= 4.0.0)
    regexp_parser (2.9.2)
    reline (0.6.1)
      io-console (~> 0.5)
    rest-client (2.1.0)
      http-accept (>= 1.7.0, < 2.0)
      http-cookie (>= 1.0.2, < 2.0)
      mime-types (>= 1.16, < 4.0)
      netrc (~> 0.8)
    rexml (3.4.1)
    rspec (3.13.0)
      rspec-core (~> 3.13.0)
      rspec-expectations (~> 3.13.0)
      rspec-mocks (~> 3.13.0)
    rspec-core (3.13.0)
      rspec-support (~> 3.13.0)
    rspec-expectations (3.13.1)
      diff-lcs (>= 1.2.0, < 2.0)
      rspec-support (~> 3.13.0)
    rspec-its (1.3.0)
      rspec-core (>= 3.0.0)
      rspec-expectations (>= 3.0.0)
    rspec-mocks (3.13.1)
      diff-lcs (>= 1.2.0, < 2.0)
      rspec-support (~> 3.13.0)
    rspec-sorbet (1.9.2)
      sorbet-runtime
    rspec-support (3.13.1)
    rubocop (1.67.0)
      json (~> 2.3)
      language_server-protocol (>= 3.17.0)
      parallel (~> 1.10)
      parser (>= 3.3.0.2)
      rainbow (>= 2.2.2, < 4.0)
      regexp_parser (>= 2.4, < 3.0)
      rubocop-ast (>= 1.32.2, < 2.0)
      ruby-progressbar (~> 1.7)
      unicode-display_width (>= 2.4.0, < 3.0)
    rubocop-ast (1.32.3)
      parser (>= 3.3.1.0)
    rubocop-capybara (2.20.0)
      rubocop (~> 1.41)
    rubocop-factory_bot (2.25.1)
      rubocop (~> 1.41)
    rubocop-performance (1.22.1)
      rubocop (>= 1.48.1, < 2.0)
      rubocop-ast (>= 1.31.1, < 2.0)
    rubocop-rspec (2.29.1)
      rubocop (~> 1.40)
      rubocop-capybara (~> 2.17)
      rubocop-factory_bot (~> 2.22)
      rubocop-rspec_rails (~> 2.28)
    rubocop-rspec_rails (2.28.3)
      rubocop (~> 1.40)
    rubocop-sorbet (0.8.7)
      rubocop (>= 1)
    ruby-progressbar (1.13.0)
    rubyzip (2.4.1)
    sawyer (0.9.2)
      addressable (>= 2.3.5)
      faraday (>= 0.17.3, < 3)
    sentry-opentelemetry (5.26.0)
      opentelemetry-sdk (~> 1.0)
      sentry-ruby (~> 5.26.0)
    sentry-ruby (5.26.0)
      bigdecimal
      concurrent-ruby (~> 1.0, >= 1.0.2)
    simplecov (0.22.0)
      docile (~> 1.1)
      simplecov-html (~> 0.11)
      simplecov_json_formatter (~> 0.1)
    simplecov-html (0.12.3)
    simplecov_json_formatter (0.1.4)
    sorbet-runtime (0.5.11952)
    stackprof (0.2.27)
    stringio (3.1.7)
    terminal-table (3.0.2)
      unicode-display_width (>= 1.1.1, < 3)
    toml-rb (4.0.0)
      citrus (~> 3.0, > 3.0)
      racc (~> 1.7)
    turbo_tests (2.2.4)
      parallel_tests (>= 3.3.0, < 5)
      rspec (>= 3.10)
    unicode-display_width (2.6.0)
    uri (1.0.3)
    vcr (6.3.1)
      base64
    webmock (3.24.0)
      addressable (>= 2.8.0)
      crack (>= 0.3.2)
      hashdiff (>= 0.4.0, < 2.0.0)
    webrick (1.9.1)
    zeitwerk (2.7.3)

PLATFORMS
  aarch64-linux
  aarch64-linux-gnu
  aarch64-linux-musl
  arm-linux-gnu
  arm-linux-musl
  arm64-darwin
  ruby
  x86-linux-gnu
  x86-linux-musl
  x86_64-darwin
  x86_64-linux
  x86_64-linux-gnu
  x86_64-linux-musl

DEPENDENCIES
  debug (~> 1.9)
  dependabot-bun!
  dependabot-bundler!
  dependabot-cargo!
  dependabot-common!
  dependabot-composer!
  dependabot-devcontainers!
  dependabot-docker!
  dependabot-docker_compose!
  dependabot-dotnet_sdk!
  dependabot-elm!
  dependabot-git_submodules!
  dependabot-github_actions!
  dependabot-go_modules!
  dependabot-gradle!
  dependabot-helm!
  dependabot-hex!
  dependabot-maven!
  dependabot-npm_and_yarn!
  dependabot-nuget!
  dependabot-pub!
  dependabot-python!
  dependabot-rust_toolchain!
  dependabot-silent!
  dependabot-swift!
  dependabot-terraform!
  dependabot-uv!
  dependabot-vcpkg!
  flamegraph (~> 0.9)
  gpgme (~> 2.0)
  http (~> 5.3)
  octokit (~> 7.2)
  opentelemetry-exporter-otlp (~> 0.30)
  opentelemetry-exporter-otlp-logs (~> 0.2)
  opentelemetry-exporter-otlp-metrics (~> 0.5)
  opentelemetry-instrumentation-excon (~> 0.23)
  opentelemetry-instrumentation-faraday (~> 0.27)
  opentelemetry-instrumentation-http (~> 0.25)
  opentelemetry-instrumentation-net_http (~> 0.23)
  opentelemetry-logs-sdk (~> 0.2)
  opentelemetry-metrics-sdk (~> 0.7)
  opentelemetry-sdk (~> 1.8)
  rake (~> 13.2)
  rspec (~> 3.12)
  rspec-its (~> 1.3)
  rspec-sorbet (~> 1.9)
  rubocop (~> 1.67)
  rubocop-performance (~> 1.22)
  rubocop-rspec (~> 2.29)
  rubocop-sorbet (~> 0.8)
  sentry-opentelemetry (~> 5.26)
  sentry-ruby (~> 5.23)
  simplecov (~> 0.22)
  terminal-table (~> 3.0)
  turbo_tests (~> 2.2)
  vcr (~> 6.1)
  webmock (~> 3.18)
  webrick (~> 1.9)
  zeitwerk (~> 2.7)

CHECKSUMS
  addressable (2.8.7) sha256=462986537cf3735ab5f3c0f557f14155d778f4b43ea4f485a9deb9c8f7c58232
  ast (2.4.3) sha256=954615157c1d6a382bc27d690d973195e79db7f55e9765ac7c481c60bdb4d383
  aws-eventstream (1.3.0) sha256=f1434cc03ab2248756eb02cfa45e900e59a061d7fbdc4a9fd82a5dd23d796d3f
  aws-partitions (1.881.0) sha256=c02786a96b2fe8097b61d3838992a33b31a52649edd8301b9fad6efcd6e5b6fe
  aws-sdk-codecommit (1.63.0) sha256=aa00135132d8e19525c0d48d1969861f5b018be4b4801024de88e2020dc33725
  aws-sdk-core (3.190.3) sha256=f9b66775d79112bcffcd031aa2c97aac2b1819fa2d917b1c72557635260f3d41
  aws-sdk-ecr (1.68.0) sha256=86763b7291170dc6dbbf827f35d4142683622e68d7dff6719eeb98b13b677e80
  aws-sigv4 (1.8.0) sha256=84dd99768b91b93b63d1d8e53ee837cfd06ab402812772a7899a78f9f9117cbc
  base64 (0.2.0) sha256=0f25e9b21a02a0cc0cea8ef92b2041035d39350946e8789c562b2d1a3da01507
  bigdecimal (3.2.2) sha256=39085f76b495eb39a79ce07af716f3a6829bc35eb44f2195e2753749f2fa5adc
  citrus (3.0.2) sha256=4ec2412fc389ad186735f4baee1460f7900a8e130ffe3f216b30d4f9c684f650
  commonmarker (2.3.1) sha256=8943ef0731a4205765b1ab8f25a7a9b9f62acb28b0054c7d60f06720a23cadc7
  commonmarker (2.3.1-aarch64-linux) sha256=43b940cb5a4d59378c68d1dcf4480b4223817aaf53acebe262467eca8dd14807
  commonmarker (2.3.1-aarch64-linux-musl) sha256=57971a5429973823f315a861210883640c864182cd622e3691b3d71321c9b3aa
  commonmarker (2.3.1-arm64-darwin) sha256=e1c8991b92ea971b8933621124f6461ef06ea64c031429d8b8ebd297dab790dc
  commonmarker (2.3.1-x86_64-darwin) sha256=75475606be508f0e3dbae03612516e89e8cbf8d0913c172729b53d0c30853d5e
  commonmarker (2.3.1-x86_64-linux) sha256=afa0df3f64076f0fe996120783db6af28b6d634019ff3a954155884d409caf2a
  commonmarker (2.3.1-x86_64-linux-musl) sha256=70556fce0bc3f67026e5a20ea9881080755cae80d165374c88498402ba9536a5
  concurrent-ruby (1.3.5) sha256=813b3e37aca6df2a21a3b9f1d497f8cbab24a2b94cab325bffe65ee0f6cbebc6
  crack (1.0.0) sha256=c83aefdb428cdc7b66c7f287e488c796f055c0839e6e545fec2c7047743c4a49
  csv (3.3.0) sha256=0bbd1defdc31134abefed027a639b3723c2753862150f4c3ee61cab71b20d67d
  date (3.4.1) sha256=bf268e14ef7158009bfeaec40b5fa3c7271906e88b196d958a89d4b408abe64f
  debug (1.9.2) sha256=48e026c0852c7a10c60263e2e527968308958e266231e36d64e3efcabec7e7fc
  dependabot-bun (0.323.0)
  dependabot-bundler (0.323.0)
  dependabot-cargo (0.323.0)
  dependabot-common (0.323.0)
  dependabot-composer (0.323.0)
  dependabot-devcontainers (0.323.0)
  dependabot-docker (0.323.0)
  dependabot-docker_compose (0.323.0)
  dependabot-dotnet_sdk (0.323.0)
  dependabot-elm (0.323.0)
  dependabot-git_submodules (0.323.0)
  dependabot-github_actions (0.323.0)
  dependabot-go_modules (0.323.0)
  dependabot-gradle (0.323.0)
  dependabot-helm (0.323.0)
  dependabot-hex (0.323.0)
  dependabot-maven (0.323.0)
  dependabot-npm_and_yarn (0.323.0)
  dependabot-nuget (0.323.0)
  dependabot-pub (0.323.0)
  dependabot-python (0.323.0)
  dependabot-rust_toolchain (0.323.0)
  dependabot-silent (0.323.0)
  dependabot-swift (0.323.0)
  dependabot-terraform (0.323.0)
  dependabot-uv (0.323.0)
  dependabot-vcpkg (0.323.0)
  diff-lcs (1.5.1) sha256=273223dfb40685548436d32b4733aa67351769c7dea621da7d9dd4813e63ddfe
  docile (1.4.0) sha256=5f1734bde23721245c20c3d723e76c104208e1aa01277a69901ce770f0ebb8d3
  docker_registry2 (1.18.2) sha256=2ace909110fbca29d69dd1cdec99f555024aa6f6577798638139c8e8e556910f
  domain_name (0.6.20240107) sha256=5f693b2215708476517479bf2b3802e49068ad82167bcd2286f899536a17d933
  excon (1.2.8) sha256=150f57a0f3919b8d2b3f74535596f9876389c6dde157e0bfac8f26631eb135d0
  faraday (2.13.4) sha256=c719ff52cfd0dbaeca79dd83ed3aeea3f621032abf8bc959d1c05666157cac26
  faraday-net_http (3.4.1) sha256=095757fae7872b94eac839c08a1a4b8d84fd91d6886cfbe75caa2143de64ab3b
  faraday-retry (2.3.2) sha256=2402d2029032ebd238a2046221e67f6ef0da78c5a8ce8cd4f8b9c62e4d6451d1
  ffi (1.17.2) sha256=297235842e5947cc3036ebe64077584bff583cd7a4e94e9a02fdec399ef46da6
  ffi (1.17.2-aarch64-linux-gnu) sha256=c910bd3cae70b76690418cce4572b7f6c208d271f323d692a067d59116211a1a
  ffi (1.17.2-aarch64-linux-musl) sha256=69e6556b091d45df83e6c3b19d3c54177c206910965155a6ec98de5e893c7b7c
  ffi (1.17.2-arm-linux-gnu) sha256=d4a438f2b40224ae42ec72f293b3ebe0ba2159f7d1bd47f8417e6af2f68dbaa5
  ffi (1.17.2-arm-linux-musl) sha256=977dfb7f3a6381206dbda9bc441d9e1f9366bf189a634559c3b7c182c497aaa3
  ffi (1.17.2-arm64-darwin) sha256=54dd9789be1d30157782b8de42d8f887a3c3c345293b57ffb6b45b4d1165f813
  ffi (1.17.2-x86-linux-gnu) sha256=95d8f9ebea23c39888e2ab85a02c98f54acb2f4e79b829250d7267ce741dc7b0
  ffi (1.17.2-x86-linux-musl) sha256=41741449bab2b9530f42a47baa5c26263925306fad0ac2d60887f51af2e3b24c
  ffi (1.17.2-x86_64-darwin) sha256=981f2d4e32ea03712beb26e55e972797c2c5a7b0257955d8667ba58f2da6440e
  ffi (1.17.2-x86_64-linux-gnu) sha256=05d2026fc9dbb7cfd21a5934559f16293815b7ce0314846fee2ac8efbdb823ea
  ffi (1.17.2-x86_64-linux-musl) sha256=97c0eb3981414309285a64dc4d466bd149e981c279a56371ef811395d68cb95c
  ffi-compiler (1.3.2) sha256=a94f3d81d12caf5c5d4ecf13980a70d0aeaa72268f3b9cc13358bcc6509184a0
  flamegraph (0.9.5) sha256=a683020637ffa0e14a72640fa41babf14d926bfeaed87e31907cfd06ab2de8dc
  gitlab (5.1.0) sha256=021c27807a98f379c0cfeda459327c026d3756dbd6531dc1479f0e3df03572c7
  google-protobuf (4.31.1) sha256=022bc82931a0860a7f2ace41bd48e904c8e65032c1d5eefc33294b5edf9741f8
  google-protobuf (4.31.1-aarch64-linux-gnu) sha256=d5b8268b2e07776b15a73ed96ca416eab771821b162b239dbdbfb2c85e2d17e5
  google-protobuf (4.31.1-aarch64-linux-musl) sha256=fcd5b79ac4048e89e44c4c64fb432fa6400ec3c2f0344a7effa95fbc6895d24a
  google-protobuf (4.31.1-arm64-darwin) sha256=177ca61d254e4516d42997aa9d3127fd5e04ffc60c4ad333b1515ded6d7af89d
  google-protobuf (4.31.1-x86-linux-gnu) sha256=88fbe376846cd2eb16f538f56c987ec389b932316f40a4db53c317543e0c978e
  google-protobuf (4.31.1-x86-linux-musl) sha256=8f91a6046bf9c94cf5dfe70a3415c38931f60851cfedefc059c2bda13d758256
  google-protobuf (4.31.1-x86_64-darwin) sha256=bdf067d1456167275ca7ce269922a99d24fcb9071d86429289cd73f0cf536ae4
  google-protobuf (4.31.1-x86_64-linux-gnu) sha256=7def6dbf996dab289dd541a3ee8b201e2c3e35911c274325ad9b483ebffb6dcd
  google-protobuf (4.31.1-x86_64-linux-musl) sha256=7d99d7728d9d7a6fda36130acac2a9947b868e28fe3f4aec4131cebce0d420f9
  googleapis-common-protos-types (1.20.0) sha256=5e374b06bcfc7e13556e7c0d87b99f1fa3d42de6396a1de3d8fc13aefb4dd07f
  gpgme (2.0.24) sha256=53eccd7042abb4fd5c78f30bc9ed075b1325e6450eab207f2f6a1e7e28ae3b64
  hashdiff (1.1.1) sha256=c7966316726e0ceefe9f5c6aef107ebc3ccfef8b6db55fe3934f046b2cf0936a
  http (5.3.1) sha256=c50802d8e9be3926cb84ac3b36d1a31fbbac383bc4cbecdce9053cb604231d7d
  http-accept (1.7.0) sha256=c626860682bfbb3b46462f8c39cd470fd7b0584f61b3cc9df5b2e9eb9972a126
  http-cookie (1.0.8) sha256=b14fe0445cf24bf9ae098633e9b8d42e4c07c3c1f700672b09fbfe32ffd41aa6
  http-form_data (2.3.0) sha256=cc4eeb1361d9876821e31d7b1cf0b68f1cf874b201d27903480479d86448a5f3
  httparty (0.22.0) sha256=78652a5c9471cf0093d3b2083c2295c9c8f12b44c65112f1846af2b71430fa6c
  io-console (0.8.0) sha256=cd6a9facbc69871d69b2cb8b926fc6ea7ef06f06e505e81a64f14a470fddefa2
  irb (1.12.0) sha256=07634937fbb7d28d07e46da50d0aa43b4d2f7258174d08de4e32dfb57c10539d
  jmespath (1.6.2) sha256=238d774a58723d6c090494c8879b5e9918c19485f7e840f2c1c7532cf84ebcb1
  json (2.11.3) sha256=9a10f658a2de67c0eb837eb795dd48132ce797c403e52b5ebef87dcdc7f9ccc1
  language_server-protocol (3.17.0.3) sha256=3d5c58c02f44a20d972957a9febe386d7e7468ab3900ce6bd2b563dd910c6b3f
  llhttp-ffi (0.5.1) sha256=9a25a7fc19311f691a78c9c0ac0fbf4675adbd0cca74310228fdf841018fa7bc
  logger (1.7.0) sha256=196edec7cc44b66cfb40f9755ce11b392f21f7967696af15d274dde7edff0203
  mime-types (3.4.1) sha256=6bcf8b0e656b6ae9977bdc1351ef211d0383252d2f759a59ef4bcf254542fc46
  mime-types-data (3.2022.0105) sha256=d8c401ba9ea8b648b7145b90081789ec714e91fd625d82c5040079c5ea696f00
  mini_mime (1.1.5) sha256=8681b7e2e4215f2a159f9400b5816d85e9d8c6c6b491e96a12797e798f8bccef
  mini_portile2 (2.8.9) sha256=0cd7c7f824e010c072e33f68bc02d85a00aeb6fce05bb4819c03dfd3c140c289
  multi_xml (0.7.1) sha256=4fce100c68af588ff91b8ba90a0bb3f0466f06c909f21a32f4962059140ba61b
  net-http (0.6.0) sha256=9621b20c137898af9d890556848c93603716cab516dc2c89b01a38b894e259fb
  netrc (0.11.0) sha256=de1ce33da8c99ab1d97871726cba75151113f117146becbe45aa85cb3dabee3f
  nokogiri (1.18.9) sha256=ac5a7d93fd0e3cef388800b037407890882413feccca79eb0272a2715a82fa33
  nokogiri (1.18.9-aarch64-linux-gnu) sha256=5bcfdf7aa8d1056a7ad5e52e1adffc64ef53d12d0724fbc6f458a3af1a4b9e32
  nokogiri (1.18.9-aarch64-linux-musl) sha256=55e9e6ca46c4ad1715e313f407d8481d15be1e3b65d9f8e52ba1c124d01676a7
  nokogiri (1.18.9-arm-linux-gnu) sha256=fe611ae65880e445a9c0f650d52327db239f3488626df4173c05beafd161d46e
  nokogiri (1.18.9-arm-linux-musl) sha256=935605e14c0ba17da18d203922440bf6c0676c602659278d855d4622d756a324
  nokogiri (1.18.9-arm64-darwin) sha256=eea3f1f06463ff6309d3ff5b88033c4948d0da1ab3cc0a3a24f63c4d4a763979
  nokogiri (1.18.9-x86_64-darwin) sha256=e0d2deb03d3d7af8016e8c9df5ff4a7d692159cefb135cbb6a4109f265652348
  nokogiri (1.18.9-x86_64-linux-gnu) sha256=b52f5defedc53d14f71eeaaf990da66b077e1918a2e13088b6a96d0230f44360
  nokogiri (1.18.9-x86_64-linux-musl) sha256=e69359d6240c17e64cc9f43970d54f13bfc7b8cc516b819228f687e953425e69
  octokit (7.2.0) sha256=7032d968d03177ee7a29e3bd4782fc078215cca4743db0dfc66a49feb9411907
  opentelemetry-api (1.5.0) sha256=8dcc33e7aba70b1da630065ce0db3d6f50cb8ebd2017383209739439025ea997
  opentelemetry-common (0.22.0) sha256=ce5e96a0f838d67eb70a1d32e02bdbe7b8f41767bc71994d73b299a8b0c5878d
  opentelemetry-exporter-otlp (0.30.0) sha256=07cb0446bb782dfcf7cc27d2d6ebcf9aef1a4585b3f4952be6276a1e77d5ba97
  opentelemetry-exporter-otlp-logs (0.2.0) sha256=d665bd0320dbcaf4717faa728fd201d6490804bedeff76bde39e88e24dd44570
  opentelemetry-exporter-otlp-metrics (0.5.0) sha256=363da0c529275c6c76f55ea3b8e35c0186fb6611f3d74d2d8e7daae643fbdf92
  opentelemetry-instrumentation-base (0.23.0) sha256=b3e103ceea2ccf3e6269a394938a5bc239c80d113869fe2b2ac49ba27c3c1c50
  opentelemetry-instrumentation-excon (0.23.0) sha256=3ae5c57a05457f3bfea796ef815d261df94ffc4a83e4b691128044185a8a3f07
  opentelemetry-instrumentation-faraday (0.27.0) sha256=2376b11c04a69d5f6619066916f9373942c9d5b5a218ab4efdcf72d5e7de4564
  opentelemetry-instrumentation-http (0.25.1) sha256=70424c12fa60f850f0a8218d3ce425ed9bd7d548cd43b5572876b3301f85bb3f
  opentelemetry-instrumentation-net_http (0.23.0) sha256=91123b721848f807e72157725771f680f70ecdbbdd58c05577713234ff1c0a80
  opentelemetry-logs-api (0.2.0) sha256=0e9241b9b53a315101a6a5f2efbfa80278a0d39f9220915871f8d6057c39b117
  opentelemetry-logs-sdk (0.2.0) sha256=5911963a80e8852d07bf0e4acf630dac4177af178a0fc0287a1878114c81c640
  opentelemetry-metrics-api (0.3.0) sha256=29f4b82cd5c5992884f4dc68d279a2cc114560f433c431bf9ef6f42d8d0f10b1
  opentelemetry-metrics-sdk (0.7.3) sha256=8c944f07649a454074ed8a900f2582fb5d532e8b295aebc666424fc9e4f4dc30
  opentelemetry-registry (0.4.0) sha256=903fa6bfaa29eac1c1d73a4fdd29b850977b5353b84b8cdff11222c00ad2968f
  opentelemetry-sdk (1.8.0) sha256=fad979b4a6c7ad5b2f9f2bfde77ab5c0c6a9b81d5a6458becf5957e3fa371df7
  opentelemetry-semantic_conventions (1.11.0) sha256=89f209f588d48a8e38ca2205c24c6b4a35f3d2622c2f1854bd476c56290afdcb
  ostruct (0.6.3) sha256=95a2ed4a4bd1d190784e666b47b2d3f078e4a9efda2fccf18f84ddc6538ed912
  parallel (1.27.0) sha256=4ac151e1806b755fb4e2dc2332cbf0e54f2e24ba821ff2d3dcf86bf6dc4ae130
  parallel_tests (4.7.1) sha256=98ad977f5e5a28df77c0364504bdea21f0a2a9ea86eae238668fdfec341ab860
  parseconfig (1.1.2) sha256=e52247d15070fb47f9e58f44f7888d1e7f65775274cd60f9ab4b7acd7943b291
  parser (3.3.9.0) sha256=94d6929354b1a6e3e1f89d79d4d302cc8f5aa814431a6c9c7e0623335d7687f2
  psych (5.2.6) sha256=814328aa5dcb6d604d32126a20bc1cbcf05521a5b49dbb1a8b30a07e580f316e
  public_suffix (6.0.2) sha256=bfa7cd5108066f8c9602e0d6d4114999a5df5839a63149d3e8b0f9c1d3558394
  racc (1.8.1) sha256=4a7f6929691dbec8b5209a0b373bc2614882b55fc5d2e447a21aaa691303d62f
  rainbow (3.1.1) sha256=039491aa3a89f42efa1d6dec2fc4e62ede96eb6acd95e52f1ad581182b79bc6a
  rake (13.3.0) sha256=96f5092d786ff412c62fde76f793cc0541bd84d2eb579caa529aa8a059934493
  rake-compiler-dock (1.9.1) sha256=e73720a29aba9c114728ce39cc0d8eef69ba61d88e7978c57bac171724cd4d53
  rb_sys (0.9.116) sha256=c879891018535d4362455197065ea580541b10ffdfa940bec512ec1dd9a7def4
  rdoc (6.6.3.1) sha256=39f7b749229ab5ad9d21c81586151c1dd7a549fa8be4070ee09b524f9c656345
  regexp_parser (2.9.2) sha256=5a27e767ad634f8a4b544520d5cd28a0db7aa1198a5d7c9d7e11d7b3d9066446
  reline (0.6.1) sha256=1afcc9d7cb1029cdbe780d72f2f09251ce46d3780050f3ec39c3ccc6b60675fb
  rest-client (2.1.0) sha256=35a6400bdb14fae28596618e312776c158f7ebbb0ccad752ff4fa142bf2747e3
  rexml (3.4.1) sha256=c74527a9a0a04b4ec31dbe0dc4ed6004b960af943d8db42e539edde3a871abca
  rspec (3.13.0) sha256=d490914ac1d5a5a64a0e1400c1d54ddd2a501324d703b8cfe83f458337bab993
  rspec-core (3.13.0) sha256=557792b4e88da883d580342b263d9652b6a10a12d5bda9ef967b01a48f15454c
  rspec-expectations (3.13.1) sha256=814cf8dadc797b00be55a84d7bc390c082735e5c914e62cbe8d0e19774b74200
  rspec-its (1.3.0) sha256=4da51040e7820daafd40f2f6216d13c90aa949f0d302a0412c9ef6074e73ea97
  rspec-mocks (3.13.1) sha256=087189899c337937bcf1d66a50dc3fc999ac88335bbeba4d385c2a38c87d7b38
  rspec-sorbet (1.9.2) sha256=28bf3969fa136ed22edd05b00d23aab52c276f2fcc89fccbb16b8fd0c48931c8
  rspec-support (3.13.1) sha256=48877d4f15b772b7538f3693c22225f2eda490ba65a0515c4e7cf6f2f17de70f
  rubocop (1.67.0) sha256=8ccca7226e76d0a9974af960ea446d1fb38adf0c491214294e2fed75a85c378c
  rubocop-ast (1.32.3) sha256=40201e861c73a3c2d59428c7627828ef81fb2f8a306bc4a1c1801452afe3fe0f
  rubocop-capybara (2.20.0) sha256=2a6844b942921f230ee3ab8c94fe77f41a9406096a140245270c0e11624bb938
  rubocop-factory_bot (2.25.1) sha256=62751bde7af789878b8a31cbd2a82e69515ce7b23a2ad1820cb0fcc3e0150134
  rubocop-performance (1.22.1) sha256=9ed9737af1ee90655654b483e0eac4e64702139e85d33335bf744b57a309a679
  rubocop-rspec (2.29.1) sha256=534ee81a3006e7379ec6203687ef7c06ca1d137b7d6d67c2777b680b1ce82e13
  rubocop-rspec_rails (2.28.3) sha256=9769f2077cca8af2269193ba0450e0317ae1827a132c19149fdbeecaaca32818
  rubocop-sorbet (0.8.7) sha256=670b7478425543e808558c5aa9acafeb5c9137af9ac8d3541b69d3d18ea4726b
  ruby-progressbar (1.13.0) sha256=80fc9c47a9b640d6834e0dc7b3c94c9df37f08cb072b7761e4a71e22cff29b33
  rubyzip (2.4.1) sha256=8577c88edc1fde8935eb91064c5cb1aef9ad5494b940cf19c775ee833e075615
  sawyer (0.9.2) sha256=fa3a72d62a4525517b18857ddb78926aab3424de0129be6772a8e2ba240e7aca
  sentry-opentelemetry (5.26.0) sha256=bae27503dc490c8518da55ad4ff7146b6e42f95ec81f8747e7c75cc55defe9b7
  sentry-ruby (5.26.0) sha256=37b82d4849683f7172cbdb0867ee6697e0d8ad8fe9c242b5df0edf690894554b
  simplecov (0.22.0) sha256=fe2622c7834ff23b98066bb0a854284b2729a569ac659f82621fc22ef36213a5
  simplecov-html (0.12.3) sha256=4b1aad33259ffba8b29c6876c12db70e5750cb9df829486e4c6e5da4fa0aa07b
  simplecov_json_formatter (0.1.4) sha256=529418fbe8de1713ac2b2d612aa3daa56d316975d307244399fa4838c601b428
  sorbet-runtime (0.5.11952) sha256=03261787bff1d400bce3cc0d81a2aa9bc9899cdd0dfbdc2c019e427697d87edf
  stackprof (0.2.27) sha256=aff6d28656c852e74cf632cc2046f849033dc1dedffe7cb8c030d61b5745e80c
  stringio (3.1.7) sha256=5b78b7cb242a315fb4fca61a8255d62ec438f58da2b90be66048546ade4507fa
  terminal-table (3.0.2) sha256=f951b6af5f3e00203fb290a669e0a85c5dd5b051b3b023392ccfd67ba5abae91
  toml-rb (4.0.0) sha256=bc997a4114c94a65dd5287aa4784ef36cff2c80ec2ecb5980fe7d674f8ed37ea
  turbo_tests (2.2.4) sha256=d2ae747391ad59253d45b8dfae045cef9ae4126c78d1174caf82c898a3bb9c0c
  unicode-display_width (2.6.0) sha256=12279874bba6d5e4d2728cef814b19197dbb10d7a7837a869bab65da943b7f5a
  uri (1.0.3) sha256=e9f2244608eea2f7bc357d954c65c910ce0399ca5e18a7a29207ac22d8767011
  vcr (6.3.1) sha256=37b56e157e720446a3f4d2d39919cabef8cb7b6c45936acffd2ef8229fec03ed
  webmock (3.24.0) sha256=be01357f6fc773606337ca79f3ba332b7d52cbe5c27587671abc0572dbec7122
  webrick (1.9.1) sha256=b42d3c94f166f3fb73d87e9b359def9b5836c426fc8beacf38f2184a21b2a989
  zeitwerk (2.7.3) sha256=b2e86b4a9b57d26ba68a15230dcc7fe6f040f06831ce64417b0621ad96ba3e85

BUNDLED WITH
   2.6.9
