PATH
  remote: ../bun
  specs:
    dependabot-bun (0.341.0)
      dependabot-common (= 0.341.0)

PATH
  remote: ../bundler
  specs:
    dependabot-bundler (0.341.0)
      dependabot-common (= 0.341.0)
      parallel (~> 1.24)

PATH
  remote: ../cargo
  specs:
    dependabot-cargo (0.341.0)
      dependabot-common (= 0.341.0)

PATH
  remote: ../common
  specs:
    dependabot-common (0.341.0)
      aws-sdk-codecommit (~> 1.28)
      aws-sdk-ecr (~> 1.5)
      bundler (>= 1.16, < 3.0.0)
      commonmarker (~> 2.3)
      docker_registry2 (~> 1.18)
      excon (~> 1.2)
      faraday (~> 2.7)
      faraday-retry (~> 2.2)
      gitlab (~> 5.0)
      json (< 2.12)
      nokogiri (~> 1.8)
      octokit (~> 7.2)
      opentelemetry-api (~> 1.5)
      opentelemetry-logs-api (~> 0.2)
      opentelemetry-metrics-api (~> 0.3)
      ostruct (~> 0.6)
      parser (~> 3.3)
      psych (~> 5.0)
      sorbet-runtime (~> 0.6)
      stackprof (~> 0.2)
      toml-rb (~> 4.0)

PATH
  remote: ../composer
  specs:
    dependabot-composer (0.341.0)
      dependabot-common (= 0.341.0)

PATH
  remote: ../conda
  specs:
    dependabot-conda (0.341.0)
      dependabot-common (= 0.341.0)
      dependabot-python (= 0.341.0)

PATH
  remote: ../devcontainers
  specs:
    dependabot-devcontainers (0.341.0)
      dependabot-common (= 0.341.0)

PATH
  remote: ../docker_compose
  specs:
    dependabot-docker_compose (0.341.0)
      dependabot-common (= 0.341.0)
      dependabot-docker (= 0.341.0)

PATH
  remote: ../docker
  specs:
    dependabot-docker (0.341.0)
      dependabot-common (= 0.341.0)

PATH
  remote: ../dotnet_sdk
  specs:
    dependabot-dotnet_sdk (0.341.0)
      dependabot-common (= 0.341.0)

PATH
  remote: ../elm
  specs:
    dependabot-elm (0.341.0)
      dependabot-common (= 0.341.0)

PATH
  remote: ../git_submodules
  specs:
    dependabot-git_submodules (0.341.0)
      dependabot-common (= 0.341.0)
      parseconfig (~> 1.0, < 1.2.0)

PATH
  remote: ../github_actions
  specs:
    dependabot-github_actions (0.341.0)
      dependabot-common (= 0.341.0)

PATH
  remote: ../go_modules
  specs:
    dependabot-go_modules (0.341.0)
      dependabot-common (= 0.341.0)

PATH
  remote: ../gradle
  specs:
    dependabot-gradle (0.341.0)
      dependabot-common (= 0.341.0)
      dependabot-maven (= 0.341.0)

PATH
  remote: ../helm
  specs:
    dependabot-helm (0.341.0)
      dependabot-common (= 0.341.0)
      dependabot-docker (= 0.341.0)

PATH
  remote: ../hex
  specs:
    dependabot-hex (0.341.0)
      dependabot-common (= 0.341.0)

PATH
  remote: ../julia
  specs:
    dependabot-julia (0.341.0)
      dependabot-common (= 0.341.0)

PATH
  remote: ../maven
  specs:
    dependabot-maven (0.341.0)
      dependabot-common (= 0.341.0)
      rexml (~> 3.4.1)

PATH
  remote: ../npm_and_yarn
  specs:
    dependabot-npm_and_yarn (0.341.0)
      dependabot-common (= 0.341.0)

PATH
  remote: ../nuget
  specs:
    dependabot-nuget (0.341.0)
      dependabot-common (= 0.341.0)

PATH
  remote: ../pub
  specs:
    dependabot-pub (0.341.0)
      dependabot-common (= 0.341.0)

PATH
  remote: ../python
  specs:
    dependabot-python (0.341.0)
      dependabot-common (= 0.341.0)

PATH
  remote: ../rust_toolchain
  specs:
    dependabot-rust_toolchain (0.341.0)
      dependabot-common (= 0.341.0)

PATH
  remote: ../silent
  specs:
    dependabot-silent (0.341.0)
      dependabot-common (= 0.341.0)

PATH
  remote: ../swift
  specs:
    dependabot-swift (0.341.0)
      dependabot-common (= 0.341.0)

PATH
  remote: ../terraform
  specs:
    dependabot-terraform (0.341.0)
      dependabot-common (= 0.341.0)

PATH
  remote: ../uv
  specs:
    dependabot-uv (0.341.0)
      dependabot-common (= 0.341.0)

PATH
  remote: ../vcpkg
  specs:
    dependabot-vcpkg (0.341.0)
      dependabot-common (= 0.341.0)

GEM
  remote: https://rubygems.org/
  specs:
    addressable (2.8.7)
      public_suffix (>= 2.0.2, < 7.0)
    ast (2.4.2)
    aws-eventstream (1.4.0)
    aws-partitions (1.1174.0)
    aws-sdk-codecommit (1.90.0)
      aws-sdk-core (~> 3, >= 3.231.0)
      aws-sigv4 (~> 1.5)
    aws-sdk-core (3.233.0)
      aws-eventstream (~> 1, >= 1.3.0)
      aws-partitions (~> 1, >= 1.992.0)
      aws-sigv4 (~> 1.9)
      base64
      bigdecimal
      jmespath (~> 1, >= 1.6.1)
      logger
    aws-sdk-ecr (1.110.0)
      aws-sdk-core (~> 3, >= 3.231.0)
      aws-sigv4 (~> 1.5)
    aws-sigv4 (1.12.1)
      aws-eventstream (~> 1, >= 1.0.2)
    base64 (0.2.0)
    bigdecimal (3.3.1)
    citrus (3.0.2)
    commonmarker (2.5.0)
      rb_sys (~> 0.9)
    commonmarker (2.5.0-aarch64-linux)
    commonmarker (2.5.0-aarch64-linux-musl)
    commonmarker (2.5.0-x86_64-linux)
    commonmarker (2.5.0-x86_64-linux-musl)
    concurrent-ruby (1.3.5)
    crack (1.0.0)
      bigdecimal
      rexml
    csv (3.3.0)
    date (3.4.1)
    debug (1.9.2)
      irb (~> 1.10)
      reline (>= 0.3.8)
    diff-lcs (1.5.1)
    docile (1.4.0)
    docker_registry2 (1.18.2)
      rest-client (>= 1.8.0)
    domain_name (0.6.20240107)
    excon (1.3.0)
      logger
    faraday (2.14.0)
      faraday-net_http (>= 2.0, < 3.5)
      json
      logger
    faraday-net_http (3.4.1)
      net-http (>= 0.5.0)
    faraday-retry (2.3.2)
      faraday (~> 2.0)
    ffi (1.17.2)
    ffi (1.17.2-aarch64-linux-gnu)
    ffi (1.17.2-aarch64-linux-musl)
    ffi (1.17.2-arm-linux-gnu)
    ffi (1.17.2-arm-linux-musl)
    ffi (1.17.2-arm64-darwin)
    ffi (1.17.2-x86-linux-gnu)
    ffi (1.17.2-x86-linux-musl)
    ffi (1.17.2-x86_64-darwin)
    ffi (1.17.2-x86_64-linux-gnu)
    ffi (1.17.2-x86_64-linux-musl)
    ffi-compiler (1.3.2)
      ffi (>= 1.15.5)
      rake
    flamegraph (0.9.5)
    gitlab (5.1.0)
      base64 (~> 0.2.0)
      httparty (~> 0.20)
      terminal-table (>= 1.5.1)
    google-protobuf (4.33.0)
      bigdecimal
      rake (>= 13)
    google-protobuf (4.33.0-aarch64-linux-gnu)
      bigdecimal
      rake (>= 13)
    google-protobuf (4.33.0-aarch64-linux-musl)
      bigdecimal
      rake (>= 13)
    google-protobuf (4.33.0-arm64-darwin)
      bigdecimal
      rake (>= 13)
    google-protobuf (4.33.0-x86-linux-gnu)
      bigdecimal
      rake (>= 13)
    google-protobuf (4.33.0-x86-linux-musl)
      bigdecimal
      rake (>= 13)
    google-protobuf (4.33.0-x86_64-darwin)
      bigdecimal
      rake (>= 13)
    google-protobuf (4.33.0-x86_64-linux-gnu)
      bigdecimal
      rake (>= 13)
    google-protobuf (4.33.0-x86_64-linux-musl)
      bigdecimal
      rake (>= 13)
    googleapis-common-protos-types (1.22.0)
      google-protobuf (~> 4.26)
    gpgme (2.0.25)
      mini_portile2 (~> 2.7)
    hashdiff (1.1.1)
    http (5.3.1)
      addressable (~> 2.8)
      http-cookie (~> 1.0)
      http-form_data (~> 2.2)
      llhttp-ffi (~> 0.5.0)
    http-accept (1.7.0)
    http-cookie (1.1.0)
      domain_name (~> 0.5)
    http-form_data (2.3.0)
    httparty (0.22.0)
      csv
      mini_mime (>= 1.0.0)
      multi_xml (>= 0.5.2)
    io-console (0.8.0)
    irb (1.12.0)
      rdoc
      reline (>= 0.4.2)
    jmespath (1.6.2)
    json (2.11.3)
    language_server-protocol (3.17.0.3)
    lint_roller (1.1.0)
    llhttp-ffi (0.5.1)
      ffi-compiler (~> 1.0)
      rake (~> 13.0)
    logger (1.7.0)
    mime-types (3.4.1)
      mime-types-data (~> 3.2015)
    mime-types-data (3.2022.0105)
    mini_mime (1.1.5)
    mini_portile2 (2.8.9)
    multi_xml (0.7.1)
      bigdecimal (~> 3.1)
    net-http (0.6.0)
      uri
    netrc (0.11.0)
    nokogiri (1.18.10)
      mini_portile2 (~> 2.8.2)
      racc (~> 1.4)
    nokogiri (1.18.10-aarch64-linux-gnu)
      racc (~> 1.4)
    nokogiri (1.18.10-aarch64-linux-musl)
      racc (~> 1.4)
    nokogiri (1.18.10-arm-linux-gnu)
      racc (~> 1.4)
    nokogiri (1.18.10-arm-linux-musl)
      racc (~> 1.4)
    nokogiri (1.18.10-arm64-darwin)
      racc (~> 1.4)
    nokogiri (1.18.10-x86_64-darwin)
      racc (~> 1.4)
    nokogiri (1.18.10-x86_64-linux-gnu)
      racc (~> 1.4)
    nokogiri (1.18.10-x86_64-linux-musl)
      racc (~> 1.4)
    octokit (7.2.0)
      faraday (>= 1, < 3)
      sawyer (~> 0.9)
    opentelemetry-api (1.7.0)
    opentelemetry-common (0.23.0)
      opentelemetry-api (~> 1.0)
    opentelemetry-exporter-otlp (0.31.0)
      google-protobuf (>= 3.18)
      googleapis-common-protos-types (~> 1.3)
      opentelemetry-api (~> 1.1)
      opentelemetry-common (~> 0.20)
      opentelemetry-sdk (~> 1.2)
      opentelemetry-semantic_conventions
    opentelemetry-exporter-otlp-logs (0.2.2)
      google-protobuf (>= 3.18)
      googleapis-common-protos-types (~> 1.3)
      opentelemetry-api (~> 1.1)
      opentelemetry-common (~> 0.20)
      opentelemetry-logs-api (~> 0.1)
      opentelemetry-logs-sdk (~> 0.1)
      opentelemetry-sdk
      opentelemetry-semantic_conventions
    opentelemetry-exporter-otlp-metrics (0.6.1)
      google-protobuf (>= 3.18, < 5.0)
      googleapis-common-protos-types (~> 1.3)
      opentelemetry-api (~> 1.1)
      opentelemetry-common (~> 0.20)
      opentelemetry-metrics-api (~> 0.2)
      opentelemetry-metrics-sdk (~> 0.5)
      opentelemetry-sdk (~> 1.2)
      opentelemetry-semantic_conventions
    opentelemetry-instrumentation-base (0.24.0)
      opentelemetry-api (~> 1.7)
      opentelemetry-common (~> 0.21)
      opentelemetry-registry (~> 0.1)
    opentelemetry-instrumentation-excon (0.25.2)
      opentelemetry-instrumentation-base (~> 0.24)
    opentelemetry-instrumentation-faraday (0.29.1)
      opentelemetry-instrumentation-base (~> 0.24)
    opentelemetry-instrumentation-http (0.26.1)
      opentelemetry-instrumentation-base (~> 0.24)
    opentelemetry-instrumentation-net_http (0.25.1)
      opentelemetry-instrumentation-base (~> 0.24)
    opentelemetry-logs-api (0.2.0)
      opentelemetry-api (~> 1.0)
    opentelemetry-logs-sdk (0.4.0)
      opentelemetry-api (~> 1.2)
      opentelemetry-logs-api (~> 0.1)
      opentelemetry-sdk (~> 1.3)
    opentelemetry-metrics-api (0.4.0)
      opentelemetry-api (~> 1.0)
    opentelemetry-metrics-sdk (0.10.0)
      opentelemetry-api (~> 1.1)
      opentelemetry-metrics-api (~> 0.2)
      opentelemetry-sdk (~> 1.2)
    opentelemetry-registry (0.4.0)
      opentelemetry-api (~> 1.1)
    opentelemetry-sdk (1.10.0)
      opentelemetry-api (~> 1.1)
      opentelemetry-common (~> 0.20)
      opentelemetry-registry (~> 0.2)
      opentelemetry-semantic_conventions
    opentelemetry-semantic_conventions (1.36.0)
      opentelemetry-api (~> 1.0)
    ostruct (0.6.3)
    parallel (1.27.0)
    parallel_tests (4.7.1)
      parallel
    parseconfig (1.1.2)
    parser (3.3.9.0)
      ast (~> 2.4.1)
      racc
    prism (1.5.1)
    psych (5.2.6)
      date
      stringio
    public_suffix (6.0.2)
    racc (1.8.1)
    rainbow (3.1.1)
    rake (13.3.0)
    rake-compiler-dock (1.9.1)
    rb_sys (0.9.117)
      rake-compiler-dock (= 1.9.1)
    rdoc (6.6.3.1)
      psych (>= 4.0.0)
    regexp_parser (2.11.3)
    reline (0.6.1)
      io-console (~> 0.5)
    rest-client (2.1.0)
      http-accept (>= 1.7.0, < 2.0)
      http-cookie (>= 1.0.2, < 2.0)
      mime-types (>= 1.16, < 4.0)
      netrc (~> 0.8)
    rexml (3.4.4)
    rspec (3.13.0)
      rspec-core (~> 3.13.0)
      rspec-expectations (~> 3.13.0)
      rspec-mocks (~> 3.13.0)
    rspec-core (3.13.0)
      rspec-support (~> 3.13.0)
    rspec-expectations (3.13.1)
      diff-lcs (>= 1.2.0, < 2.0)
      rspec-support (~> 3.13.0)
    rspec-its (1.3.0)
      rspec-core (>= 3.0.0)
      rspec-expectations (>= 3.0.0)
    rspec-mocks (3.13.1)
      diff-lcs (>= 1.2.0, < 2.0)
      rspec-support (~> 3.13.0)
    rspec-sorbet (1.9.2)
      sorbet-runtime
    rspec-support (3.13.1)
    rubocop (1.80.2)
      json (~> 2.3)
      language_server-protocol (~> 3.17.0.2)
      lint_roller (~> 1.1.0)
      parallel (~> 1.10)
      parser (>= 3.3.0.2)
      rainbow (>= 2.2.2, < 4.0)
      regexp_parser (>= 2.9.3, < 3.0)
      rubocop-ast (>= 1.46.0, < 2.0)
      ruby-progressbar (~> 1.7)
      unicode-display_width (>= 2.4.0, < 4.0)
    rubocop-ast (1.46.0)
      parser (>= 3.3.7.2)
      prism (~> 1.4)
    rubocop-performance (1.26.0)
      lint_roller (~> 1.1)
      rubocop (>= 1.75.0, < 2.0)
      rubocop-ast (>= 1.44.0, < 2.0)
    rubocop-rspec (3.7.0)
      lint_roller (~> 1.1)
      rubocop (~> 1.72, >= 1.72.1)
    rubocop-sorbet (0.10.5)
      lint_roller
      rubocop (>= 1.75.2)
    ruby-progressbar (1.13.0)
    sawyer (0.9.2)
      addressable (>= 2.3.5)
      faraday (>= 0.17.3, < 3)
    sentry-opentelemetry (5.28.0)
      opentelemetry-sdk (~> 1.0)
      sentry-ruby (~> 5.28.0)
    sentry-ruby (5.28.0)
      bigdecimal
      concurrent-ruby (~> 1.0, >= 1.0.2)
    simplecov (0.22.0)
      docile (~> 1.1)
      simplecov-html (~> 0.11)
      simplecov_json_formatter (~> 0.1)
    simplecov-html (0.12.3)
    simplecov_json_formatter (0.1.4)
    sorbet-runtime (0.6.12650)
    stackprof (0.2.27)
    stringio (3.1.7)
    terminal-table (3.0.2)
      unicode-display_width (>= 1.1.1, < 3)
    toml-rb (4.0.0)
      citrus (~> 3.0, > 3.0)
      racc (~> 1.7)
    turbo_tests (2.2.5)
      parallel_tests (>= 3.3.0, < 5)
      rspec (>= 3.10)
    unicode-display_width (2.6.0)
    uri (1.0.4)
    vcr (6.3.1)
      base64
    webmock (3.25.1)
      addressable (>= 2.8.0)
      crack (>= 0.3.2)
      hashdiff (>= 0.4.0, < 2.0.0)
    webrick (1.9.1)
    zeitwerk (2.7.3)

PLATFORMS
  aarch64-linux
  aarch64-linux-gnu
  aarch64-linux-musl
  arm-linux-gnu
  arm-linux-musl
  arm64-darwin
  ruby
  x86-linux-gnu
  x86-linux-musl
  x86_64-darwin
  x86_64-linux
  x86_64-linux-gnu
  x86_64-linux-musl

DEPENDENCIES
  debug (~> 1.9)
  dependabot-bun!
  dependabot-bundler!
  dependabot-cargo!
  dependabot-common!
  dependabot-composer!
  dependabot-conda!
  dependabot-devcontainers!
  dependabot-docker!
  dependabot-docker_compose!
  dependabot-dotnet_sdk!
  dependabot-elm!
  dependabot-git_submodules!
  dependabot-github_actions!
  dependabot-go_modules!
  dependabot-gradle!
  dependabot-helm!
  dependabot-hex!
  dependabot-julia!
  dependabot-maven!
  dependabot-npm_and_yarn!
  dependabot-nuget!
  dependabot-pub!
  dependabot-python!
  dependabot-rust_toolchain!
  dependabot-silent!
  dependabot-swift!
  dependabot-terraform!
  dependabot-uv!
  dependabot-vcpkg!
  flamegraph (~> 0.9)
  gpgme (~> 2.0)
  http (~> 5.3)
  octokit (~> 7.2)
  opentelemetry-exporter-otlp (~> 0.31)
  opentelemetry-exporter-otlp-logs (~> 0.2)
  opentelemetry-exporter-otlp-metrics (~> 0.6)
  opentelemetry-instrumentation-excon (~> 0.25)
  opentelemetry-instrumentation-faraday (~> 0.26)
  opentelemetry-instrumentation-http (~> 0.24)
  opentelemetry-instrumentation-net_http (~> 0.23)
  opentelemetry-logs-sdk (~> 0.4)
  opentelemetry-metrics-sdk (~> 0.10)
  opentelemetry-sdk (~> 1.10)
  rake (~> 13.2)
  rspec (~> 3.12)
  rspec-its (~> 1.3)
  rspec-sorbet (~> 1.9)
  rubocop (~> 1.80)
  rubocop-performance (~> 1.26)
  rubocop-rspec (~> 3.7)
  rubocop-sorbet (~> 0.10)
  sentry-opentelemetry (~> 5.28)
  sentry-ruby (~> 5.23)
  simplecov (~> 0.22)
  terminal-table (~> 3.0)
  turbo_tests (~> 2.2.5)
  vcr (~> 6.1)
  webmock (~> 3.25)
  webrick (~> 1.9)
  zeitwerk (~> 2.7)

CHECKSUMS
  addressable (2.8.7) sha256=462986537cf3735ab5f3c0f557f14155d778f4b43ea4f485a9deb9c8f7c58232
  ast (2.4.2) sha256=1e280232e6a33754cde542bc5ef85520b74db2aac73ec14acef453784447cc12
  aws-eventstream (1.4.0) sha256=116bf85c436200d1060811e6f5d2d40c88f65448f2125bc77ffce5121e6e183b
  aws-partitions (1.1174.0) sha256=40e58abd528fa3e2b2c177ccb2c53bab1d4b7fc565653699bf9ae996c85f40ac
  aws-sdk-codecommit (1.90.0) sha256=e044afa8dd6ea24cf92416195045f6c6c67a581538b98e7db3525a7c80a4335e
  aws-sdk-core (3.233.0) sha256=798db4e867d15dceb6504317867fc8013042984988199600c78e310d0058018a
  aws-sdk-ecr (1.110.0) sha256=9c58992c96e9b522deb86421d0fd8ee39d3e327130165495f00b79dfe11f75ff
  aws-sigv4 (1.12.1) sha256=6973ff95cb0fd0dc58ba26e90e9510a2219525d07620c8babeb70ef831826c00
  base64 (0.2.0) sha256=0f25e9b21a02a0cc0cea8ef92b2041035d39350946e8789c562b2d1a3da01507
  bigdecimal (3.3.1) sha256=eaa01e228be54c4f9f53bf3cc34fe3d5e845c31963e7fcc5bedb05a4e7d52218
  citrus (3.0.2) sha256=4ec2412fc389ad186735f4baee1460f7900a8e130ffe3f216b30d4f9c684f650
  commonmarker (2.5.0) sha256=fc84f9e01b271298691a7cfc298cbbaadb893395dc92e9b51644675abff248b5
  commonmarker (2.5.0-aarch64-linux) sha256=5812585cbd6081483331a750b0227cd0b6d951b76103bab10ee116aa58d7e526
  commonmarker (2.5.0-aarch64-linux-musl) sha256=b72636814379033e20d77433f8a0df6c3446fbd9557ba029445d59c53cd693af
  commonmarker (2.5.0-x86_64-linux) sha256=9b0d79a883a5df132291c181253cbe31254e6c5c6f131dc7e7a321f872b10db9
  commonmarker (2.5.0-x86_64-linux-musl) sha256=3ac20d8de38260d02306e3a539b90d136818998bcfb203114f7054ad7fdb7b37
  concurrent-ruby (1.3.5) sha256=813b3e37aca6df2a21a3b9f1d497f8cbab24a2b94cab325bffe65ee0f6cbebc6
  crack (1.0.0) sha256=c83aefdb428cdc7b66c7f287e488c796f055c0839e6e545fec2c7047743c4a49
  csv (3.3.0) sha256=0bbd1defdc31134abefed027a639b3723c2753862150f4c3ee61cab71b20d67d
  date (3.4.1) sha256=bf268e14ef7158009bfeaec40b5fa3c7271906e88b196d958a89d4b408abe64f
  debug (1.9.2) sha256=48e026c0852c7a10c60263e2e527968308958e266231e36d64e3efcabec7e7fc
  dependabot-bun (0.341.0)
  dependabot-bundler (0.341.0)
  dependabot-cargo (0.341.0)
  dependabot-common (0.341.0)
  dependabot-composer (0.341.0)
  dependabot-conda (0.341.0)
  dependabot-devcontainers (0.341.0)
  dependabot-docker (0.341.0)
  dependabot-docker_compose (0.341.0)
  dependabot-dotnet_sdk (0.341.0)
  dependabot-elm (0.341.0)
  dependabot-git_submodules (0.341.0)
  dependabot-github_actions (0.341.0)
  dependabot-go_modules (0.341.0)
  dependabot-gradle (0.341.0)
  dependabot-helm (0.341.0)
  dependabot-hex (0.341.0)
  dependabot-julia (0.341.0)
  dependabot-maven (0.341.0)
  dependabot-npm_and_yarn (0.341.0)
  dependabot-nuget (0.341.0)
  dependabot-pub (0.341.0)
  dependabot-python (0.341.0)
  dependabot-rust_toolchain (0.341.0)
  dependabot-silent (0.341.0)
  dependabot-swift (0.341.0)
  dependabot-terraform (0.341.0)
  dependabot-uv (0.341.0)
  dependabot-vcpkg (0.341.0)
  diff-lcs (1.5.1) sha256=273223dfb40685548436d32b4733aa67351769c7dea621da7d9dd4813e63ddfe
  docile (1.4.0) sha256=5f1734bde23721245c20c3d723e76c104208e1aa01277a69901ce770f0ebb8d3
  docker_registry2 (1.18.2) sha256=2ace909110fbca29d69dd1cdec99f555024aa6f6577798638139c8e8e556910f
  domain_name (0.6.20240107) sha256=5f693b2215708476517479bf2b3802e49068ad82167bcd2286f899536a17d933
  excon (1.3.0) sha256=d83d3bc2a46a74f969406071e0acc32971381a01d7382a79fa75529fb28046be
  faraday (2.14.0) sha256=8699cfe5d97e55268f2596f9a9d5a43736808a943714e3d9a53e6110593941cd
  faraday-net_http (3.4.1) sha256=095757fae7872b94eac839c08a1a4b8d84fd91d6886cfbe75caa2143de64ab3b
  faraday-retry (2.3.2) sha256=2402d2029032ebd238a2046221e67f6ef0da78c5a8ce8cd4f8b9c62e4d6451d1
  ffi (1.17.2) sha256=297235842e5947cc3036ebe64077584bff583cd7a4e94e9a02fdec399ef46da6
  ffi (1.17.2-aarch64-linux-gnu) sha256=c910bd3cae70b76690418cce4572b7f6c208d271f323d692a067d59116211a1a
  ffi (1.17.2-aarch64-linux-musl) sha256=69e6556b091d45df83e6c3b19d3c54177c206910965155a6ec98de5e893c7b7c
  ffi (1.17.2-arm-linux-gnu) sha256=d4a438f2b40224ae42ec72f293b3ebe0ba2159f7d1bd47f8417e6af2f68dbaa5
  ffi (1.17.2-arm-linux-musl) sha256=977dfb7f3a6381206dbda9bc441d9e1f9366bf189a634559c3b7c182c497aaa3
  ffi (1.17.2-arm64-darwin) sha256=54dd9789be1d30157782b8de42d8f887a3c3c345293b57ffb6b45b4d1165f813
  ffi (1.17.2-x86-linux-gnu) sha256=95d8f9ebea23c39888e2ab85a02c98f54acb2f4e79b829250d7267ce741dc7b0
  ffi (1.17.2-x86-linux-musl) sha256=41741449bab2b9530f42a47baa5c26263925306fad0ac2d60887f51af2e3b24c
  ffi (1.17.2-x86_64-darwin) sha256=981f2d4e32ea03712beb26e55e972797c2c5a7b0257955d8667ba58f2da6440e
  ffi (1.17.2-x86_64-linux-gnu) sha256=05d2026fc9dbb7cfd21a5934559f16293815b7ce0314846fee2ac8efbdb823ea
  ffi (1.17.2-x86_64-linux-musl) sha256=97c0eb3981414309285a64dc4d466bd149e981c279a56371ef811395d68cb95c
  ffi-compiler (1.3.2) sha256=a94f3d81d12caf5c5d4ecf13980a70d0aeaa72268f3b9cc13358bcc6509184a0
  flamegraph (0.9.5) sha256=a683020637ffa0e14a72640fa41babf14d926bfeaed87e31907cfd06ab2de8dc
  gitlab (5.1.0) sha256=021c27807a98f379c0cfeda459327c026d3756dbd6531dc1479f0e3df03572c7
  google-protobuf (4.33.0) sha256=a4918b45bea5889c38fb82da83a5175209600f9c17fb1698be30d635696b3526
  google-protobuf (4.33.0-aarch64-linux-gnu) sha256=ac1c9b2e9ea4d3ef7cc04b10a2d783390c6bf3e6626a2223bcbb6830759b209c
  google-protobuf (4.33.0-aarch64-linux-musl) sha256=a9440136805b61e2d22b3c89d68c852861bc523da721bb763b25ce896638cb83
  google-protobuf (4.33.0-arm64-darwin) sha256=def1bc3b176785cf9cc806db5d392ff6c66fcaa1ce1da7dbfa3c1f5f4613fb97
  google-protobuf (4.33.0-x86-linux-gnu) sha256=3cb1eb83af5ce020453a15fb041a28374c1d947d83113b963f4f995e5add04c3
  google-protobuf (4.33.0-x86-linux-musl) sha256=42b84ff99be8150a35ee1025cfa9b68dc845f0a7b84b071ffcd7505252bfe52a
  google-protobuf (4.33.0-x86_64-darwin) sha256=4b486c10bfb99de5844cc30fab492b1050285651877f41845e38dbcfc228c56e
  google-protobuf (4.33.0-x86_64-linux-gnu) sha256=02782270835a6ee35e6abdba478614c8664c9cb793e574cebf4bbf16467479ca
  google-protobuf (4.33.0-x86_64-linux-musl) sha256=16ea36bb0ac3e4a734c22fec5deee0985417520d7013b2cd1be1e395b029204a
  googleapis-common-protos-types (1.22.0) sha256=f97492b77bd6da0018c860d5004f512fe7cd165554d7019a8f4df6a56fbfc4c7
  gpgme (2.0.25) sha256=9242408b28720513145deb6150f25f5fe5149f3728ebaea635050cc3fc84dc34
  hashdiff (1.1.1) sha256=c7966316726e0ceefe9f5c6aef107ebc3ccfef8b6db55fe3934f046b2cf0936a
  http (5.3.1) sha256=c50802d8e9be3926cb84ac3b36d1a31fbbac383bc4cbecdce9053cb604231d7d
  http-accept (1.7.0) sha256=c626860682bfbb3b46462f8c39cd470fd7b0584f61b3cc9df5b2e9eb9972a126
  http-cookie (1.1.0) sha256=38a5e60d1527eebc396831b8c4b9455440509881219273a6c99943d29eadbb19
  http-form_data (2.3.0) sha256=cc4eeb1361d9876821e31d7b1cf0b68f1cf874b201d27903480479d86448a5f3
  httparty (0.22.0) sha256=78652a5c9471cf0093d3b2083c2295c9c8f12b44c65112f1846af2b71430fa6c
  io-console (0.8.0) sha256=cd6a9facbc69871d69b2cb8b926fc6ea7ef06f06e505e81a64f14a470fddefa2
  irb (1.12.0) sha256=07634937fbb7d28d07e46da50d0aa43b4d2f7258174d08de4e32dfb57c10539d
  jmespath (1.6.2) sha256=238d774a58723d6c090494c8879b5e9918c19485f7e840f2c1c7532cf84ebcb1
  json (2.11.3) sha256=9a10f658a2de67c0eb837eb795dd48132ce797c403e52b5ebef87dcdc7f9ccc1
  language_server-protocol (3.17.0.3) sha256=3d5c58c02f44a20d972957a9febe386d7e7468ab3900ce6bd2b563dd910c6b3f
  lint_roller (1.1.0) sha256=2c0c845b632a7d172cb849cc90c1bce937a28c5c8ccccb50dfd46a485003cc87
  llhttp-ffi (0.5.1) sha256=9a25a7fc19311f691a78c9c0ac0fbf4675adbd0cca74310228fdf841018fa7bc
  logger (1.7.0) sha256=196edec7cc44b66cfb40f9755ce11b392f21f7967696af15d274dde7edff0203
  mime-types (3.4.1) sha256=6bcf8b0e656b6ae9977bdc1351ef211d0383252d2f759a59ef4bcf254542fc46
  mime-types-data (3.2022.0105) sha256=d8c401ba9ea8b648b7145b90081789ec714e91fd625d82c5040079c5ea696f00
  mini_mime (1.1.5) sha256=8681b7e2e4215f2a159f9400b5816d85e9d8c6c6b491e96a12797e798f8bccef
  mini_portile2 (2.8.9) sha256=0cd7c7f824e010c072e33f68bc02d85a00aeb6fce05bb4819c03dfd3c140c289
  multi_xml (0.7.1) sha256=4fce100c68af588ff91b8ba90a0bb3f0466f06c909f21a32f4962059140ba61b
  net-http (0.6.0) sha256=9621b20c137898af9d890556848c93603716cab516dc2c89b01a38b894e259fb
  netrc (0.11.0) sha256=de1ce33da8c99ab1d97871726cba75151113f117146becbe45aa85cb3dabee3f
  nokogiri (1.18.10) sha256=d5cc0731008aa3b3a87b361203ea3d19b2069628cb55e46ac7d84a0445e69cc1
  nokogiri (1.18.10-aarch64-linux-gnu) sha256=7fb87235d729c74a2be635376d82b1d459230cc17c50300f8e4fcaabc6195344
  nokogiri (1.18.10-aarch64-linux-musl) sha256=7e74e58314297cc8a8f1b533f7212d1999dbe2639a9ee6d97b483ea2acc18944
  nokogiri (1.18.10-arm-linux-gnu) sha256=51f4f25ab5d5ba1012d6b16aad96b840a10b067b93f35af6a55a2c104a7ee322
  nokogiri (1.18.10-arm-linux-musl) sha256=1c6ea754e51cecc85c30ee8ab1e6aa4ce6b6e134d01717e9290e79374a9e00aa
  nokogiri (1.18.10-arm64-darwin) sha256=c2b0de30770f50b92c9323fa34a4e1cf5a0af322afcacd239cd66ee1c1b22c85
  nokogiri (1.18.10-x86_64-darwin) sha256=536e74bed6db2b5076769cab5e5f5af0cd1dccbbd75f1b3e1fa69d1f5c2d79e2
  nokogiri (1.18.10-x86_64-linux-gnu) sha256=ff5ba26ba2dbce5c04b9ea200777fd225061d7a3930548806f31db907e500f72
  nokogiri (1.18.10-x86_64-linux-musl) sha256=0651fccf8c2ebbc2475c8b1dfd7ccac3a0a6d09f8a41b72db8c21808cb483385
  octokit (7.2.0) sha256=7032d968d03177ee7a29e3bd4782fc078215cca4743db0dfc66a49feb9411907
  opentelemetry-api (1.7.0) sha256=ccfd264ea6f2db5bf4185e3c07a1297977b44a944e2ce65457c4fe63a697214f
  opentelemetry-common (0.23.0) sha256=da721190479d57bae0ad2207468f47f3e2c3b9a91024b5bc32c9d280183eb32c
  opentelemetry-exporter-otlp (0.31.0) sha256=eb92fe8c5b0f11f7a1c2c15b0964249c80f3ef852b5c9032f9fe0cf52d1ffb98
  opentelemetry-exporter-otlp-logs (0.2.2) sha256=23b79e339a46edb0f54447dd40bb40202e765183bd241032335df6ec188d6fcc
  opentelemetry-exporter-otlp-metrics (0.6.1) sha256=70ae2b8aeec4efab21de16eb94c1b2428344d6ab62e9c43d024fa57e04781281
  opentelemetry-instrumentation-base (0.24.0) sha256=38bc93fcb399bd3b06dcb04395ca617576de16cd1acc26594aec17529b2a0dab
  opentelemetry-instrumentation-excon (0.25.2) sha256=e1f3e7e6a6f83c2beab067a942fa9e6be6e7884d66436d784ca9eb268687d692
  opentelemetry-instrumentation-faraday (0.29.1) sha256=b25b5ccce6380dabcf98b4fabb0b2e2f76d4e3b79b05b4c563dd357b7fdfd625
  opentelemetry-instrumentation-http (0.26.1) sha256=f018c4f4285fc00ab7bce67a5ca94a76c2fde5d560dd089fb01ee0b0a30a4d31
  opentelemetry-instrumentation-net_http (0.25.1) sha256=43eabc848aa800872ffc36dcb0c4ce72740b7ccdd4125f03a983e3cd21ec27af
  opentelemetry-logs-api (0.2.0) sha256=0e9241b9b53a315101a6a5f2efbfa80278a0d39f9220915871f8d6057c39b117
  opentelemetry-logs-sdk (0.4.0) sha256=860a5a3916054bf8b37a8a0b565d7ebabc37691a7b505eb0d21b734619fe8074
  opentelemetry-metrics-api (0.4.0) sha256=37f8b8440d644ca94dfe6a9d69ad9f8da3745c810d24cd9ca950c739483b5fe0
  opentelemetry-metrics-sdk (0.10.0) sha256=da574ba9b9df854a06a4110928e4182c74014f96db7c2cb06803b6746d1314a3
  opentelemetry-registry (0.4.0) sha256=903fa6bfaa29eac1c1d73a4fdd29b850977b5353b84b8cdff11222c00ad2968f
  opentelemetry-sdk (1.10.0) sha256=43719949be8df24dcaeb86ebbf75636cda87d51a01af2729499b92a48b80521a
  opentelemetry-semantic_conventions (1.36.0) sha256=c1b1607dbc7853aac7f9e23f6e8b76969c45b07f2b812a4aa4383c19a3b0f617
  ostruct (0.6.3) sha256=95a2ed4a4bd1d190784e666b47b2d3f078e4a9efda2fccf18f84ddc6538ed912
  parallel (1.27.0) sha256=4ac151e1806b755fb4e2dc2332cbf0e54f2e24ba821ff2d3dcf86bf6dc4ae130
  parallel_tests (4.7.1) sha256=98ad977f5e5a28df77c0364504bdea21f0a2a9ea86eae238668fdfec341ab860
  parseconfig (1.1.2) sha256=e52247d15070fb47f9e58f44f7888d1e7f65775274cd60f9ab4b7acd7943b291
  parser (3.3.9.0) sha256=94d6929354b1a6e3e1f89d79d4d302cc8f5aa814431a6c9c7e0623335d7687f2
  prism (1.5.1) sha256=b40c1b76ccb9fcccc3d1553967cda6e79fa7274d8bfea0d98b15d27a6d187134
  psych (5.2.6) sha256=814328aa5dcb6d604d32126a20bc1cbcf05521a5b49dbb1a8b30a07e580f316e
  public_suffix (6.0.2) sha256=bfa7cd5108066f8c9602e0d6d4114999a5df5839a63149d3e8b0f9c1d3558394
  racc (1.8.1) sha256=4a7f6929691dbec8b5209a0b373bc2614882b55fc5d2e447a21aaa691303d62f
  rainbow (3.1.1) sha256=039491aa3a89f42efa1d6dec2fc4e62ede96eb6acd95e52f1ad581182b79bc6a
  rake (13.3.0) sha256=96f5092d786ff412c62fde76f793cc0541bd84d2eb579caa529aa8a059934493
  rake-compiler-dock (1.9.1) sha256=e73720a29aba9c114728ce39cc0d8eef69ba61d88e7978c57bac171724cd4d53
  rb_sys (0.9.117) sha256=755feaf6c640baceca7a9362dfb0ae87ff4ff16e3566d9ef86533896eb85cb59
  rdoc (6.6.3.1) sha256=39f7b749229ab5ad9d21c81586151c1dd7a549fa8be4070ee09b524f9c656345
  regexp_parser (2.11.3) sha256=ca13f381a173b7a93450e53459075c9b76a10433caadcb2f1180f2c741fc55a4
  reline (0.6.1) sha256=1afcc9d7cb1029cdbe780d72f2f09251ce46d3780050f3ec39c3ccc6b60675fb
  rest-client (2.1.0) sha256=35a6400bdb14fae28596618e312776c158f7ebbb0ccad752ff4fa142bf2747e3
  rexml (3.4.4) sha256=19e0a2c3425dfbf2d4fc1189747bdb2f849b6c5e74180401b15734bc97b5d142
  rspec (3.13.0) sha256=d490914ac1d5a5a64a0e1400c1d54ddd2a501324d703b8cfe83f458337bab993
  rspec-core (3.13.0) sha256=557792b4e88da883d580342b263d9652b6a10a12d5bda9ef967b01a48f15454c
  rspec-expectations (3.13.1) sha256=814cf8dadc797b00be55a84d7bc390c082735e5c914e62cbe8d0e19774b74200
  rspec-its (1.3.0) sha256=4da51040e7820daafd40f2f6216d13c90aa949f0d302a0412c9ef6074e73ea97
  rspec-mocks (3.13.1) sha256=087189899c337937bcf1d66a50dc3fc999ac88335bbeba4d385c2a38c87d7b38
  rspec-sorbet (1.9.2) sha256=28bf3969fa136ed22edd05b00d23aab52c276f2fcc89fccbb16b8fd0c48931c8
  rspec-support (3.13.1) sha256=48877d4f15b772b7538f3693c22225f2eda490ba65a0515c4e7cf6f2f17de70f
  rubocop (1.80.2) sha256=6485f30fefcf5c199db3b91e5e253b1ef43f7e564784e2315255809a3dd9abf4
  rubocop-ast (1.46.0) sha256=0da7f6ad5b98614f89b74f11873c191059c823eae07d6ffd40a42a3338f2232b
  rubocop-performance (1.26.0) sha256=7bb0d9d9fb2ea122bf6f9a596dd7cf9dc93ab4950923d26c4ae4f328cef71ca9
  rubocop-rspec (3.7.0) sha256=b7b214da112034db9c6d00f2d811a354847e870f7b6ed2482b29649c3d42058f
  rubocop-sorbet (0.10.5) sha256=221672c096616d908a06aadd5111bfaab6d3c990d2a1caf2714cdec6514f4795
  ruby-progressbar (1.13.0) sha256=80fc9c47a9b640d6834e0dc7b3c94c9df37f08cb072b7761e4a71e22cff29b33
  sawyer (0.9.2) sha256=fa3a72d62a4525517b18857ddb78926aab3424de0129be6772a8e2ba240e7aca
  sentry-opentelemetry (5.28.0) sha256=7121c180d74ac9ad3ed0f28e3e557c9943317222a660bd45c197ea30a07f602d
  sentry-ruby (5.28.0) sha256=745c1db3b85c765993dfeb941830aeafff82d85330cd953410c7f37197b0bd99
  simplecov (0.22.0) sha256=fe2622c7834ff23b98066bb0a854284b2729a569ac659f82621fc22ef36213a5
  simplecov-html (0.12.3) sha256=4b1aad33259ffba8b29c6876c12db70e5750cb9df829486e4c6e5da4fa0aa07b
  simplecov_json_formatter (0.1.4) sha256=529418fbe8de1713ac2b2d612aa3daa56d316975d307244399fa4838c601b428
  sorbet-runtime (0.6.12650) sha256=acd66d93c329392bc2f9c4ef373274d331b328ae0200c597629466054332a079
  stackprof (0.2.27) sha256=aff6d28656c852e74cf632cc2046f849033dc1dedffe7cb8c030d61b5745e80c
  stringio (3.1.7) sha256=5b78b7cb242a315fb4fca61a8255d62ec438f58da2b90be66048546ade4507fa
  terminal-table (3.0.2) sha256=f951b6af5f3e00203fb290a669e0a85c5dd5b051b3b023392ccfd67ba5abae91
  toml-rb (4.0.0) sha256=bc997a4114c94a65dd5287aa4784ef36cff2c80ec2ecb5980fe7d674f8ed37ea
  turbo_tests (2.2.5) sha256=3fa31497d12976d11ccc298add29107b92bda94a90d8a0a5783f06f05102509f
  unicode-display_width (2.6.0) sha256=12279874bba6d5e4d2728cef814b19197dbb10d7a7837a869bab65da943b7f5a
  uri (1.0.4) sha256=34485d137c079f8753a0ca1d883841a7ba2e5fae556e3c30c2aab0dde616344b
  vcr (6.3.1) sha256=37b56e157e720446a3f4d2d39919cabef8cb7b6c45936acffd2ef8229fec03ed
  webmock (3.25.1) sha256=ab9d5d9353bcbe6322c83e1c60a7103988efc7b67cd72ffb9012629c3d396323
  webrick (1.9.1) sha256=b42d3c94f166f3fb73d87e9b359def9b5836c426fc8beacf38f2184a21b2a989
  zeitwerk (2.7.3) sha256=b2e86b4a9b57d26ba68a15230dcc7fe6f040f06831ce64417b0621ad96ba3e85

BUNDLED WITH
   2.6.9
