GEM
  remote: https://rubygems.org/
  specs:
    diff-lcs (1.3)
    rspec-mocks (3.6.0)
      diff-lcs (>= 1.2.0, < 2.0)
      rspec-support (~> 3.6.0)
    rspec-support (3.6.0)

PLATFORMS
  ruby

DEPENDENCIES
  rspec-mocks
  rspec-support

BUNDLED WITH
   2.2.0
