GEM
  remote: https://rubygems.org/
  specs:
    business (1.4.0)
    statesman (1.2.1)

PLATFORMS
  ruby

DEPENDENCIES
  bundler (~> 1.15.0)
  business (~> 1.4.0)
  statesman (~> 1.2.0)

BUNDLED WITH
   1.15.4
