PATH
  remote: vendor/gems/statesman-4.1.1
  specs:
    statesman (4.1.1)

GEM
  remote: https://rubygems.org/
  specs:
    business (1.4.0)

PLATFORMS
  ruby

DEPENDENCIES
  business (~> 1.4.0)
  statesman (= 4.1.1)!

BUNDLED WITH
   1.17.3
