PATH
  remote: .
  specs:
    library (1.0.0)
      rack (~> 2.1.4)
      rubocop (~> 0.76.0)
      toml-rb (~> 2.2.0)

GEM
  remote: https://rubygems.org/
  specs:
    ast (2.4.2)
    citrus (3.0.2)
    jaro_winkler (1.5.4)
    parallel (1.23.0)
    parser (3.2.2.1)
      ast (~> 2.4.1)
    rack (2.1.4.3)
    rainbow (3.1.1)
    rubocop (0.76.0)
      jaro_winkler (~> 1.5.1)
      parallel (~> 1.10)
      parser (>= 2.6)
      rainbow (>= 2.2.2, < 4.0)
      ruby-progressbar (~> 1.7)
      unicode-display_width (>= 1.4.0, < 1.7)
    ruby-progressbar (1.13.0)
    toml-rb (2.2.0)
      citrus (~> 3.0, > 3.0)
    unicode-display_width (1.6.1)

PLATFORMS
  ruby

DEPENDENCIES
  library!

BUNDLED WITH
   2.4.11
