GEM
  remote: https://rubygems.org/
  specs:
    public_suffix (1.4.0)

PLATFORMS
  ruby

DEPENDENCIES
  public_suffix

RUBY VERSION
   ruby 1.9.3p551

BUNDLED WITH
   2.2.0
