PATH
  remote: .
  specs:
    example (0.9.3)
      business (~> 1.0)
    example2 (0.9.3)
      statesman (~> 1.0)

GEM
  remote: https://rubygems.org/
  specs:
    business (1.13.0)
    statesman (1.3.1)

PLATFORMS
  ruby

DEPENDENCIES
  example!
  example2!

BUNDLED WITH
   1.16.1
