GEM
  remote: https://rubygems.org/
  specs:
    business (1.4.0)
    statesman (1.2.1)

PLATFORMS
  ruby

DEPENDENCIES
  business
  statesman

BUNDLED WITH
   2.2.0
