GEM
  remote: https://rubygems.org/
  specs:
    business (1.4.0)

PLATFORMS
  ruby

DEPENDENCIES
  business (~> 1.4.0)

BUNDLED WITH
   2.2.10
