GEM
  remote: https://rubygems.org/
  specs:
    json (1.4.3-java)

PLATFORMS
  java

DEPENDENCIES
  json

BUNDLED WITH
   2.2.0
