GEM
  remote: https://rubygems.org/
  specs:
    i18n (0.4.2)

PLATFORMS
  ruby

DEPENDENCIES
  i18n (~> 0.4.0)

BUNDLED WITH
   2.2.0
