PATH
  remote: vendor/couchrb
  specs:
    couchrb (0.9.0)
      ice_nine

PATH
  remote: vendor/net-imap
  specs:
    net-imap (0.3.3)

GEM
  remote: https://rubygems.org/
  specs:
    ice_nine (0.11.1)

PLATFORMS
  ruby

DEPENDENCIES
  couchrb!
  net-imap!

BUNDLED WITH
   2.3.26
