GIT
  remote: https://github.com/dependabot-fixtures/prius
  revision: cff701b3bfb182afc99a85657d7c9f3d6c1ccce2
  specs:
    prius (1.0.0)

PATH
  remote: plugins/example
  specs:
    example (0.9.3)
      i18n (>= 0.3.3)

GEM
  remote: https://rubygems.org/
  specs:
    business (1.4.0)
    i18n (0.8.4)
    statesman (1.2.5)

PLATFORMS
  ruby

DEPENDENCIES
  business (~> 1.4.0)
  example (>= 0.9.0)!
  prius!
  statesman (~> 1.2.0)

BUNDLED WITH
   1.15.1
