GEM
  remote: https://rubygems.org/
  remote: https://rubygems.pkg.github.com/dsp-testing
  specs:
    business (1.4.0)
    prius (1.0.0)
    statesman (1.2.1)

PLATFORMS
  ruby

DEPENDENCIES
  business (~> 1.4.0)
  prius!
  statesman (~> 1.2.0)

BUNDLED WITH
   1.10.6
