GEM
  remote: https://rubygems.org/
  specs:
    navbar
  
