GIT
  remote: git@github.com:dependabot-fixtures/ruby-dummy-git-dependency.git
  revision: 20151f9b67c8a04461fa0ee28385b6187b86587b
  ref: v1.0.0
  specs:
    dummy-git-dependency (1.0.0)

GEM
  remote: https://rubygems.org/
  specs:
    dummy-pkg-a (2.0.0)
    dummy-pkg-b (1.1.0)
      dummy-pkg-a (~> 2.0)

PLATFORMS
  aarch64-linux
  x86_64-darwin
  x86_64-linux

DEPENDENCIES
  dummy-git-dependency!
  dummy-pkg-a (~> 2.0.0)
  dummy-pkg-b (~> 1.1.0)

BUNDLED WITH
   2.4.13
