GIT
  remote: git@github.com:dependabot-fixtures/business
  revision: a1b78a929dac93a52f08db4f2847d76d6cfe39bd
  ref: a1b78a9
  specs:
    business (1.6.0)

GIT
  remote: git@github.com:dependabot-fixtures/que
  revision: 997d1a6ee76a1f254fd72ce16acbc8d347fcaee3
  tag: v0.11.6
  specs:
    que (0.11.6)

GIT
  remote: https://github.com/dependabot-fixtures/uk_phone_numbers
  revision: 1530024bd6a68d36ac18e04836ce110e0d433c36
  specs:
    uk_phone_numbers (0.1.1)

GIT
  remote: https://github.com/dependabot-fixtures/prius
  revision: cff701b3bfb182afc99a85657d7c9f3d6c1ccce2
  specs:
    prius (1.0.0)

GEM
  remote: https://rubygems.org/
  specs:
    statesman (1.2.5)

PLATFORMS
  ruby

DEPENDENCIES
  business (~> 1.6.0)!
  prius!
  que!
  statesman (~> 1.2.0)
  uk_phone_numbers!

BUNDLED WITH
   2.2.0
